STORAGE: NONE
RESTRICTION: || (== net45) (== net452) (== net46) (== net462) (== netcoreapp2.2) (== netcoreapp3.1) (== netstandard1.6) (== netstandard2.0)
NUGET
  remote: https://www.nuget.org/api/v2
    BenchmarkDotNet (0.12.1)
      BenchmarkDotNet.Annotations (>= 0.12.1) - restriction: || (&& (== net45) (>= netstandard2.0)) (&& (== net452) (>= netstandard2.0)) (&& (== net46) (>= netstandard2.0)) (&& (== net462) (>= netstandard2.0)) (== netcoreapp2.2) (== netcoreapp3.1) (&& (== netstandard1.6) (>= netstandard2.0)) (== netstandard2.0)
      CommandLineParser (>= 2.4.3) - restriction: || (&& (== net45) (>= netstandard2.0)) (&& (== net452) (>= netstandard2.0)) (&& (== net46) (>= netstandard2.0)) (&& (== net462) (>= netstandard2.0)) (== netcoreapp2.2) (== netcoreapp3.1) (&& (== netstandard1.6) (>= netstandard2.0)) (== netstandard2.0)
      Iced (>= 1.4) - restriction: || (&& (== net45) (>= netstandard2.0)) (&& (== net452) (>= netstandard2.0)) (&& (== net46) (>= netstandard2.0)) (&& (== net462) (>= netstandard2.0)) (== netcoreapp2.2) (== netcoreapp3.1) (&& (== netstandard1.6) (>= netstandard2.0)) (== netstandard2.0)
      Microsoft.CodeAnalysis.CSharp (>= 2.10) - restriction: || (&& (== net45) (>= netstandard2.0)) (&& (== net452) (>= netstandard2.0)) (&& (== net46) (>= netstandard2.0)) (&& (== net462) (>= netstandard2.0)) (== netcoreapp2.2) (== netcoreapp3.1) (&& (== netstandard1.6) (>= netstandard2.0)) (== netstandard2.0)
      Microsoft.Diagnostics.NETCore.Client (>= 0.2.61701) - restriction: || (&& (== net45) (>= netstandard2.0)) (&& (== net452) (>= netstandard2.0)) (&& (== net46) (>= netstandard2.0)) (&& (== net462) (>= netstandard2.0)) (== netcoreapp2.2) (== netcoreapp3.1) (&& (== netstandard1.6) (>= netstandard2.0)) (== netstandard2.0)
      Microsoft.Diagnostics.Runtime (>= 1.1.57604) - restriction: || (&& (== net45) (>= netstandard2.0)) (&& (== net452) (>= netstandard2.0)) (&& (== net46) (>= netstandard2.0)) (&& (== net462) (>= netstandard2.0)) (== netcoreapp2.2) (== netcoreapp3.1) (&& (== netstandard1.6) (>= netstandard2.0)) (== netstandard2.0)
      Microsoft.Diagnostics.Tracing.TraceEvent (>= 2.0.49) - restriction: || (&& (== net45) (>= netstandard2.0)) (&& (== net452) (>= netstandard2.0)) (&& (== net46) (>= netstandard2.0)) (&& (== net462) (>= netstandard2.0)) (== netcoreapp2.2) (== netcoreapp3.1) (&& (== netstandard1.6) (>= netstandard2.0)) (== netstandard2.0)
      Microsoft.DotNet.PlatformAbstractions (>= 2.1) - restriction: || (&& (== net45) (>= netstandard2.0)) (&& (== net452) (>= netstandard2.0)) (&& (== net46) (>= netstandard2.0)) (&& (== net462) (>= netstandard2.0)) (== netcoreapp2.2) (== netcoreapp3.1) (&& (== netstandard1.6) (>= netstandard2.0)) (== netstandard2.0)
      Microsoft.Win32.Registry (>= 4.5) - restriction: || (&& (== net45) (>= netstandard2.0)) (&& (== net452) (>= netstandard2.0)) (&& (== net46) (>= netstandard2.0)) (&& (== net462) (>= netstandard2.0)) (== netcoreapp2.2) (== netcoreapp3.1) (&& (== netstandard1.6) (>= netstandard2.0)) (== netstandard2.0)
      Perfolizer (>= 0.2.1) - restriction: || (&& (== net45) (>= netstandard2.0)) (&& (== net452) (>= netstandard2.0)) (&& (== net46) (>= netstandard2.0)) (&& (== net462) (>= netstandard2.0)) (== netcoreapp2.2) (== netcoreapp3.1) (&& (== netstandard1.6) (>= netstandard2.0)) (== netstandard2.0)
      System.Management (>= 4.5) - restriction: || (&& (== net45) (>= netstandard2.0)) (&& (== net452) (>= netstandard2.0)) (&& (== net46) (>= netstandard2.0)) (&& (== net462) (>= netstandard2.0)) (== netcoreapp2.2) (== netcoreapp3.1) (&& (== netstandard1.6) (>= netstandard2.0)) (== netstandard2.0)
      System.Reflection.Emit (>= 4.3) - restriction: || (&& (== net45) (>= netstandard2.0)) (&& (== net452) (>= netstandard2.0)) (&& (== net46) (>= netstandard2.0)) (&& (== net462) (>= netstandard2.0)) (== netcoreapp2.2) (== netcoreapp3.1) (&& (== netstandard1.6) (>= netstandard2.0)) (== netstandard2.0)
      System.Reflection.Emit.Lightweight (>= 4.3) - restriction: || (&& (== net45) (>= netstandard2.0)) (&& (== net452) (>= netstandard2.0)) (&& (== net46) (>= netstandard2.0)) (&& (== net462) (>= netstandard2.0)) (== netcoreapp2.2) (== netcoreapp3.1) (&& (== netstandard1.6) (>= netstandard2.0)) (== netstandard2.0)
      System.Threading.Tasks.Extensions (>= 4.5.2) - restriction: || (&& (== net45) (>= netstandard2.0)) (&& (== net452) (>= netstandard2.0)) (&& (== net46) (>= netstandard2.0)) (&& (== net462) (>= netstandard2.0)) (== netcoreapp2.2) (== netcoreapp3.1) (&& (== netstandard1.6) (>= netstandard2.0)) (== netstandard2.0)
      System.ValueTuple (>= 4.5) - restriction: || (&& (== net45) (>= netstandard2.0)) (&& (== net452) (>= netstandard2.0)) (&& (== net46) (>= netstandard2.0)) (&& (== net462) (>= netstandard2.0)) (== netcoreapp2.2) (== netcoreapp3.1) (&& (== netstandard1.6) (>= netstandard2.0)) (== netstandard2.0)
    BenchmarkDotNet.Annotations (0.12.1) - restriction: || (&& (== net45) (>= netstandard2.0)) (&& (== net452) (>= netstandard2.0)) (&& (== net46) (>= netstandard2.0)) (&& (== net462) (>= netstandard2.0)) (== netcoreapp2.2) (== netcoreapp3.1) (&& (== netstandard1.6) (>= netstandard2.0)) (== netstandard2.0)
    CommandLineParser (2.5) - restriction: || (&& (== net45) (>= netstandard2.0)) (&& (== net452) (>= netstandard2.0)) (&& (== net46) (>= netstandard2.0)) (&& (== net462) (>= netstandard2.0)) (== netcoreapp2.2) (== netcoreapp3.1) (&& (== netstandard1.6) (>= netstandard2.0)) (== netstandard2.0)
    Iced (1.8) - restriction: || (&& (== net45) (>= netstandard2.0)) (&& (== net452) (>= netstandard2.0)) (&& (== net46) (>= netstandard2.0)) (&& (== net462) (>= netstandard2.0)) (== netcoreapp2.2) (== netcoreapp3.1) (&& (== netstandard1.6) (>= netstandard2.0)) (== netstandard2.0)
    K4os.Hash.xxHash (1.0.6)
      NETStandard.Library (>= 1.6.1) - restriction: || (&& (== net452) (< net45) (>= netstandard1.6)) (&& (== net46) (< net45) (>= netstandard1.6)) (&& (== net462) (< net45) (>= netstandard1.6)) (&& (== netcoreapp2.2) (< netstandard2.0)) (&& (== netcoreapp3.1) (< netstandard2.0)) (== netstandard1.6)
      System.Memory (>= 4.5.3)
    lz4net (1.0.15.93)
      lz4net.unsafe.netcore (1.0.15.93) - restriction: || (&& (== net45) (< net20)) (&& (== net452) (< net20)) (&& (== net46) (< net20)) (&& (== net462) (< net20)) (== netcoreapp2.2) (== netcoreapp3.1) (== netstandard1.6) (== netstandard2.0)
      NETStandard.Library (>= 1.6.1) - restriction: || (&& (== net45) (< net20)) (&& (== net452) (< net20)) (&& (== net46) (< net20)) (&& (== net462) (< net20)) (== netcoreapp2.2) (== netcoreapp3.1) (== netstandard1.6) (== netstandard2.0)
    lz4net.unsafe.netcore (1.0.15.93) - restriction: || (&& (== net45) (< net20)) (&& (== net452) (< net20)) (&& (== net46) (< net20)) (&& (== net462) (< net20)) (== netcoreapp2.2) (== netcoreapp3.1) (== netstandard1.6) (== netstandard2.0)
      NETStandard.Library (>= 1.6.1)
    Microsoft.CodeAnalysis.Analyzers (2.9.3) - restriction: || (&& (== net45) (>= netstandard2.0)) (&& (== net452) (>= netstandard2.0)) (&& (== net46) (>= netstandard2.0)) (&& (== net462) (>= netstandard2.0)) (== netcoreapp2.2) (== netcoreapp3.1) (&& (== netstandard1.6) (>= netstandard2.0)) (== netstandard2.0)
    Microsoft.CodeAnalysis.Common (3.1) - restriction: || (&& (== net45) (>= netstandard2.0)) (&& (== net452) (>= netstandard2.0)) (&& (== net46) (>= netstandard2.0)) (&& (== net462) (>= netstandard2.0)) (== netcoreapp2.2) (== netcoreapp3.1) (&& (== netstandard1.6) (>= netstandard2.0)) (== netstandard2.0)
      Microsoft.CodeAnalysis.Analyzers (>= 2.6.2-beta2) - restriction: || (&& (== net45) (>= netstandard2.0)) (&& (== net452) (>= netstandard2.0)) (&& (== net46) (>= netstandard2.0)) (&& (== net462) (>= netstandard2.0)) (== netcoreapp2.2) (== netcoreapp3.1) (&& (== netstandard1.6) (>= netstandard2.0)) (== netstandard2.0)
      System.Collections.Immutable (>= 1.5) - restriction: || (&& (== net45) (>= netstandard2.0)) (&& (== net452) (>= netstandard2.0)) (&& (== net46) (>= netstandard2.0)) (&& (== net462) (>= netstandard2.0)) (== netcoreapp2.2) (== netcoreapp3.1) (&& (== netstandard1.6) (>= netstandard2.0)) (== netstandard2.0)
      System.Memory (>= 4.5.2) - restriction: || (&& (== net45) (>= netstandard2.0)) (&& (== net452) (>= netstandard2.0)) (&& (== net46) (>= netstandard2.0)) (&& (== net462) (>= netstandard2.0)) (== netcoreapp2.2) (== netcoreapp3.1) (&& (== netstandard1.6) (>= netstandard2.0)) (== netstandard2.0)
      System.Reflection.Metadata (>= 1.6) - restriction: || (&& (== net45) (>= netstandard2.0)) (&& (== net452) (>= netstandard2.0)) (&& (== net46) (>= netstandard2.0)) (&& (== net462) (>= netstandard2.0)) (== netcoreapp2.2) (== netcoreapp3.1) (&& (== netstandard1.6) (>= netstandard2.0)) (== netstandard2.0)
      System.Runtime.CompilerServices.Unsafe (>= 4.5.2) - restriction: || (&& (== net45) (>= netstandard2.0)) (&& (== net452) (>= netstandard2.0)) (&& (== net46) (>= netstandard2.0)) (&& (== net462) (>= netstandard2.0)) (== netcoreapp2.2) (== netcoreapp3.1) (&& (== netstandard1.6) (>= netstandard2.0)) (== netstandard2.0)
      System.Text.Encoding.CodePages (>= 4.5.1) - restriction: || (&& (== net45) (>= netstandard2.0)) (&& (== net452) (>= netstandard2.0)) (&& (== net46) (>= netstandard2.0)) (&& (== net462) (>= netstandard2.0)) (== netcoreapp2.2) (== netcoreapp3.1) (&& (== netstandard1.6) (>= netstandard2.0)) (== netstandard2.0)
      System.Threading.Tasks.Extensions (>= 4.5.2) - restriction: || (&& (== net45) (>= netstandard2.0)) (&& (== net452) (>= netstandard2.0)) (&& (== net46) (>= netstandard2.0)) (&& (== net462) (>= netstandard2.0)) (== netcoreapp2.2) (== netcoreapp3.1) (&& (== netstandard1.6) (>= netstandard2.0)) (== netstandard2.0)
    Microsoft.CodeAnalysis.CSharp (3.1) - restriction: || (&& (== net45) (>= netstandard2.0)) (&& (== net452) (>= netstandard2.0)) (&& (== net46) (>= netstandard2.0)) (&& (== net462) (>= netstandard2.0)) (== netcoreapp2.2) (== netcoreapp3.1) (&& (== netstandard1.6) (>= netstandard2.0)) (== netstandard2.0)
      Microsoft.CodeAnalysis.Common (3.1) - restriction: || (&& (== net45) (>= netstandard2.0)) (&& (== net452) (>= netstandard2.0)) (&& (== net46) (>= netstandard2.0)) (&& (== net462) (>= netstandard2.0)) (== netcoreapp2.2) (== netcoreapp3.1) (&& (== netstandard1.6) (>= netstandard2.0)) (== netstandard2.0)
    Microsoft.Diagnostics.NETCore.Client (0.2.137102) - restriction: || (&& (== net45) (>= netstandard2.0)) (&& (== net452) (>= netstandard2.0)) (&& (== net46) (>= netstandard2.0)) (&& (== net462) (>= netstandard2.0)) (== netcoreapp2.2) (== netcoreapp3.1) (&& (== netstandard1.6) (>= netstandard2.0)) (== netstandard2.0)
    Microsoft.Diagnostics.Runtime (2.0.137201) - restriction: || (&& (== net45) (>= netstandard2.0)) (&& (== net452) (>= netstandard2.0)) (&& (== net46) (>= netstandard2.0)) (&& (== net462) (>= netstandard2.0)) (== netcoreapp2.2) (== netcoreapp3.1) (&& (== netstandard1.6) (>= netstandard2.0)) (== netstandard2.0)
      Microsoft.Diagnostics.NETCore.Client (>= 0.2.61701) - restriction: || (&& (== net45) (>= net461)) (&& (== net45) (>= netstandard2.0)) (&& (== net452) (>= net461)) (&& (== net452) (>= netstandard2.0)) (&& (== net46) (>= net461)) (&& (== net46) (>= netstandard2.0)) (== net462) (== netcoreapp2.2) (== netcoreapp3.1) (&& (== netstandard1.6) (>= net461)) (&& (== netstandard1.6) (>= netstandard2.0)) (== netstandard2.0)
      System.Buffers (>= 4.5.1) - restriction: || (&& (== net45) (>= net461)) (&& (== net45) (>= netstandard2.0)) (&& (== net452) (>= net461)) (&& (== net452) (>= netstandard2.0)) (&& (== net46) (>= net461)) (&& (== net46) (>= netstandard2.0)) (== net462) (== netcoreapp2.2) (== netcoreapp3.1) (&& (== netstandard1.6) (>= net461)) (&& (== netstandard1.6) (>= netstandard2.0)) (== netstandard2.0)
      System.Collections.Immutable (>= 1.7.1) - restriction: || (&& (== net45) (>= net461)) (&& (== net45) (>= netstandard2.0)) (&& (== net452) (>= net461)) (&& (== net452) (>= netstandard2.0)) (&& (== net46) (>= net461)) (&& (== net46) (>= netstandard2.0)) (== net462) (== netcoreapp2.2) (== netcoreapp3.1) (&& (== netstandard1.6) (>= net461)) (&& (== netstandard1.6) (>= netstandard2.0)) (== netstandard2.0)
      System.Memory (>= 4.5.4) - restriction: || (&& (== net45) (>= net461)) (&& (== net45) (>= netstandard2.0)) (&& (== net452) (>= net461)) (&& (== net452) (>= netstandard2.0)) (&& (== net46) (>= net461)) (&& (== net46) (>= netstandard2.0)) (== net462) (== netcoreapp2.2) (== netcoreapp3.1) (&& (== netstandard1.6) (>= net461)) (&& (== netstandard1.6) (>= netstandard2.0)) (== netstandard2.0)
      System.Reflection.Metadata (>= 1.8.1) - restriction: || (&& (== net45) (>= net461)) (&& (== net45) (>= netstandard2.0)) (&& (== net452) (>= net461)) (&& (== net452) (>= netstandard2.0)) (&& (== net46) (>= net461)) (&& (== net46) (>= netstandard2.0)) (== net462) (== netcoreapp2.2) (== netcoreapp3.1) (&& (== netstandard1.6) (>= net461)) (&& (== netstandard1.6) (>= netstandard2.0)) (== netstandard2.0)
      System.Runtime.CompilerServices.Unsafe (>= 4.7.1) - restriction: || (&& (== net45) (>= net461)) (&& (== net45) (>= netstandard2.0)) (&& (== net452) (>= net461)) (&& (== net452) (>= netstandard2.0)) (&& (== net46) (>= net461)) (&& (== net46) (>= netstandard2.0)) (== net462) (== netcoreapp2.2) (== netcoreapp3.1) (&& (== netstandard1.6) (>= net461)) (&& (== netstandard1.6) (>= netstandard2.0)) (== netstandard2.0)
    Microsoft.Diagnostics.Tracing.TraceEvent (2.0.58) - restriction: || (&& (== net45) (>= netstandard2.0)) (&& (== net452) (>= netstandard2.0)) (&& (== net46) (>= netstandard2.0)) (&& (== net462) (>= netstandard2.0)) (== netcoreapp2.2) (== netcoreapp3.1) (&& (== netstandard1.6) (>= netstandard2.0)) (== netstandard2.0)
      System.Runtime.CompilerServices.Unsafe (>= 4.5.2)
    Microsoft.DotNet.PlatformAbstractions (2.1) - restriction: || (&& (== net45) (>= netstandard2.0)) (&& (== net452) (>= netstandard2.0)) (&& (== net46) (>= netstandard2.0)) (&& (== net462) (>= netstandard2.0)) (== netcoreapp2.2) (== netcoreapp3.1) (&& (== netstandard1.6) (>= netstandard2.0)) (== netstandard2.0)
      System.AppContext (>= 4.1) - restriction: || (&& (== net452) (< net45) (>= netstandard1.3)) (&& (== net46) (< net45)) (&& (== net462) (< net45)) (== netcoreapp2.2) (== netcoreapp3.1) (== netstandard1.6) (== netstandard2.0)
      System.Collections (>= 4.0.11) - restriction: || (&& (== net452) (< net45) (>= netstandard1.3)) (&& (== net46) (< net45)) (&& (== net462) (< net45)) (== netcoreapp2.2) (== netcoreapp3.1) (== netstandard1.6) (== netstandard2.0)
      System.IO (>= 4.1) - restriction: || (&& (== net452) (< net45) (>= netstandard1.3)) (&& (== net46) (< net45)) (&& (== net462) (< net45)) (== netcoreapp2.2) (== netcoreapp3.1) (== netstandard1.6) (== netstandard2.0)
      System.IO.FileSystem (>= 4.0.1) - restriction: || (&& (== net452) (< net45) (>= netstandard1.3)) (&& (== net46) (< net45)) (&& (== net462) (< net45)) (== netcoreapp2.2) (== netcoreapp3.1) (== netstandard1.6) (== netstandard2.0)
      System.Reflection.TypeExtensions (>= 4.1) - restriction: || (&& (== net452) (< net45) (>= netstandard1.3)) (&& (== net46) (< net45)) (&& (== net462) (< net45)) (== netcoreapp2.2) (== netcoreapp3.1) (== netstandard1.6) (== netstandard2.0)
      System.Runtime.Extensions (>= 4.1) - restriction: || (&& (== net452) (< net45) (>= netstandard1.3)) (&& (== net46) (< net45)) (&& (== net462) (< net45)) (== netcoreapp2.2) (== netcoreapp3.1) (== netstandard1.6) (== netstandard2.0)
      System.Runtime.InteropServices (>= 4.1) - restriction: || (&& (== net452) (< net45) (>= netstandard1.3)) (&& (== net46) (< net45)) (&& (== net462) (< net45)) (== netcoreapp2.2) (== netcoreapp3.1) (== netstandard1.6) (== netstandard2.0)
      System.Runtime.InteropServices.RuntimeInformation (>= 4.0)
    Microsoft.NETCore.Platforms (2.2.1) - restriction: || (&& (== net45) (>= netcoreapp2.0)) (&& (== net452) (== netstandard2.0)) (&& (== net452) (< net45)) (&& (== net452) (>= netcoreapp2.0)) (&& (== net46) (== netstandard2.0)) (&& (== net46) (< net45)) (&& (== net46) (>= netcoreapp2.0)) (&& (== net462) (== netstandard2.0)) (&& (== net462) (< net45)) (&& (== net462) (>= netcoreapp2.0)) (== netcoreapp2.2) (== netcoreapp3.1) (== netstandard1.6) (&& (== netstandard2.0) (>= netcoreapp2.0))
    Microsoft.NETCore.Targets (2.1) - restriction: || (&& (== net45) (== netcoreapp2.2)) (&& (== net45) (== netcoreapp3.1)) (&& (== net452) (== netcoreapp2.2)) (&& (== net452) (== netcoreapp3.1)) (&& (== net452) (== netstandard2.0)) (&& (== net452) (< net45)) (&& (== net46) (== netcoreapp2.2)) (&& (== net46) (== netcoreapp3.1)) (&& (== net46) (== netstandard2.0)) (&& (== net46) (< net45)) (&& (== net462) (== netcoreapp2.2)) (&& (== net462) (== netcoreapp3.1)) (&& (== net462) (== netstandard2.0)) (&& (== net462) (< net45)) (&& (== netcoreapp2.2) (< netstandard1.2)) (&& (== netcoreapp2.2) (< netstandard1.3)) (&& (== netcoreapp2.2) (< netstandard1.5)) (&& (== netcoreapp2.2) (< netstandard2.0)) (&& (== netcoreapp3.1) (< netstandard1.2)) (&& (== netcoreapp3.1) (< netstandard1.3)) (&& (== netcoreapp3.1) (< netstandard1.5)) (&& (== netcoreapp3.1) (< netstandard2.0)) (== netstandard1.6)
    Microsoft.Win32.Primitives (4.3) - restriction: || (&& (== net45) (== net462) (>= netstandard1.6) (>= uap10.0)) (&& (== net45) (== netcoreapp2.2)) (&& (== net45) (== netcoreapp3.1)) (&& (== net452) (== netcoreapp2.2)) (&& (== net452) (== netcoreapp3.1)) (&& (== net452) (== netstandard2.0)) (&& (== net452) (< net45) (>= netstandard1.6)) (&& (== net452) (>= netstandard1.6) (>= uap10.0)) (&& (== net46) (== netcoreapp2.2)) (&& (== net46) (== netcoreapp3.1)) (&& (== net46) (== netstandard2.0)) (&& (== net46) (< net45) (>= netstandard1.6)) (&& (== net46) (>= netstandard1.6) (>= uap10.0)) (&& (== net462) (== netcoreapp2.2)) (&& (== net462) (== netcoreapp3.1)) (&& (== net462) (== netstandard2.0)) (&& (== net462) (< net45) (>= netstandard1.6)) (&& (== net462) (< netstandard1.5) (>= netstandard1.6) (>= uap10.0)) (&& (== netcoreapp2.2) (< netstandard1.4)) (&& (== netcoreapp2.2) (< netstandard1.5)) (&& (== netcoreapp2.2) (< netstandard1.6)) (&& (== netcoreapp2.2) (< netstandard2.0)) (&& (== netcoreapp3.1) (< netstandard1.4)) (&& (== netcoreapp3.1) (< netstandard1.5)) (&& (== netcoreapp3.1) (< netstandard1.6)) (&& (== netcoreapp3.1) (< netstandard2.0)) (== netstandard1.6)
      Microsoft.NETCore.Platforms (>= 1.1) - restriction: || (&& (== net45) (>= netstandard1.3)) (&& (== net452) (>= netstandard1.3)) (&& (== net462) (< net46)) (== netcoreapp2.2) (== netcoreapp3.1) (== netstandard1.6) (== netstandard2.0)
      Microsoft.NETCore.Targets (>= 1.1) - restriction: || (&& (== net45) (>= netstandard1.3)) (&& (== net452) (>= netstandard1.3)) (&& (== net462) (< net46)) (== netcoreapp2.2) (== netcoreapp3.1) (== netstandard1.6) (== netstandard2.0)
      System.Runtime (>= 4.3) - restriction: || (&& (== net45) (>= netstandard1.3)) (&& (== net452) (>= netstandard1.3)) (&& (== net462) (< net46)) (== netcoreapp2.2) (== netcoreapp3.1) (== netstandard1.6) (== netstandard2.0)
    Microsoft.Win32.Registry (4.5) - restriction: || (&& (== net45) (>= netcoreapp2.0)) (&& (== net45) (>= netstandard2.0)) (&& (== net452) (>= netcoreapp2.0)) (&& (== net452) (>= netstandard2.0)) (&& (== net46) (>= netcoreapp2.0)) (&& (== net46) (>= netstandard2.0)) (&& (== net462) (>= netcoreapp2.0)) (&& (== net462) (>= netstandard2.0)) (== netcoreapp2.2) (== netcoreapp3.1) (&& (== netstandard1.6) (>= netcoreapp2.0)) (&& (== netstandard1.6) (>= netstandard2.0)) (== netstandard2.0)
      System.Buffers (>= 4.4) - restriction: || (&& (== net45) (>= monoandroid)) (&& (== net45) (>= monotouch)) (&& (== net45) (>= netstandard2.0)) (&& (== net45) (>= xamarinios)) (&& (== net45) (>= xamarinmac)) (&& (== net45) (>= xamarintvos)) (&& (== net45) (>= xamarinwatchos)) (&& (== net452) (>= monoandroid)) (&& (== net452) (>= monotouch)) (&& (== net452) (>= netstandard2.0)) (&& (== net452) (>= xamarinios)) (&& (== net452) (>= xamarinmac)) (&& (== net452) (>= xamarintvos)) (&& (== net452) (>= xamarinwatchos)) (&& (== net46) (>= monoandroid)) (&& (== net46) (>= monotouch)) (&& (== net46) (>= xamarinios)) (&& (== net46) (>= xamarinmac)) (&& (== net46) (>= xamarintvos)) (&& (== net46) (>= xamarinwatchos)) (&& (== net462) (>= monoandroid)) (&& (== net462) (>= monotouch)) (&& (== net462) (< net46) (>= netstandard2.0)) (&& (== net462) (>= xamarinios)) (&& (== net462) (>= xamarinmac)) (&& (== net462) (>= xamarintvos)) (&& (== net462) (>= xamarinwatchos)) (&& (== netcoreapp2.2) (>= monoandroid) (< netstandard2.0)) (&& (== netcoreapp2.2) (>= monotouch)) (&& (== netcoreapp2.2) (< netcoreapp2.0)) (&& (== netcoreapp2.2) (>= xamarinios)) (&& (== netcoreapp2.2) (>= xamarinmac)) (&& (== netcoreapp2.2) (>= xamarintvos)) (&& (== netcoreapp2.2) (>= xamarinwatchos)) (&& (== netcoreapp3.1) (>= monoandroid) (< netstandard2.0)) (&& (== netcoreapp3.1) (>= monotouch)) (&& (== netcoreapp3.1) (< netcoreapp2.0)) (&& (== netcoreapp3.1) (>= xamarinios)) (&& (== netcoreapp3.1) (>= xamarinmac)) (&& (== netcoreapp3.1) (>= xamarintvos)) (&& (== netcoreapp3.1) (>= xamarinwatchos)) (&& (== netstandard1.6) (>= monoandroid)) (&& (== netstandard1.6) (>= monotouch)) (&& (== netstandard1.6) (>= netstandard2.0)) (&& (== netstandard1.6) (>= xamarinios)) (&& (== netstandard1.6) (>= xamarinmac)) (&& (== netstandard1.6) (>= xamarintvos)) (&& (== netstandard1.6) (>= xamarinwatchos)) (== netstandard2.0)
      System.Memory (>= 4.5) - restriction: || (&& (== net45) (>= netcoreapp2.0)) (&& (== net45) (>= netstandard2.0)) (&& (== net45) (>= uap10.1)) (&& (== net452) (>= netcoreapp2.0)) (&& (== net452) (>= netstandard2.0)) (&& (== net452) (>= uap10.1)) (&& (== net46) (>= netcoreapp2.0)) (&& (== net46) (>= uap10.1)) (&& (== net462) (< net46) (>= netstandard2.0)) (&& (== net462) (>= netcoreapp2.0)) (&& (== net462) (>= uap10.1)) (&& (== netcoreapp2.2) (< netcoreapp2.0)) (&& (== netcoreapp2.2) (< netcoreapp2.1)) (&& (== netcoreapp2.2) (>= uap10.1)) (&& (== netcoreapp3.1) (< netcoreapp2.0)) (&& (== netcoreapp3.1) (< netcoreapp2.1)) (&& (== netcoreapp3.1) (>= uap10.1)) (&& (== netstandard1.6) (>= netcoreapp2.0)) (&& (== netstandard1.6) (>= netstandard2.0)) (&& (== netstandard1.6) (>= uap10.1)) (== netstandard2.0)
      System.Security.AccessControl (>= 4.5) - restriction: || (&& (== net45) (>= monoandroid)) (&& (== net45) (>= monotouch)) (&& (== net45) (>= net461)) (&& (== net45) (>= netcoreapp2.0)) (&& (== net45) (>= netstandard2.0)) (&& (== net45) (>= xamarinios)) (&& (== net45) (>= xamarinmac)) (&& (== net45) (>= xamarintvos)) (&& (== net45) (>= xamarinwatchos)) (&& (== net452) (>= monoandroid)) (&& (== net452) (>= monotouch)) (&& (== net452) (>= net461)) (&& (== net452) (>= netcoreapp2.0)) (&& (== net452) (>= netstandard2.0)) (&& (== net452) (>= xamarinios)) (&& (== net452) (>= xamarinmac)) (&& (== net452) (>= xamarintvos)) (&& (== net452) (>= xamarinwatchos)) (&& (== net46) (>= monoandroid)) (&& (== net46) (>= monotouch)) (&& (== net46) (>= net461)) (&& (== net46) (>= netcoreapp2.0)) (&& (== net46) (>= xamarinios)) (&& (== net46) (>= xamarinmac)) (&& (== net46) (>= xamarintvos)) (&& (== net46) (>= xamarinwatchos)) (== net462) (== netcoreapp2.2) (== netcoreapp3.1) (&& (== netstandard1.6) (>= monoandroid)) (&& (== netstandard1.6) (>= monotouch)) (&& (== netstandard1.6) (>= net461)) (&& (== netstandard1.6) (>= netcoreapp2.0)) (&& (== netstandard1.6) (>= netstandard2.0)) (&& (== netstandard1.6) (>= xamarinios)) (&& (== netstandard1.6) (>= xamarinmac)) (&& (== netstandard1.6) (>= xamarintvos)) (&& (== netstandard1.6) (>= xamarinwatchos)) (== netstandard2.0)
      System.Security.Principal.Windows (>= 4.5) - restriction: || (&& (== net45) (>= monoandroid)) (&& (== net45) (>= monotouch)) (&& (== net45) (>= net461)) (&& (== net45) (>= netcoreapp2.0)) (&& (== net45) (>= netstandard2.0)) (&& (== net45) (>= xamarinios)) (&& (== net45) (>= xamarinmac)) (&& (== net45) (>= xamarintvos)) (&& (== net45) (>= xamarinwatchos)) (&& (== net452) (>= monoandroid)) (&& (== net452) (>= monotouch)) (&& (== net452) (>= net461)) (&& (== net452) (>= netcoreapp2.0)) (&& (== net452) (>= netstandard2.0)) (&& (== net452) (>= xamarinios)) (&& (== net452) (>= xamarinmac)) (&& (== net452) (>= xamarintvos)) (&& (== net452) (>= xamarinwatchos)) (&& (== net46) (>= monoandroid)) (&& (== net46) (>= monotouch)) (&& (== net46) (>= net461)) (&& (== net46) (>= netcoreapp2.0)) (&& (== net46) (>= xamarinios)) (&& (== net46) (>= xamarinmac)) (&& (== net46) (>= xamarintvos)) (&& (== net46) (>= xamarinwatchos)) (== net462) (== netcoreapp2.2) (== netcoreapp3.1) (&& (== netstandard1.6) (>= monoandroid)) (&& (== netstandard1.6) (>= monotouch)) (&& (== netstandard1.6) (>= net461)) (&& (== netstandard1.6) (>= netcoreapp2.0)) (&& (== netstandard1.6) (>= netstandard2.0)) (&& (== netstandard1.6) (>= xamarinios)) (&& (== netstandard1.6) (>= xamarinmac)) (&& (== netstandard1.6) (>= xamarintvos)) (&& (== netstandard1.6) (>= xamarinwatchos)) (== netstandard2.0)
    NETStandard.Library (2.0.3) - restriction: || (== net45) (&& (== net452) (< net20)) (&& (== net452) (< net45) (>= netstandard1.6)) (&& (== net46) (< net20)) (&& (== net46) (< net45) (>= netstandard1.6)) (&& (== net46) (< net452)) (&& (== net462) (< net20)) (&& (== net462) (< net45) (>= netstandard1.6)) (&& (== net462) (< net452)) (== netcoreapp2.2) (== netcoreapp3.1) (== netstandard1.6) (== netstandard2.0)
      Microsoft.NETCore.Platforms (>= 1.1)
      Microsoft.Win32.Primitives (>= 4.3) - restriction: || (&& (== net45) (>= net46)) (&& (== net45) (>= uap10.0)) (&& (== net452) (< net45) (>= netstandard1.3)) (&& (== net452) (< net45) (>= netstandard1.4)) (&& (== net452) (< net45) (>= netstandard1.5)) (&& (== net452) (< net45) (>= netstandard1.6)) (&& (== net452) (>= net46)) (&& (== net452) (>= uap10.0)) (== net46) (&& (== net462) (< net45)) (&& (== net462) (< netstandard1.4)) (&& (== net462) (< netstandard1.5) (>= uap10.0)) (&& (== netcoreapp2.2) (< netstandard1.4)) (&& (== netcoreapp2.2) (< netstandard1.5)) (&& (== netcoreapp2.2) (< netstandard1.6)) (&& (== netcoreapp2.2) (< netstandard2.0)) (&& (== netcoreapp3.1) (< netstandard1.4)) (&& (== netcoreapp3.1) (< netstandard1.5)) (&& (== netcoreapp3.1) (< netstandard1.6)) (&& (== netcoreapp3.1) (< netstandard2.0)) (== netstandard1.6) (&& (== netstandard2.0) (< netstandard1.4)) (&& (== netstandard2.0) (< netstandard1.5)) (&& (== netstandard2.0) (< netstandard1.6))
      System.AppContext (>= 4.3) - restriction: || (&& (== net45) (>= net46)) (&& (== net45) (>= uap10.0)) (&& (== net452) (< net45) (>= netstandard1.3)) (&& (== net452) (< net45) (>= netstandard1.4)) (&& (== net452) (< net45) (>= netstandard1.5)) (&& (== net452) (< net45) (>= netstandard1.6)) (&& (== net452) (>= net46)) (&& (== net452) (>= uap10.0)) (== net46) (&& (== net462) (< net45)) (&& (== net462) (< netstandard1.4)) (&& (== net462) (< netstandard1.5) (>= uap10.0)) (&& (== netcoreapp2.2) (< netstandard1.4)) (&& (== netcoreapp2.2) (< netstandard1.5)) (&& (== netcoreapp2.2) (< netstandard1.6)) (&& (== netcoreapp2.2) (< netstandard2.0)) (&& (== netcoreapp3.1) (< netstandard1.4)) (&& (== netcoreapp3.1) (< netstandard1.5)) (&& (== netcoreapp3.1) (< netstandard1.6)) (&& (== netcoreapp3.1) (< netstandard2.0)) (== netstandard1.6) (&& (== netstandard2.0) (< netstandard1.4)) (&& (== netstandard2.0) (< netstandard1.5)) (&& (== netstandard2.0) (< netstandard1.6))
      System.Collections (>= 4.3) - restriction: || (&& (== net45) (< portable-net45+win8+wpa81)) (&& (== net45) (>= uap10.0)) (&& (== net452) (< net45)) (&& (== net452) (< portable-net45+win8+wpa81)) (&& (== net452) (>= uap10.0)) (&& (== net46) (< net45)) (&& (== net46) (< portable-net45+win8+wpa81)) (&& (== net46) (>= uap10.0)) (&& (== net462) (< net45)) (&& (== net462) (< netstandard1.5) (>= uap10.0)) (&& (== net462) (< portable-net45+win8+wpa81)) (&& (== netcoreapp2.2) (< netstandard1.2)) (&& (== netcoreapp2.2) (< netstandard1.3)) (&& (== netcoreapp2.2) (< netstandard1.4)) (&& (== netcoreapp2.2) (< netstandard1.5)) (&& (== netcoreapp2.2) (< netstandard1.6)) (&& (== netcoreapp2.2) (< netstandard2.0)) (&& (== netcoreapp2.2) (< portable-net45+win8+wpa81)) (&& (== netcoreapp3.1) (< netstandard1.2)) (&& (== netcoreapp3.1) (< netstandard1.3)) (&& (== netcoreapp3.1) (< netstandard1.4)) (&& (== netcoreapp3.1) (< netstandard1.5)) (&& (== netcoreapp3.1) (< netstandard1.6)) (&& (== netcoreapp3.1) (< netstandard2.0)) (&& (== netcoreapp3.1) (< portable-net45+win8+wpa81)) (== netstandard1.6) (&& (== netstandard2.0) (< netstandard1.2)) (&& (== netstandard2.0) (< netstandard1.3)) (&& (== netstandard2.0) (< netstandard1.4)) (&& (== netstandard2.0) (< netstandard1.5)) (&& (== netstandard2.0) (< netstandard1.6)) (&& (== netstandard2.0) (< portable-net45+win8+wpa81))
      System.Collections.Concurrent (>= 4.3) - restriction: || (&& (== net45) (>= uap10.0)) (&& (== net452) (< net45)) (&& (== net452) (>= uap10.0)) (&& (== net46) (< net45)) (&& (== net46) (>= uap10.0)) (&& (== net462) (< net45)) (&& (== net462) (< netstandard1.5) (>= uap10.0)) (&& (== netcoreapp2.2) (< netstandard1.2)) (&& (== netcoreapp2.2) (< netstandard1.3)) (&& (== netcoreapp2.2) (< netstandard1.4)) (&& (== netcoreapp2.2) (< netstandard1.5)) (&& (== netcoreapp2.2) (< netstandard1.6)) (&& (== netcoreapp2.2) (< netstandard2.0)) (&& (== netcoreapp3.1) (< netstandard1.2)) (&& (== netcoreapp3.1) (< netstandard1.3)) (&& (== netcoreapp3.1) (< netstandard1.4)) (&& (== netcoreapp3.1) (< netstandard1.5)) (&& (== netcoreapp3.1) (< netstandard1.6)) (&& (== netcoreapp3.1) (< netstandard2.0)) (== netstandard1.6) (&& (== netstandard2.0) (< netstandard1.2)) (&& (== netstandard2.0) (< netstandard1.3)) (&& (== netstandard2.0) (< netstandard1.4)) (&& (== netstandard2.0) (< netstandard1.5)) (&& (== netstandard2.0) (< netstandard1.6))
      System.Console (>= 4.3) - restriction: || (&& (== net45) (>= net46)) (&& (== net45) (>= uap10.0)) (&& (== net452) (< net45) (>= netstandard1.3)) (&& (== net452) (< net45) (>= netstandard1.4)) (&& (== net452) (< net45) (>= netstandard1.5)) (&& (== net452) (< net45) (>= netstandard1.6)) (&& (== net452) (>= net46)) (&& (== net452) (>= uap10.0)) (== net46) (&& (== net462) (< net45)) (&& (== net462) (< netstandard1.4)) (&& (== net462) (< netstandard1.5) (>= uap10.0)) (&& (== netcoreapp2.2) (< netstandard1.4)) (&& (== netcoreapp2.2) (< netstandard1.5)) (&& (== netcoreapp2.2) (< netstandard1.6)) (&& (== netcoreapp2.2) (< netstandard2.0)) (&& (== netcoreapp3.1) (< netstandard1.4)) (&& (== netcoreapp3.1) (< netstandard1.5)) (&& (== netcoreapp3.1) (< netstandard1.6)) (&& (== netcoreapp3.1) (< netstandard2.0)) (== netstandard1.6) (&& (== netstandard2.0) (< netstandard1.4)) (&& (== netstandard2.0) (< netstandard1.5)) (&& (== netstandard2.0) (< netstandard1.6))
      System.Diagnostics.Debug (>= 4.3) - restriction: || (&& (== net45) (< portable-net45+win8+wpa81)) (&& (== net45) (>= uap10.0)) (&& (== net452) (< net45)) (&& (== net452) (< portable-net45+win8+wpa81)) (&& (== net452) (>= uap10.0)) (&& (== net46) (< net45)) (&& (== net46) (< portable-net45+win8+wpa81)) (&& (== net46) (>= uap10.0)) (&& (== net462) (< net45)) (&& (== net462) (< netstandard1.5) (>= uap10.0)) (&& (== net462) (< portable-net45+win8+wpa81)) (&& (== netcoreapp2.2) (< netstandard1.2)) (&& (== netcoreapp2.2) (< netstandard1.3)) (&& (== netcoreapp2.2) (< netstandard1.4)) (&& (== netcoreapp2.2) (< netstandard1.5)) (&& (== netcoreapp2.2) (< netstandard1.6)) (&& (== netcoreapp2.2) (< netstandard2.0)) (&& (== netcoreapp2.2) (< portable-net45+win8+wpa81)) (&& (== netcoreapp3.1) (< netstandard1.2)) (&& (== netcoreapp3.1) (< netstandard1.3)) (&& (== netcoreapp3.1) (< netstandard1.4)) (&& (== netcoreapp3.1) (< netstandard1.5)) (&& (== netcoreapp3.1) (< netstandard1.6)) (&& (== netcoreapp3.1) (< netstandard2.0)) (&& (== netcoreapp3.1) (< portable-net45+win8+wpa81)) (== netstandard1.6) (&& (== netstandard2.0) (< netstandard1.2)) (&& (== netstandard2.0) (< netstandard1.3)) (&& (== netstandard2.0) (< netstandard1.4)) (&& (== netstandard2.0) (< netstandard1.5)) (&& (== netstandard2.0) (< netstandard1.6)) (&& (== netstandard2.0) (< portable-net45+win8+wpa81))
      System.Diagnostics.Tools (>= 4.3) - restriction: || (&& (== net45) (< portable-net45+win8+wpa81)) (&& (== net45) (>= uap10.0)) (&& (== net452) (< net45)) (&& (== net452) (< portable-net45+win8+wpa81)) (&& (== net452) (>= uap10.0)) (&& (== net46) (< net45)) (&& (== net46) (< portable-net45+win8+wpa81)) (&& (== net46) (>= uap10.0)) (&& (== net462) (< net45)) (&& (== net462) (< netstandard1.5) (>= uap10.0)) (&& (== net462) (< portable-net45+win8+wpa81)) (&& (== netcoreapp2.2) (< netstandard1.2)) (&& (== netcoreapp2.2) (< netstandard1.3)) (&& (== netcoreapp2.2) (< netstandard1.4)) (&& (== netcoreapp2.2) (< netstandard1.5)) (&& (== netcoreapp2.2) (< netstandard1.6)) (&& (== netcoreapp2.2) (< netstandard2.0)) (&& (== netcoreapp2.2) (< portable-net45+win8+wpa81)) (&& (== netcoreapp3.1) (< netstandard1.2)) (&& (== netcoreapp3.1) (< netstandard1.3)) (&& (== netcoreapp3.1) (< netstandard1.4)) (&& (== netcoreapp3.1) (< netstandard1.5)) (&& (== netcoreapp3.1) (< netstandard1.6)) (&& (== netcoreapp3.1) (< netstandard2.0)) (&& (== netcoreapp3.1) (< portable-net45+win8+wpa81)) (== netstandard1.6) (&& (== netstandard2.0) (< netstandard1.2)) (&& (== netstandard2.0) (< netstandard1.3)) (&& (== netstandard2.0) (< netstandard1.4)) (&& (== netstandard2.0) (< netstandard1.5)) (&& (== netstandard2.0) (< netstandard1.6)) (&& (== netstandard2.0) (< portable-net45+win8+wpa81))
      System.Diagnostics.Tracing (>= 4.3) - restriction: || (&& (== net45) (>= uap10.0)) (&& (== net452) (< net45)) (&& (== net452) (>= uap10.0)) (&& (== net46) (< net45)) (&& (== net46) (>= uap10.0)) (&& (== net462) (< net45)) (&& (== net462) (< netstandard1.5) (>= uap10.0)) (&& (== netcoreapp2.2) (< netstandard1.2)) (&& (== netcoreapp2.2) (< netstandard1.3)) (&& (== netcoreapp2.2) (< netstandard1.4)) (&& (== netcoreapp2.2) (< netstandard1.5)) (&& (== netcoreapp2.2) (< netstandard1.6)) (&& (== netcoreapp2.2) (< netstandard2.0)) (&& (== netcoreapp3.1) (< netstandard1.2)) (&& (== netcoreapp3.1) (< netstandard1.3)) (&& (== netcoreapp3.1) (< netstandard1.4)) (&& (== netcoreapp3.1) (< netstandard1.5)) (&& (== netcoreapp3.1) (< netstandard1.6)) (&& (== netcoreapp3.1) (< netstandard2.0)) (== netstandard1.6) (&& (== netstandard2.0) (< netstandard1.2)) (&& (== netstandard2.0) (< netstandard1.3)) (&& (== netstandard2.0) (< netstandard1.4)) (&& (== netstandard2.0) (< netstandard1.5)) (&& (== netstandard2.0) (< netstandard1.6))
      System.Globalization (>= 4.3) - restriction: || (&& (== net45) (< portable-net45+win8+wpa81)) (&& (== net45) (>= uap10.0)) (&& (== net452) (< net45)) (&& (== net452) (< portable-net45+win8+wpa81)) (&& (== net452) (>= uap10.0)) (&& (== net46) (< net45)) (&& (== net46) (< portable-net45+win8+wpa81)) (&& (== net46) (>= uap10.0)) (&& (== net462) (< net45)) (&& (== net462) (< netstandard1.5) (>= uap10.0)) (&& (== net462) (< portable-net45+win8+wpa81)) (&& (== netcoreapp2.2) (< netstandard1.2)) (&& (== netcoreapp2.2) (< netstandard1.3)) (&& (== netcoreapp2.2) (< netstandard1.4)) (&& (== netcoreapp2.2) (< netstandard1.5)) (&& (== netcoreapp2.2) (< netstandard1.6)) (&& (== netcoreapp2.2) (< netstandard2.0)) (&& (== netcoreapp2.2) (< portable-net45+win8+wpa81)) (&& (== netcoreapp3.1) (< netstandard1.2)) (&& (== netcoreapp3.1) (< netstandard1.3)) (&& (== netcoreapp3.1) (< netstandard1.4)) (&& (== netcoreapp3.1) (< netstandard1.5)) (&& (== netcoreapp3.1) (< netstandard1.6)) (&& (== netcoreapp3.1) (< netstandard2.0)) (&& (== netcoreapp3.1) (< portable-net45+win8+wpa81)) (== netstandard1.6) (&& (== netstandard2.0) (< netstandard1.2)) (&& (== netstandard2.0) (< netstandard1.3)) (&& (== netstandard2.0) (< netstandard1.4)) (&& (== netstandard2.0) (< netstandard1.5)) (&& (== netstandard2.0) (< netstandard1.6)) (&& (== netstandard2.0) (< portable-net45+win8+wpa81))
      System.Globalization.Calendars (>= 4.3) - restriction: || (&& (== net45) (>= net46)) (&& (== net45) (>= uap10.0)) (&& (== net452) (< net45) (>= netstandard1.3)) (&& (== net452) (< net45) (>= netstandard1.4)) (&& (== net452) (< net45) (>= netstandard1.5)) (&& (== net452) (< net45) (>= netstandard1.6)) (&& (== net452) (>= net46)) (&& (== net452) (>= uap10.0)) (== net46) (&& (== net462) (< net45)) (&& (== net462) (< netstandard1.4)) (&& (== net462) (< netstandard1.5) (>= uap10.0)) (&& (== netcoreapp2.2) (< netstandard1.4)) (&& (== netcoreapp2.2) (< netstandard1.5)) (&& (== netcoreapp2.2) (< netstandard1.6)) (&& (== netcoreapp2.2) (< netstandard2.0)) (&& (== netcoreapp3.1) (< netstandard1.4)) (&& (== netcoreapp3.1) (< netstandard1.5)) (&& (== netcoreapp3.1) (< netstandard1.6)) (&& (== netcoreapp3.1) (< netstandard2.0)) (== netstandard1.6) (&& (== netstandard2.0) (< netstandard1.4)) (&& (== netstandard2.0) (< netstandard1.5)) (&& (== netstandard2.0) (< netstandard1.6))
      System.IO (>= 4.3) - restriction: || (&& (== net45) (< portable-net45+win8+wpa81)) (&& (== net45) (>= uap10.0)) (&& (== net452) (< net45)) (&& (== net452) (< portable-net45+win8+wpa81)) (&& (== net452) (>= uap10.0)) (&& (== net46) (< net45)) (&& (== net46) (< portable-net45+win8+wpa81)) (&& (== net46) (>= uap10.0)) (&& (== net462) (< net45)) (&& (== net462) (< netstandard1.5) (>= uap10.0)) (&& (== net462) (< portable-net45+win8+wpa81)) (&& (== netcoreapp2.2) (< netstandard1.2)) (&& (== netcoreapp2.2) (< netstandard1.3)) (&& (== netcoreapp2.2) (< netstandard1.4)) (&& (== netcoreapp2.2) (< netstandard1.5)) (&& (== netcoreapp2.2) (< netstandard1.6)) (&& (== netcoreapp2.2) (< netstandard2.0)) (&& (== netcoreapp2.2) (< portable-net45+win8+wpa81)) (&& (== netcoreapp3.1) (< netstandard1.2)) (&& (== netcoreapp3.1) (< netstandard1.3)) (&& (== netcoreapp3.1) (< netstandard1.4)) (&& (== netcoreapp3.1) (< netstandard1.5)) (&& (== netcoreapp3.1) (< netstandard1.6)) (&& (== netcoreapp3.1) (< netstandard2.0)) (&& (== netcoreapp3.1) (< portable-net45+win8+wpa81)) (== netstandard1.6) (&& (== netstandard2.0) (< netstandard1.2)) (&& (== netstandard2.0) (< netstandard1.3)) (&& (== netstandard2.0) (< netstandard1.4)) (&& (== netstandard2.0) (< netstandard1.5)) (&& (== netstandard2.0) (< netstandard1.6)) (&& (== netstandard2.0) (< portable-net45+win8+wpa81))
      System.IO.Compression (>= 4.3) - restriction: || (&& (== net45) (>= net46)) (&& (== net45) (>= uap10.0)) (&& (== net452) (< net45)) (&& (== net452) (>= net46)) (&& (== net452) (>= uap10.0)) (== net46) (&& (== net462) (< net45)) (&& (== net462) (< netstandard1.4)) (&& (== net462) (< netstandard1.5) (>= uap10.0)) (&& (== netcoreapp2.2) (< netstandard1.2)) (&& (== netcoreapp2.2) (< netstandard1.3)) (&& (== netcoreapp2.2) (< netstandard1.4)) (&& (== netcoreapp2.2) (< netstandard1.5)) (&& (== netcoreapp2.2) (< netstandard1.6)) (&& (== netcoreapp2.2) (< netstandard2.0)) (&& (== netcoreapp3.1) (< netstandard1.2)) (&& (== netcoreapp3.1) (< netstandard1.3)) (&& (== netcoreapp3.1) (< netstandard1.4)) (&& (== netcoreapp3.1) (< netstandard1.5)) (&& (== netcoreapp3.1) (< netstandard1.6)) (&& (== netcoreapp3.1) (< netstandard2.0)) (== netstandard1.6) (&& (== netstandard2.0) (< netstandard1.2)) (&& (== netstandard2.0) (< netstandard1.3)) (&& (== netstandard2.0) (< netstandard1.4)) (&& (== netstandard2.0) (< netstandard1.5)) (&& (== netstandard2.0) (< netstandard1.6))
      System.IO.Compression.ZipFile (>= 4.3) - restriction: || (&& (== net45) (>= net46)) (&& (== net45) (>= uap10.0)) (&& (== net452) (< net45) (>= netstandard1.3)) (&& (== net452) (< net45) (>= netstandard1.4)) (&& (== net452) (< net45) (>= netstandard1.5)) (&& (== net452) (< net45) (>= netstandard1.6)) (&& (== net452) (>= net46)) (&& (== net452) (>= uap10.0)) (== net46) (&& (== net462) (< net45)) (&& (== net462) (< netstandard1.4)) (&& (== net462) (< netstandard1.5) (>= uap10.0)) (&& (== netcoreapp2.2) (< netstandard1.4)) (&& (== netcoreapp2.2) (< netstandard1.5)) (&& (== netcoreapp2.2) (< netstandard1.6)) (&& (== netcoreapp2.2) (< netstandard2.0)) (&& (== netcoreapp3.1) (< netstandard1.4)) (&& (== netcoreapp3.1) (< netstandard1.5)) (&& (== netcoreapp3.1) (< netstandard1.6)) (&& (== netcoreapp3.1) (< netstandard2.0)) (== netstandard1.6) (&& (== netstandard2.0) (< netstandard1.4)) (&& (== netstandard2.0) (< netstandard1.5)) (&& (== netstandard2.0) (< netstandard1.6))
      System.IO.FileSystem (>= 4.3) - restriction: || (&& (== net45) (>= net46)) (&& (== net45) (>= uap10.0)) (&& (== net452) (< net45) (>= netstandard1.3)) (&& (== net452) (< net45) (>= netstandard1.4)) (&& (== net452) (< net45) (>= netstandard1.5)) (&& (== net452) (< net45) (>= netstandard1.6)) (&& (== net452) (>= net46)) (&& (== net452) (>= uap10.0)) (== net46) (&& (== net462) (< net45)) (&& (== net462) (< netstandard1.4)) (&& (== net462) (< netstandard1.5) (>= uap10.0)) (&& (== netcoreapp2.2) (< netstandard1.4)) (&& (== netcoreapp2.2) (< netstandard1.5)) (&& (== netcoreapp2.2) (< netstandard1.6)) (&& (== netcoreapp2.2) (< netstandard2.0)) (&& (== netcoreapp3.1) (< netstandard1.4)) (&& (== netcoreapp3.1) (< netstandard1.5)) (&& (== netcoreapp3.1) (< netstandard1.6)) (&& (== netcoreapp3.1) (< netstandard2.0)) (== netstandard1.6) (&& (== netstandard2.0) (< netstandard1.4)) (&& (== netstandard2.0) (< netstandard1.5)) (&& (== netstandard2.0) (< netstandard1.6))
      System.IO.FileSystem.Primitives (>= 4.3) - restriction: || (&& (== net45) (>= net46)) (&& (== net45) (>= uap10.0)) (&& (== net452) (< net45) (>= netstandard1.3)) (&& (== net452) (< net45) (>= netstandard1.4)) (&& (== net452) (< net45) (>= netstandard1.5)) (&& (== net452) (< net45) (>= netstandard1.6)) (&& (== net452) (>= net46)) (&& (== net452) (>= uap10.0)) (== net46) (&& (== net462) (< net45)) (&& (== net462) (< netstandard1.4)) (&& (== net462) (< netstandard1.5) (>= uap10.0)) (&& (== netcoreapp2.2) (< netstandard1.4)) (&& (== netcoreapp2.2) (< netstandard1.5)) (&& (== netcoreapp2.2) (< netstandard1.6)) (&& (== netcoreapp2.2) (< netstandard2.0)) (&& (== netcoreapp3.1) (< netstandard1.4)) (&& (== netcoreapp3.1) (< netstandard1.5)) (&& (== netcoreapp3.1) (< netstandard1.6)) (&& (== netcoreapp3.1) (< netstandard2.0)) (== netstandard1.6) (&& (== netstandard2.0) (< netstandard1.4)) (&& (== netstandard2.0) (< netstandard1.5)) (&& (== netstandard2.0) (< netstandard1.6))
      System.Linq (>= 4.3) - restriction: || (&& (== net45) (< portable-net45+win8+wpa81)) (&& (== net45) (>= uap10.0)) (&& (== net452) (< net45)) (&& (== net452) (< portable-net45+win8+wpa81)) (&& (== net452) (>= uap10.0)) (&& (== net46) (< net45)) (&& (== net46) (< portable-net45+win8+wpa81)) (&& (== net46) (>= uap10.0)) (&& (== net462) (< net45)) (&& (== net462) (< netstandard1.5) (>= uap10.0)) (&& (== net462) (< portable-net45+win8+wpa81)) (&& (== netcoreapp2.2) (< netstandard1.2)) (&& (== netcoreapp2.2) (< netstandard1.3)) (&& (== netcoreapp2.2) (< netstandard1.4)) (&& (== netcoreapp2.2) (< netstandard1.5)) (&& (== netcoreapp2.2) (< netstandard1.6)) (&& (== netcoreapp2.2) (< netstandard2.0)) (&& (== netcoreapp2.2) (< portable-net45+win8+wpa81)) (&& (== netcoreapp3.1) (< netstandard1.2)) (&& (== netcoreapp3.1) (< netstandard1.3)) (&& (== netcoreapp3.1) (< netstandard1.4)) (&& (== netcoreapp3.1) (< netstandard1.5)) (&& (== netcoreapp3.1) (< netstandard1.6)) (&& (== netcoreapp3.1) (< netstandard2.0)) (&& (== netcoreapp3.1) (< portable-net45+win8+wpa81)) (== netstandard1.6) (&& (== netstandard2.0) (< netstandard1.2)) (&& (== netstandard2.0) (< netstandard1.3)) (&& (== netstandard2.0) (< netstandard1.4)) (&& (== netstandard2.0) (< netstandard1.5)) (&& (== netstandard2.0) (< netstandard1.6)) (&& (== netstandard2.0) (< portable-net45+win8+wpa81))
      System.Linq.Expressions (>= 4.3) - restriction: || (&& (== net45) (< portable-net45+win8+wpa81)) (&& (== net45) (>= uap10.0)) (&& (== net452) (< net45)) (&& (== net452) (< portable-net45+win8+wpa81)) (&& (== net452) (>= uap10.0)) (&& (== net46) (< net45)) (&& (== net46) (< portable-net45+win8+wpa81)) (&& (== net46) (>= uap10.0)) (&& (== net462) (< net45)) (&& (== net462) (< netstandard1.5) (>= uap10.0)) (&& (== net462) (< portable-net45+win8+wpa81)) (&& (== netcoreapp2.2) (< netstandard1.2)) (&& (== netcoreapp2.2) (< netstandard1.3)) (&& (== netcoreapp2.2) (< netstandard1.4)) (&& (== netcoreapp2.2) (< netstandard1.5)) (&& (== netcoreapp2.2) (< netstandard1.6)) (&& (== netcoreapp2.2) (< netstandard2.0)) (&& (== netcoreapp2.2) (< portable-net45+win8+wpa81)) (&& (== netcoreapp3.1) (< netstandard1.2)) (&& (== netcoreapp3.1) (< netstandard1.3)) (&& (== netcoreapp3.1) (< netstandard1.4)) (&& (== netcoreapp3.1) (< netstandard1.5)) (&& (== netcoreapp3.1) (< netstandard1.6)) (&& (== netcoreapp3.1) (< netstandard2.0)) (&& (== netcoreapp3.1) (< portable-net45+win8+wpa81)) (== netstandard1.6) (&& (== netstandard2.0) (< netstandard1.2)) (&& (== netstandard2.0) (< netstandard1.3)) (&& (== netstandard2.0) (< netstandard1.4)) (&& (== netstandard2.0) (< netstandard1.5)) (&& (== netstandard2.0) (< netstandard1.6)) (&& (== netstandard2.0) (< portable-net45+win8+wpa81))
      System.Net.Http (>= 4.3.2) - restriction: || (&& (== net45) (>= net46)) (&& (== net45) (>= uap10.0)) (&& (== net452) (< net45)) (&& (== net452) (>= net46)) (&& (== net452) (>= uap10.0)) (== net46) (&& (== net462) (< net45)) (&& (== net462) (< netstandard1.4)) (&& (== net462) (< netstandard1.5) (>= uap10.0)) (&& (== netcoreapp2.2) (< netstandard1.2)) (&& (== netcoreapp2.2) (< netstandard1.3)) (&& (== netcoreapp2.2) (< netstandard1.4)) (&& (== netcoreapp2.2) (< netstandard1.5)) (&& (== netcoreapp2.2) (< netstandard1.6)) (&& (== netcoreapp2.2) (< netstandard2.0)) (&& (== netcoreapp3.1) (< netstandard1.2)) (&& (== netcoreapp3.1) (< netstandard1.3)) (&& (== netcoreapp3.1) (< netstandard1.4)) (&& (== netcoreapp3.1) (< netstandard1.5)) (&& (== netcoreapp3.1) (< netstandard1.6)) (&& (== netcoreapp3.1) (< netstandard2.0)) (== netstandard1.6) (&& (== netstandard2.0) (< netstandard1.2)) (&& (== netstandard2.0) (< netstandard1.3)) (&& (== netstandard2.0) (< netstandard1.4)) (&& (== netstandard2.0) (< netstandard1.5)) (&& (== netstandard2.0) (< netstandard1.6))
      System.Net.Primitives (>= 4.3) - restriction: || (&& (== net45) (< portable-net45+win8+wpa81)) (&& (== net45) (>= uap10.0)) (&& (== net452) (< net45)) (&& (== net452) (< portable-net45+win8+wpa81)) (&& (== net452) (>= uap10.0)) (&& (== net46) (< net45)) (&& (== net46) (< portable-net45+win8+wpa81)) (&& (== net46) (>= uap10.0)) (&& (== net462) (< net45)) (&& (== net462) (< netstandard1.5) (>= uap10.0)) (&& (== net462) (< portable-net45+win8+wpa81)) (&& (== netcoreapp2.2) (< netstandard1.2)) (&& (== netcoreapp2.2) (< netstandard1.3)) (&& (== netcoreapp2.2) (< netstandard1.4)) (&& (== netcoreapp2.2) (< netstandard1.5)) (&& (== netcoreapp2.2) (< netstandard1.6)) (&& (== netcoreapp2.2) (< netstandard2.0)) (&& (== netcoreapp2.2) (< portable-net45+win8+wpa81)) (&& (== netcoreapp3.1) (< netstandard1.2)) (&& (== netcoreapp3.1) (< netstandard1.3)) (&& (== netcoreapp3.1) (< netstandard1.4)) (&& (== netcoreapp3.1) (< netstandard1.5)) (&& (== netcoreapp3.1) (< netstandard1.6)) (&& (== netcoreapp3.1) (< netstandard2.0)) (&& (== netcoreapp3.1) (< portable-net45+win8+wpa81)) (== netstandard1.6) (&& (== netstandard2.0) (< netstandard1.2)) (&& (== netstandard2.0) (< netstandard1.3)) (&& (== netstandard2.0) (< netstandard1.4)) (&& (== netstandard2.0) (< netstandard1.5)) (&& (== netstandard2.0) (< netstandard1.6)) (&& (== netstandard2.0) (< portable-net45+win8+wpa81))
      System.Net.Sockets (>= 4.3) - restriction: || (&& (== net45) (>= net46)) (&& (== net45) (>= uap10.0)) (&& (== net452) (< net45) (>= netstandard1.3)) (&& (== net452) (< net45) (>= netstandard1.4)) (&& (== net452) (< net45) (>= netstandard1.5)) (&& (== net452) (< net45) (>= netstandard1.6)) (&& (== net452) (>= net46)) (&& (== net452) (>= uap10.0)) (== net46) (&& (== net462) (< net45)) (&& (== net462) (< netstandard1.4)) (&& (== net462) (< netstandard1.5) (>= uap10.0)) (&& (== netcoreapp2.2) (< netstandard1.4)) (&& (== netcoreapp2.2) (< netstandard1.5)) (&& (== netcoreapp2.2) (< netstandard1.6)) (&& (== netcoreapp2.2) (< netstandard2.0)) (&& (== netcoreapp3.1) (< netstandard1.4)) (&& (== netcoreapp3.1) (< netstandard1.5)) (&& (== netcoreapp3.1) (< netstandard1.6)) (&& (== netcoreapp3.1) (< netstandard2.0)) (== netstandard1.6) (&& (== netstandard2.0) (< netstandard1.4)) (&& (== netstandard2.0) (< netstandard1.5)) (&& (== netstandard2.0) (< netstandard1.6))
      System.ObjectModel (>= 4.3) - restriction: || (&& (== net45) (< portable-net45+win8+wpa81)) (&& (== net45) (>= uap10.0)) (&& (== net452) (< net45)) (&& (== net452) (< portable-net45+win8+wpa81)) (&& (== net452) (>= uap10.0)) (&& (== net46) (< net45)) (&& (== net46) (< portable-net45+win8+wpa81)) (&& (== net46) (>= uap10.0)) (&& (== net462) (< net45)) (&& (== net462) (< netstandard1.5) (>= uap10.0)) (&& (== net462) (< portable-net45+win8+wpa81)) (&& (== netcoreapp2.2) (< netstandard1.2)) (&& (== netcoreapp2.2) (< netstandard1.3)) (&& (== netcoreapp2.2) (< netstandard1.4)) (&& (== netcoreapp2.2) (< netstandard1.5)) (&& (== netcoreapp2.2) (< netstandard1.6)) (&& (== netcoreapp2.2) (< netstandard2.0)) (&& (== netcoreapp2.2) (< portable-net45+win8+wpa81)) (&& (== netcoreapp3.1) (< netstandard1.2)) (&& (== netcoreapp3.1) (< netstandard1.3)) (&& (== netcoreapp3.1) (< netstandard1.4)) (&& (== netcoreapp3.1) (< netstandard1.5)) (&& (== netcoreapp3.1) (< netstandard1.6)) (&& (== netcoreapp3.1) (< netstandard2.0)) (&& (== netcoreapp3.1) (< portable-net45+win8+wpa81)) (== netstandard1.6) (&& (== netstandard2.0) (< netstandard1.2)) (&& (== netstandard2.0) (< netstandard1.3)) (&& (== netstandard2.0) (< netstandard1.4)) (&& (== netstandard2.0) (< netstandard1.5)) (&& (== netstandard2.0) (< netstandard1.6)) (&& (== netstandard2.0) (< portable-net45+win8+wpa81))
      System.Reflection (>= 4.3) - restriction: || (&& (== net45) (< portable-net45+win8+wpa81)) (&& (== net45) (>= uap10.0)) (&& (== net452) (< net45)) (&& (== net452) (< portable-net45+win8+wpa81)) (&& (== net452) (>= uap10.0)) (&& (== net46) (< net45)) (&& (== net46) (< portable-net45+win8+wpa81)) (&& (== net46) (>= uap10.0)) (&& (== net462) (< net45)) (&& (== net462) (< netstandard1.5) (>= uap10.0)) (&& (== net462) (< portable-net45+win8+wpa81)) (&& (== netcoreapp2.2) (< netstandard1.2)) (&& (== netcoreapp2.2) (< netstandard1.3)) (&& (== netcoreapp2.2) (< netstandard1.4)) (&& (== netcoreapp2.2) (< netstandard1.5)) (&& (== netcoreapp2.2) (< netstandard1.6)) (&& (== netcoreapp2.2) (< netstandard2.0)) (&& (== netcoreapp2.2) (< portable-net45+win8+wpa81)) (&& (== netcoreapp3.1) (< netstandard1.2)) (&& (== netcoreapp3.1) (< netstandard1.3)) (&& (== netcoreapp3.1) (< netstandard1.4)) (&& (== netcoreapp3.1) (< netstandard1.5)) (&& (== netcoreapp3.1) (< netstandard1.6)) (&& (== netcoreapp3.1) (< netstandard2.0)) (&& (== netcoreapp3.1) (< portable-net45+win8+wpa81)) (== netstandard1.6) (&& (== netstandard2.0) (< netstandard1.2)) (&& (== netstandard2.0) (< netstandard1.3)) (&& (== netstandard2.0) (< netstandard1.4)) (&& (== netstandard2.0) (< netstandard1.5)) (&& (== netstandard2.0) (< netstandard1.6)) (&& (== netstandard2.0) (< portable-net45+win8+wpa81))
      System.Reflection.Extensions (>= 4.3) - restriction: || (&& (== net45) (< portable-net45+win8+wpa81)) (&& (== net45) (>= uap10.0)) (&& (== net452) (< net45)) (&& (== net452) (< portable-net45+win8+wpa81)) (&& (== net452) (>= uap10.0)) (&& (== net46) (< net45)) (&& (== net46) (< portable-net45+win8+wpa81)) (&& (== net46) (>= uap10.0)) (&& (== net462) (< net45)) (&& (== net462) (< netstandard1.5) (>= uap10.0)) (&& (== net462) (< portable-net45+win8+wpa81)) (&& (== netcoreapp2.2) (< netstandard1.2)) (&& (== netcoreapp2.2) (< netstandard1.3)) (&& (== netcoreapp2.2) (< netstandard1.4)) (&& (== netcoreapp2.2) (< netstandard1.5)) (&& (== netcoreapp2.2) (< netstandard1.6)) (&& (== netcoreapp2.2) (< netstandard2.0)) (&& (== netcoreapp2.2) (< portable-net45+win8+wpa81)) (&& (== netcoreapp3.1) (< netstandard1.2)) (&& (== netcoreapp3.1) (< netstandard1.3)) (&& (== netcoreapp3.1) (< netstandard1.4)) (&& (== netcoreapp3.1) (< netstandard1.5)) (&& (== netcoreapp3.1) (< netstandard1.6)) (&& (== netcoreapp3.1) (< netstandard2.0)) (&& (== netcoreapp3.1) (< portable-net45+win8+wpa81)) (== netstandard1.6) (&& (== netstandard2.0) (< netstandard1.2)) (&& (== netstandard2.0) (< netstandard1.3)) (&& (== netstandard2.0) (< netstandard1.4)) (&& (== netstandard2.0) (< netstandard1.5)) (&& (== netstandard2.0) (< netstandard1.6)) (&& (== netstandard2.0) (< portable-net45+win8+wpa81))
      System.Reflection.Primitives (>= 4.3) - restriction: || (&& (== net45) (< portable-net45+win8+wpa81)) (&& (== net45) (>= uap10.0)) (&& (== net452) (< net45)) (&& (== net452) (< portable-net45+win8+wpa81)) (&& (== net452) (>= uap10.0)) (&& (== net46) (< net45)) (&& (== net46) (< portable-net45+win8+wpa81)) (&& (== net46) (>= uap10.0)) (&& (== net462) (< net45)) (&& (== net462) (< netstandard1.5) (>= uap10.0)) (&& (== net462) (< portable-net45+win8+wpa81)) (&& (== netcoreapp2.2) (< netstandard1.2)) (&& (== netcoreapp2.2) (< netstandard1.3)) (&& (== netcoreapp2.2) (< netstandard1.4)) (&& (== netcoreapp2.2) (< netstandard1.5)) (&& (== netcoreapp2.2) (< netstandard1.6)) (&& (== netcoreapp2.2) (< netstandard2.0)) (&& (== netcoreapp2.2) (< portable-net45+win8+wpa81)) (&& (== netcoreapp3.1) (< netstandard1.2)) (&& (== netcoreapp3.1) (< netstandard1.3)) (&& (== netcoreapp3.1) (< netstandard1.4)) (&& (== netcoreapp3.1) (< netstandard1.5)) (&& (== netcoreapp3.1) (< netstandard1.6)) (&& (== netcoreapp3.1) (< netstandard2.0)) (&& (== netcoreapp3.1) (< portable-net45+win8+wpa81)) (== netstandard1.6) (&& (== netstandard2.0) (< netstandard1.2)) (&& (== netstandard2.0) (< netstandard1.3)) (&& (== netstandard2.0) (< netstandard1.4)) (&& (== netstandard2.0) (< netstandard1.5)) (&& (== netstandard2.0) (< netstandard1.6)) (&& (== netstandard2.0) (< portable-net45+win8+wpa81))
      System.Resources.ResourceManager (>= 4.3) - restriction: || (&& (== net45) (< portable-net45+win8+wpa81)) (&& (== net45) (>= uap10.0)) (&& (== net452) (< net45)) (&& (== net452) (< portable-net45+win8+wpa81)) (&& (== net452) (>= uap10.0)) (&& (== net46) (< net45)) (&& (== net46) (< portable-net45+win8+wpa81)) (&& (== net46) (>= uap10.0)) (&& (== net462) (< net45)) (&& (== net462) (< netstandard1.5) (>= uap10.0)) (&& (== net462) (< portable-net45+win8+wpa81)) (&& (== netcoreapp2.2) (< netstandard1.2)) (&& (== netcoreapp2.2) (< netstandard1.3)) (&& (== netcoreapp2.2) (< netstandard1.4)) (&& (== netcoreapp2.2) (< netstandard1.5)) (&& (== netcoreapp2.2) (< netstandard1.6)) (&& (== netcoreapp2.2) (< netstandard2.0)) (&& (== netcoreapp2.2) (< portable-net45+win8+wpa81)) (&& (== netcoreapp3.1) (< netstandard1.2)) (&& (== netcoreapp3.1) (< netstandard1.3)) (&& (== netcoreapp3.1) (< netstandard1.4)) (&& (== netcoreapp3.1) (< netstandard1.5)) (&& (== netcoreapp3.1) (< netstandard1.6)) (&& (== netcoreapp3.1) (< netstandard2.0)) (&& (== netcoreapp3.1) (< portable-net45+win8+wpa81)) (== netstandard1.6) (&& (== netstandard2.0) (< netstandard1.2)) (&& (== netstandard2.0) (< netstandard1.3)) (&& (== netstandard2.0) (< netstandard1.4)) (&& (== netstandard2.0) (< netstandard1.5)) (&& (== netstandard2.0) (< netstandard1.6)) (&& (== netstandard2.0) (< portable-net45+win8+wpa81))
      System.Runtime (>= 4.3) - restriction: || (&& (== net45) (< portable-net45+win8+wpa81)) (&& (== net45) (>= uap10.0)) (&& (== net452) (< net45)) (&& (== net452) (< portable-net45+win8+wpa81)) (&& (== net452) (>= uap10.0)) (&& (== net46) (< net45)) (&& (== net46) (< portable-net45+win8+wpa81)) (&& (== net46) (>= uap10.0)) (&& (== net462) (< net45)) (&& (== net462) (< netstandard1.5) (>= uap10.0)) (&& (== net462) (< portable-net45+win8+wpa81)) (&& (== netcoreapp2.2) (< netstandard1.2)) (&& (== netcoreapp2.2) (< netstandard1.3)) (&& (== netcoreapp2.2) (< netstandard1.4)) (&& (== netcoreapp2.2) (< netstandard1.5)) (&& (== netcoreapp2.2) (< netstandard1.6)) (&& (== netcoreapp2.2) (< netstandard2.0)) (&& (== netcoreapp2.2) (< portable-net45+win8+wpa81)) (&& (== netcoreapp3.1) (< netstandard1.2)) (&& (== netcoreapp3.1) (< netstandard1.3)) (&& (== netcoreapp3.1) (< netstandard1.4)) (&& (== netcoreapp3.1) (< netstandard1.5)) (&& (== netcoreapp3.1) (< netstandard1.6)) (&& (== netcoreapp3.1) (< netstandard2.0)) (&& (== netcoreapp3.1) (< portable-net45+win8+wpa81)) (== netstandard1.6) (&& (== netstandard2.0) (< netstandard1.2)) (&& (== netstandard2.0) (< netstandard1.3)) (&& (== netstandard2.0) (< netstandard1.4)) (&& (== netstandard2.0) (< netstandard1.5)) (&& (== netstandard2.0) (< netstandard1.6)) (&& (== netstandard2.0) (< portable-net45+win8+wpa81))
      System.Runtime.Extensions (>= 4.3) - restriction: || (&& (== net45) (< portable-net45+win8+wpa81)) (&& (== net45) (>= uap10.0)) (&& (== net452) (< net45)) (&& (== net452) (< portable-net45+win8+wpa81)) (&& (== net452) (>= uap10.0)) (&& (== net46) (< net45)) (&& (== net46) (< portable-net45+win8+wpa81)) (&& (== net46) (>= uap10.0)) (&& (== net462) (< net45)) (&& (== net462) (< netstandard1.5) (>= uap10.0)) (&& (== net462) (< portable-net45+win8+wpa81)) (&& (== netcoreapp2.2) (< netstandard1.2)) (&& (== netcoreapp2.2) (< netstandard1.3)) (&& (== netcoreapp2.2) (< netstandard1.4)) (&& (== netcoreapp2.2) (< netstandard1.5)) (&& (== netcoreapp2.2) (< netstandard1.6)) (&& (== netcoreapp2.2) (< netstandard2.0)) (&& (== netcoreapp2.2) (< portable-net45+win8+wpa81)) (&& (== netcoreapp3.1) (< netstandard1.2)) (&& (== netcoreapp3.1) (< netstandard1.3)) (&& (== netcoreapp3.1) (< netstandard1.4)) (&& (== netcoreapp3.1) (< netstandard1.5)) (&& (== netcoreapp3.1) (< netstandard1.6)) (&& (== netcoreapp3.1) (< netstandard2.0)) (&& (== netcoreapp3.1) (< portable-net45+win8+wpa81)) (== netstandard1.6) (&& (== netstandard2.0) (< netstandard1.2)) (&& (== netstandard2.0) (< netstandard1.3)) (&& (== netstandard2.0) (< netstandard1.4)) (&& (== netstandard2.0) (< netstandard1.5)) (&& (== netstandard2.0) (< netstandard1.6)) (&& (== netstandard2.0) (< portable-net45+win8+wpa81))
      System.Runtime.Handles (>= 4.3) - restriction: || (&& (== net45) (>= uap10.0)) (&& (== net452) (< net45) (>= netstandard1.3)) (&& (== net452) (< net45) (>= netstandard1.4)) (&& (== net452) (< net45) (>= netstandard1.5)) (&& (== net452) (< net45) (>= netstandard1.6)) (&& (== net452) (>= uap10.0)) (&& (== net46) (< net45)) (&& (== net46) (>= uap10.0)) (&& (== net462) (< net45)) (&& (== net462) (< netstandard1.5) (>= uap10.0)) (&& (== netcoreapp2.2) (< netstandard1.4)) (&& (== netcoreapp2.2) (< netstandard1.5)) (&& (== netcoreapp2.2) (< netstandard1.6)) (&& (== netcoreapp2.2) (< netstandard2.0)) (&& (== netcoreapp3.1) (< netstandard1.4)) (&& (== netcoreapp3.1) (< netstandard1.5)) (&& (== netcoreapp3.1) (< netstandard1.6)) (&& (== netcoreapp3.1) (< netstandard2.0)) (== netstandard1.6) (&& (== netstandard2.0) (< netstandard1.4)) (&& (== netstandard2.0) (< netstandard1.5)) (&& (== netstandard2.0) (< netstandard1.6))
      System.Runtime.InteropServices (>= 4.3) - restriction: || (&& (== net45) (>= uap10.0)) (&& (== net452) (< net45)) (&& (== net452) (>= uap10.0)) (&& (== net46) (< net45)) (&& (== net46) (>= uap10.0)) (&& (== net462) (< net45)) (&& (== net462) (< netstandard1.5) (>= uap10.0)) (&& (== netcoreapp2.2) (< netstandard1.2)) (&& (== netcoreapp2.2) (< netstandard1.3)) (&& (== netcoreapp2.2) (< netstandard1.4)) (&& (== netcoreapp2.2) (< netstandard1.5)) (&& (== netcoreapp2.2) (< netstandard1.6)) (&& (== netcoreapp2.2) (< netstandard2.0)) (&& (== netcoreapp3.1) (< netstandard1.2)) (&& (== netcoreapp3.1) (< netstandard1.3)) (&& (== netcoreapp3.1) (< netstandard1.4)) (&& (== netcoreapp3.1) (< netstandard1.5)) (&& (== netcoreapp3.1) (< netstandard1.6)) (&& (== netcoreapp3.1) (< netstandard2.0)) (== netstandard1.6) (&& (== netstandard2.0) (< netstandard1.2)) (&& (== netstandard2.0) (< netstandard1.3)) (&& (== netstandard2.0) (< netstandard1.4)) (&& (== netstandard2.0) (< netstandard1.5)) (&& (== netstandard2.0) (< netstandard1.6))
      System.Runtime.InteropServices.RuntimeInformation (>= 4.3) - restriction: || (== net45) (== net452) (== net46) (&& (== net462) (< net45)) (&& (== net462) (< netstandard1.0)) (&& (== net462) (< netstandard1.3)) (&& (== net462) (< netstandard1.4)) (&& (== net462) (< netstandard1.5) (>= uap10.0)) (&& (== netcoreapp2.2) (< netstandard1.0)) (&& (== netcoreapp2.2) (< netstandard1.2)) (&& (== netcoreapp2.2) (< netstandard1.3)) (&& (== netcoreapp2.2) (< netstandard1.4)) (&& (== netcoreapp2.2) (< netstandard1.5)) (&& (== netcoreapp2.2) (< netstandard1.6)) (&& (== netcoreapp2.2) (< netstandard2.0)) (&& (== netcoreapp3.1) (< netstandard1.0)) (&& (== netcoreapp3.1) (< netstandard1.2)) (&& (== netcoreapp3.1) (< netstandard1.3)) (&& (== netcoreapp3.1) (< netstandard1.4)) (&& (== netcoreapp3.1) (< netstandard1.5)) (&& (== netcoreapp3.1) (< netstandard1.6)) (&& (== netcoreapp3.1) (< netstandard2.0)) (== netstandard1.6) (&& (== netstandard2.0) (< netstandard1.0)) (&& (== netstandard2.0) (< netstandard1.2)) (&& (== netstandard2.0) (< netstandard1.3)) (&& (== netstandard2.0) (< netstandard1.4)) (&& (== netstandard2.0) (< netstandard1.5)) (&& (== netstandard2.0) (< netstandard1.6))
      System.Runtime.Numerics (>= 4.3) - restriction: || (&& (== net45) (>= uap10.0)) (&& (== net452) (< net45)) (&& (== net452) (>= uap10.0)) (&& (== net46) (< net45)) (&& (== net46) (>= uap10.0)) (&& (== net462) (< net45)) (&& (== net462) (< netstandard1.5) (>= uap10.0)) (&& (== netcoreapp2.2) (< netstandard1.2)) (&& (== netcoreapp2.2) (< netstandard1.3)) (&& (== netcoreapp2.2) (< netstandard1.4)) (&& (== netcoreapp2.2) (< netstandard1.5)) (&& (== netcoreapp2.2) (< netstandard1.6)) (&& (== netcoreapp2.2) (< netstandard2.0)) (&& (== netcoreapp3.1) (< netstandard1.2)) (&& (== netcoreapp3.1) (< netstandard1.3)) (&& (== netcoreapp3.1) (< netstandard1.4)) (&& (== netcoreapp3.1) (< netstandard1.5)) (&& (== netcoreapp3.1) (< netstandard1.6)) (&& (== netcoreapp3.1) (< netstandard2.0)) (== netstandard1.6) (&& (== netstandard2.0) (< netstandard1.2)) (&& (== netstandard2.0) (< netstandard1.3)) (&& (== netstandard2.0) (< netstandard1.4)) (&& (== netstandard2.0) (< netstandard1.5)) (&& (== netstandard2.0) (< netstandard1.6))
      System.Security.Cryptography.Algorithms (>= 4.3) - restriction: || (&& (== net45) (>= net46)) (&& (== net45) (>= uap10.0)) (&& (== net452) (< net45) (>= netstandard1.3)) (&& (== net452) (< net45) (>= netstandard1.4)) (&& (== net452) (< net45) (>= netstandard1.5)) (&& (== net452) (< net45) (>= netstandard1.6)) (&& (== net452) (>= net46)) (&& (== net452) (>= uap10.0)) (== net46) (&& (== net462) (< net45)) (&& (== net462) (< netstandard1.4)) (&& (== net462) (< netstandard1.5) (>= uap10.0)) (&& (== netcoreapp2.2) (< netstandard1.4)) (&& (== netcoreapp2.2) (< netstandard1.5)) (&& (== netcoreapp2.2) (< netstandard1.6)) (&& (== netcoreapp2.2) (< netstandard2.0)) (&& (== netcoreapp3.1) (< netstandard1.4)) (&& (== netcoreapp3.1) (< netstandard1.5)) (&& (== netcoreapp3.1) (< netstandard1.6)) (&& (== netcoreapp3.1) (< netstandard2.0)) (== netstandard1.6) (&& (== netstandard2.0) (< netstandard1.4)) (&& (== netstandard2.0) (< netstandard1.5)) (&& (== netstandard2.0) (< netstandard1.6))
      System.Security.Cryptography.Encoding (>= 4.3) - restriction: || (&& (== net45) (>= net46)) (&& (== net45) (>= uap10.0)) (&& (== net452) (< net45) (>= netstandard1.3)) (&& (== net452) (< net45) (>= netstandard1.4)) (&& (== net452) (< net45) (>= netstandard1.5)) (&& (== net452) (< net45) (>= netstandard1.6)) (&& (== net452) (>= net46)) (&& (== net452) (>= uap10.0)) (== net46) (&& (== net462) (< net45)) (&& (== net462) (< netstandard1.4)) (&& (== net462) (< netstandard1.5) (>= uap10.0)) (&& (== netcoreapp2.2) (< netstandard1.4)) (&& (== netcoreapp2.2) (< netstandard1.5)) (&& (== netcoreapp2.2) (< netstandard1.6)) (&& (== netcoreapp2.2) (< netstandard2.0)) (&& (== netcoreapp3.1) (< netstandard1.4)) (&& (== netcoreapp3.1) (< netstandard1.5)) (&& (== netcoreapp3.1) (< netstandard1.6)) (&& (== netcoreapp3.1) (< netstandard2.0)) (== netstandard1.6) (&& (== netstandard2.0) (< netstandard1.4)) (&& (== netstandard2.0) (< netstandard1.5)) (&& (== netstandard2.0) (< netstandard1.6))
      System.Security.Cryptography.Primitives (>= 4.3) - restriction: || (&& (== net45) (>= net46)) (&& (== net45) (>= uap10.0)) (&& (== net452) (< net45) (>= netstandard1.3)) (&& (== net452) (< net45) (>= netstandard1.4)) (&& (== net452) (< net45) (>= netstandard1.5)) (&& (== net452) (< net45) (>= netstandard1.6)) (&& (== net452) (>= net46)) (&& (== net452) (>= uap10.0)) (== net46) (&& (== net462) (< net45)) (&& (== net462) (< netstandard1.4)) (&& (== net462) (< netstandard1.5) (>= uap10.0)) (&& (== netcoreapp2.2) (< netstandard1.4)) (&& (== netcoreapp2.2) (< netstandard1.5)) (&& (== netcoreapp2.2) (< netstandard1.6)) (&& (== netcoreapp2.2) (< netstandard2.0)) (&& (== netcoreapp3.1) (< netstandard1.4)) (&& (== netcoreapp3.1) (< netstandard1.5)) (&& (== netcoreapp3.1) (< netstandard1.6)) (&& (== netcoreapp3.1) (< netstandard2.0)) (== netstandard1.6) (&& (== netstandard2.0) (< netstandard1.4)) (&& (== netstandard2.0) (< netstandard1.5)) (&& (== netstandard2.0) (< netstandard1.6))
      System.Security.Cryptography.X509Certificates (>= 4.3) - restriction: || (&& (== net45) (>= net46)) (&& (== net45) (>= uap10.0)) (&& (== net452) (< net45) (>= netstandard1.3)) (&& (== net452) (< net45) (>= netstandard1.4)) (&& (== net452) (< net45) (>= netstandard1.5)) (&& (== net452) (< net45) (>= netstandard1.6)) (&& (== net452) (>= net46)) (&& (== net452) (>= uap10.0)) (== net46) (&& (== net462) (< net45)) (&& (== net462) (< netstandard1.4)) (&& (== net462) (< netstandard1.5) (>= uap10.0)) (&& (== netcoreapp2.2) (< netstandard1.4)) (&& (== netcoreapp2.2) (< netstandard1.5)) (&& (== netcoreapp2.2) (< netstandard1.6)) (&& (== netcoreapp2.2) (< netstandard2.0)) (&& (== netcoreapp3.1) (< netstandard1.4)) (&& (== netcoreapp3.1) (< netstandard1.5)) (&& (== netcoreapp3.1) (< netstandard1.6)) (&& (== netcoreapp3.1) (< netstandard2.0)) (== netstandard1.6) (&& (== netstandard2.0) (< netstandard1.4)) (&& (== netstandard2.0) (< netstandard1.5)) (&& (== netstandard2.0) (< netstandard1.6))
      System.Text.Encoding (>= 4.3) - restriction: || (&& (== net45) (< portable-net45+win8+wpa81)) (&& (== net45) (>= uap10.0)) (&& (== net452) (< net45)) (&& (== net452) (< portable-net45+win8+wpa81)) (&& (== net452) (>= uap10.0)) (&& (== net46) (< net45)) (&& (== net46) (< portable-net45+win8+wpa81)) (&& (== net46) (>= uap10.0)) (&& (== net462) (< net45)) (&& (== net462) (< netstandard1.5) (>= uap10.0)) (&& (== net462) (< portable-net45+win8+wpa81)) (&& (== netcoreapp2.2) (< netstandard1.2)) (&& (== netcoreapp2.2) (< netstandard1.3)) (&& (== netcoreapp2.2) (< netstandard1.4)) (&& (== netcoreapp2.2) (< netstandard1.5)) (&& (== netcoreapp2.2) (< netstandard1.6)) (&& (== netcoreapp2.2) (< netstandard2.0)) (&& (== netcoreapp2.2) (< portable-net45+win8+wpa81)) (&& (== netcoreapp3.1) (< netstandard1.2)) (&& (== netcoreapp3.1) (< netstandard1.3)) (&& (== netcoreapp3.1) (< netstandard1.4)) (&& (== netcoreapp3.1) (< netstandard1.5)) (&& (== netcoreapp3.1) (< netstandard1.6)) (&& (== netcoreapp3.1) (< netstandard2.0)) (&& (== netcoreapp3.1) (< portable-net45+win8+wpa81)) (== netstandard1.6) (&& (== netstandard2.0) (< netstandard1.2)) (&& (== netstandard2.0) (< netstandard1.3)) (&& (== netstandard2.0) (< netstandard1.4)) (&& (== netstandard2.0) (< netstandard1.5)) (&& (== netstandard2.0) (< netstandard1.6)) (&& (== netstandard2.0) (< portable-net45+win8+wpa81))
      System.Text.Encoding.Extensions (>= 4.3) - restriction: || (&& (== net45) (< portable-net45+win8+wpa81)) (&& (== net45) (>= uap10.0)) (&& (== net452) (< net45)) (&& (== net452) (< portable-net45+win8+wpa81)) (&& (== net452) (>= uap10.0)) (&& (== net46) (< net45)) (&& (== net46) (< portable-net45+win8+wpa81)) (&& (== net46) (>= uap10.0)) (&& (== net462) (< net45)) (&& (== net462) (< netstandard1.5) (>= uap10.0)) (&& (== net462) (< portable-net45+win8+wpa81)) (&& (== netcoreapp2.2) (< netstandard1.2)) (&& (== netcoreapp2.2) (< netstandard1.3)) (&& (== netcoreapp2.2) (< netstandard1.4)) (&& (== netcoreapp2.2) (< netstandard1.5)) (&& (== netcoreapp2.2) (< netstandard1.6)) (&& (== netcoreapp2.2) (< netstandard2.0)) (&& (== netcoreapp2.2) (< portable-net45+win8+wpa81)) (&& (== netcoreapp3.1) (< netstandard1.2)) (&& (== netcoreapp3.1) (< netstandard1.3)) (&& (== netcoreapp3.1) (< netstandard1.4)) (&& (== netcoreapp3.1) (< netstandard1.5)) (&& (== netcoreapp3.1) (< netstandard1.6)) (&& (== netcoreapp3.1) (< netstandard2.0)) (&& (== netcoreapp3.1) (< portable-net45+win8+wpa81)) (== netstandard1.6) (&& (== netstandard2.0) (< netstandard1.2)) (&& (== netstandard2.0) (< netstandard1.3)) (&& (== netstandard2.0) (< netstandard1.4)) (&& (== netstandard2.0) (< netstandard1.5)) (&& (== netstandard2.0) (< netstandard1.6)) (&& (== netstandard2.0) (< portable-net45+win8+wpa81))
      System.Text.RegularExpressions (>= 4.3) - restriction: || (&& (== net45) (< portable-net45+win8+wpa81)) (&& (== net45) (>= uap10.0)) (&& (== net452) (< net45)) (&& (== net452) (< portable-net45+win8+wpa81)) (&& (== net452) (>= uap10.0)) (&& (== net46) (< net45)) (&& (== net46) (< portable-net45+win8+wpa81)) (&& (== net46) (>= uap10.0)) (&& (== net462) (< net45)) (&& (== net462) (< netstandard1.5) (>= uap10.0)) (&& (== net462) (< portable-net45+win8+wpa81)) (&& (== netcoreapp2.2) (< netstandard1.2)) (&& (== netcoreapp2.2) (< netstandard1.3)) (&& (== netcoreapp2.2) (< netstandard1.4)) (&& (== netcoreapp2.2) (< netstandard1.5)) (&& (== netcoreapp2.2) (< netstandard1.6)) (&& (== netcoreapp2.2) (< netstandard2.0)) (&& (== netcoreapp2.2) (< portable-net45+win8+wpa81)) (&& (== netcoreapp3.1) (< netstandard1.2)) (&& (== netcoreapp3.1) (< netstandard1.3)) (&& (== netcoreapp3.1) (< netstandard1.4)) (&& (== netcoreapp3.1) (< netstandard1.5)) (&& (== netcoreapp3.1) (< netstandard1.6)) (&& (== netcoreapp3.1) (< netstandard2.0)) (&& (== netcoreapp3.1) (< portable-net45+win8+wpa81)) (== netstandard1.6) (&& (== netstandard2.0) (< netstandard1.2)) (&& (== netstandard2.0) (< netstandard1.3)) (&& (== netstandard2.0) (< netstandard1.4)) (&& (== netstandard2.0) (< netstandard1.5)) (&& (== netstandard2.0) (< netstandard1.6)) (&& (== netstandard2.0) (< portable-net45+win8+wpa81))
      System.Threading (>= 4.3) - restriction: || (&& (== net45) (< portable-net45+win8+wpa81)) (&& (== net45) (>= uap10.0)) (&& (== net452) (< net45)) (&& (== net452) (< portable-net45+win8+wpa81)) (&& (== net452) (>= uap10.0)) (&& (== net46) (< net45)) (&& (== net46) (< portable-net45+win8+wpa81)) (&& (== net46) (>= uap10.0)) (&& (== net462) (< net45)) (&& (== net462) (< netstandard1.5) (>= uap10.0)) (&& (== net462) (< portable-net45+win8+wpa81)) (&& (== netcoreapp2.2) (< netstandard1.2)) (&& (== netcoreapp2.2) (< netstandard1.3)) (&& (== netcoreapp2.2) (< netstandard1.4)) (&& (== netcoreapp2.2) (< netstandard1.5)) (&& (== netcoreapp2.2) (< netstandard1.6)) (&& (== netcoreapp2.2) (< netstandard2.0)) (&& (== netcoreapp2.2) (< portable-net45+win8+wpa81)) (&& (== netcoreapp3.1) (< netstandard1.2)) (&& (== netcoreapp3.1) (< netstandard1.3)) (&& (== netcoreapp3.1) (< netstandard1.4)) (&& (== netcoreapp3.1) (< netstandard1.5)) (&& (== netcoreapp3.1) (< netstandard1.6)) (&& (== netcoreapp3.1) (< netstandard2.0)) (&& (== netcoreapp3.1) (< portable-net45+win8+wpa81)) (== netstandard1.6) (&& (== netstandard2.0) (< netstandard1.2)) (&& (== netstandard2.0) (< netstandard1.3)) (&& (== netstandard2.0) (< netstandard1.4)) (&& (== netstandard2.0) (< netstandard1.5)) (&& (== netstandard2.0) (< netstandard1.6)) (&& (== netstandard2.0) (< portable-net45+win8+wpa81))
      System.Threading.Tasks (>= 4.3) - restriction: || (&& (== net45) (< portable-net45+win8+wpa81)) (&& (== net45) (>= uap10.0)) (&& (== net452) (< net45)) (&& (== net452) (< portable-net45+win8+wpa81)) (&& (== net452) (>= uap10.0)) (&& (== net46) (< net45)) (&& (== net46) (< portable-net45+win8+wpa81)) (&& (== net46) (>= uap10.0)) (&& (== net462) (< net45)) (&& (== net462) (< netstandard1.5) (>= uap10.0)) (&& (== net462) (< portable-net45+win8+wpa81)) (&& (== netcoreapp2.2) (< netstandard1.2)) (&& (== netcoreapp2.2) (< netstandard1.3)) (&& (== netcoreapp2.2) (< netstandard1.4)) (&& (== netcoreapp2.2) (< netstandard1.5)) (&& (== netcoreapp2.2) (< netstandard1.6)) (&& (== netcoreapp2.2) (< netstandard2.0)) (&& (== netcoreapp2.2) (< portable-net45+win8+wpa81)) (&& (== netcoreapp3.1) (< netstandard1.2)) (&& (== netcoreapp3.1) (< netstandard1.3)) (&& (== netcoreapp3.1) (< netstandard1.4)) (&& (== netcoreapp3.1) (< netstandard1.5)) (&& (== netcoreapp3.1) (< netstandard1.6)) (&& (== netcoreapp3.1) (< netstandard2.0)) (&& (== netcoreapp3.1) (< portable-net45+win8+wpa81)) (== netstandard1.6) (&& (== netstandard2.0) (< netstandard1.2)) (&& (== netstandard2.0) (< netstandard1.3)) (&& (== netstandard2.0) (< netstandard1.4)) (&& (== netstandard2.0) (< netstandard1.5)) (&& (== netstandard2.0) (< netstandard1.6)) (&& (== netstandard2.0) (< portable-net45+win8+wpa81))
      System.Threading.Timer (>= 4.3) - restriction: || (&& (== net45) (>= uap10.0)) (&& (== net452) (< net45)) (&& (== net452) (>= uap10.0)) (&& (== net46) (< net45)) (&& (== net46) (>= uap10.0)) (&& (== net462) (< net45)) (&& (== net462) (< netstandard1.5) (>= uap10.0)) (&& (== netcoreapp2.2) (< netstandard1.3)) (&& (== netcoreapp2.2) (< netstandard1.4)) (&& (== netcoreapp2.2) (< netstandard1.5)) (&& (== netcoreapp2.2) (< netstandard1.6)) (&& (== netcoreapp2.2) (< netstandard2.0)) (&& (== netcoreapp3.1) (< netstandard1.3)) (&& (== netcoreapp3.1) (< netstandard1.4)) (&& (== netcoreapp3.1) (< netstandard1.5)) (&& (== netcoreapp3.1) (< netstandard1.6)) (&& (== netcoreapp3.1) (< netstandard2.0)) (== netstandard1.6) (&& (== netstandard2.0) (< netstandard1.3)) (&& (== netstandard2.0) (< netstandard1.4)) (&& (== netstandard2.0) (< netstandard1.5)) (&& (== netstandard2.0) (< netstandard1.6))
      System.Xml.ReaderWriter (>= 4.3) - restriction: || (&& (== net45) (>= net46)) (&& (== net45) (< portable-net45+win8+wpa81)) (&& (== net45) (>= uap10.0)) (&& (== net452) (< net45)) (&& (== net452) (>= net46)) (&& (== net452) (< portable-net45+win8+wpa81)) (&& (== net452) (>= uap10.0)) (== net46) (&& (== net462) (< net45)) (&& (== net462) (< netstandard1.4)) (&& (== net462) (< netstandard1.5) (>= uap10.0)) (&& (== net462) (< portable-net45+win8+wpa81)) (&& (== netcoreapp2.2) (< netstandard1.2)) (&& (== netcoreapp2.2) (< netstandard1.3)) (&& (== netcoreapp2.2) (< netstandard1.4)) (&& (== netcoreapp2.2) (< netstandard1.5)) (&& (== netcoreapp2.2) (< netstandard1.6)) (&& (== netcoreapp2.2) (< netstandard2.0)) (&& (== netcoreapp2.2) (< portable-net45+win8+wpa81)) (&& (== netcoreapp3.1) (< netstandard1.2)) (&& (== netcoreapp3.1) (< netstandard1.3)) (&& (== netcoreapp3.1) (< netstandard1.4)) (&& (== netcoreapp3.1) (< netstandard1.5)) (&& (== netcoreapp3.1) (< netstandard1.6)) (&& (== netcoreapp3.1) (< netstandard2.0)) (&& (== netcoreapp3.1) (< portable-net45+win8+wpa81)) (== netstandard1.6) (&& (== netstandard2.0) (< netstandard1.2)) (&& (== netstandard2.0) (< netstandard1.3)) (&& (== netstandard2.0) (< netstandard1.4)) (&& (== netstandard2.0) (< netstandard1.5)) (&& (== netstandard2.0) (< netstandard1.6)) (&& (== netstandard2.0) (< portable-net45+win8+wpa81))
      System.Xml.XDocument (>= 4.3) - restriction: || (&& (== net45) (< portable-net45+win8+wpa81)) (&& (== net45) (>= uap10.0)) (&& (== net452) (< net45)) (&& (== net452) (< portable-net45+win8+wpa81)) (&& (== net452) (>= uap10.0)) (&& (== net46) (< net45)) (&& (== net46) (< portable-net45+win8+wpa81)) (&& (== net46) (>= uap10.0)) (&& (== net462) (< net45)) (&& (== net462) (< netstandard1.5) (>= uap10.0)) (&& (== net462) (< portable-net45+win8+wpa81)) (&& (== netcoreapp2.2) (< netstandard1.2)) (&& (== netcoreapp2.2) (< netstandard1.3)) (&& (== netcoreapp2.2) (< netstandard1.4)) (&& (== netcoreapp2.2) (< netstandard1.5)) (&& (== netcoreapp2.2) (< netstandard1.6)) (&& (== netcoreapp2.2) (< netstandard2.0)) (&& (== netcoreapp2.2) (< portable-net45+win8+wpa81)) (&& (== netcoreapp3.1) (< netstandard1.2)) (&& (== netcoreapp3.1) (< netstandard1.3)) (&& (== netcoreapp3.1) (< netstandard1.4)) (&& (== netcoreapp3.1) (< netstandard1.5)) (&& (== netcoreapp3.1) (< netstandard1.6)) (&& (== netcoreapp3.1) (< netstandard2.0)) (&& (== netcoreapp3.1) (< portable-net45+win8+wpa81)) (== netstandard1.6) (&& (== netstandard2.0) (< netstandard1.2)) (&& (== netstandard2.0) (< netstandard1.3)) (&& (== netstandard2.0) (< netstandard1.4)) (&& (== netstandard2.0) (< netstandard1.5)) (&& (== netstandard2.0) (< netstandard1.6)) (&& (== netstandard2.0) (< portable-net45+win8+wpa81))
    Perfolizer (0.2.1) - restriction: || (&& (== net45) (>= netstandard2.0)) (&& (== net452) (>= netstandard2.0)) (&& (== net46) (>= netstandard2.0)) (&& (== net462) (>= netstandard2.0)) (== netcoreapp2.2) (== netcoreapp3.1) (&& (== netstandard1.6) (>= netstandard2.0)) (== netstandard2.0)
      System.Memory (>= 4.5.3) - restriction: || (&& (== net45) (>= netstandard2.0)) (&& (== net452) (>= netstandard2.0)) (&& (== net46) (>= netstandard2.0)) (&& (== net462) (>= netstandard2.0)) (== netcoreapp2.2) (== netcoreapp3.1) (&& (== netstandard1.6) (>= netstandard2.0)) (== netstandard2.0)
    runtime.debian.8-x64.runtime.native.System.Security.Cryptography.OpenSsl (4.3.3) - restriction: || (&& (== net45) (== net462) (>= netstandard1.6) (>= uap10.0)) (&& (== net45) (== netcoreapp2.2)) (&& (== net45) (== netcoreapp3.1)) (&& (== net452) (== netcoreapp2.2)) (&& (== net452) (== netcoreapp3.1)) (&& (== net452) (== netstandard2.0)) (&& (== net452) (< net45) (>= netstandard1.6)) (&& (== net452) (>= netstandard1.6) (>= uap10.0)) (&& (== net46) (== netcoreapp2.2)) (&& (== net46) (== netcoreapp3.1)) (&& (== net46) (== netstandard2.0)) (&& (== net46) (< net45) (>= netstandard1.6)) (&& (== net46) (>= netstandard1.6) (>= uap10.0)) (&& (== net462) (== netcoreapp2.2)) (&& (== net462) (== netcoreapp3.1)) (&& (== net462) (== netstandard2.0)) (&& (== net462) (< net45) (>= netstandard1.6)) (&& (== net462) (< netstandard1.5) (>= netstandard1.6) (>= uap10.0)) (&& (== netcoreapp2.2) (< netstandard1.2)) (&& (== netcoreapp2.2) (< netstandard1.3)) (&& (== netcoreapp2.2) (< netstandard1.4)) (&& (== netcoreapp2.2) (< netstandard1.5)) (&& (== netcoreapp2.2) (< netstandard1.6)) (&& (== netcoreapp2.2) (< netstandard2.0)) (&& (== netcoreapp3.1) (< netstandard1.2)) (&& (== netcoreapp3.1) (< netstandard1.3)) (&& (== netcoreapp3.1) (< netstandard1.4)) (&& (== netcoreapp3.1) (< netstandard1.5)) (&& (== netcoreapp3.1) (< netstandard1.6)) (&& (== netcoreapp3.1) (< netstandard2.0)) (== netstandard1.6)
    runtime.debian.9-x64.runtime.native.System.Security.Cryptography.OpenSsl (4.3.3) - restriction: || (&& (== net45) (== net462) (>= netstandard1.6) (>= uap10.0)) (&& (== net45) (== netcoreapp2.2)) (&& (== net45) (== netcoreapp3.1)) (&& (== net452) (== netcoreapp2.2)) (&& (== net452) (== netcoreapp3.1)) (&& (== net452) (== netstandard2.0)) (&& (== net452) (< net45) (>= netstandard1.6)) (&& (== net452) (>= netstandard1.6) (>= uap10.0)) (&& (== net46) (== netcoreapp2.2)) (&& (== net46) (== netcoreapp3.1)) (&& (== net46) (== netstandard2.0)) (&& (== net46) (< net45) (>= netstandard1.6)) (&& (== net46) (>= netstandard1.6) (>= uap10.0)) (&& (== net462) (== netcoreapp2.2)) (&& (== net462) (== netcoreapp3.1)) (&& (== net462) (== netstandard2.0)) (&& (== net462) (< net45) (>= netstandard1.6)) (&& (== net462) (< netstandard1.5) (>= netstandard1.6) (>= uap10.0)) (&& (== netcoreapp2.2) (< netstandard1.2)) (&& (== netcoreapp2.2) (< netstandard1.3)) (&& (== netcoreapp2.2) (< netstandard1.4)) (&& (== netcoreapp2.2) (< netstandard1.5)) (&& (== netcoreapp2.2) (< netstandard1.6)) (&& (== netcoreapp2.2) (< netstandard2.0)) (&& (== netcoreapp3.1) (< netstandard1.2)) (&& (== netcoreapp3.1) (< netstandard1.3)) (&& (== netcoreapp3.1) (< netstandard1.4)) (&& (== netcoreapp3.1) (< netstandard1.5)) (&& (== netcoreapp3.1) (< netstandard1.6)) (&& (== netcoreapp3.1) (< netstandard2.0)) (== netstandard1.6)
    runtime.fedora.23-x64.runtime.native.System.Security.Cryptography.OpenSsl (4.3.3) - restriction: || (&& (== net45) (== net462) (>= netstandard1.6) (>= uap10.0)) (&& (== net45) (== netcoreapp2.2)) (&& (== net45) (== netcoreapp3.1)) (&& (== net452) (== netcoreapp2.2)) (&& (== net452) (== netcoreapp3.1)) (&& (== net452) (== netstandard2.0)) (&& (== net452) (< net45) (>= netstandard1.6)) (&& (== net452) (>= netstandard1.6) (>= uap10.0)) (&& (== net46) (== netcoreapp2.2)) (&& (== net46) (== netcoreapp3.1)) (&& (== net46) (== netstandard2.0)) (&& (== net46) (< net45) (>= netstandard1.6)) (&& (== net46) (>= netstandard1.6) (>= uap10.0)) (&& (== net462) (== netcoreapp2.2)) (&& (== net462) (== netcoreapp3.1)) (&& (== net462) (== netstandard2.0)) (&& (== net462) (< net45) (>= netstandard1.6)) (&& (== net462) (< netstandard1.5) (>= netstandard1.6) (>= uap10.0)) (&& (== netcoreapp2.2) (< netstandard1.2)) (&& (== netcoreapp2.2) (< netstandard1.3)) (&& (== netcoreapp2.2) (< netstandard1.4)) (&& (== netcoreapp2.2) (< netstandard1.5)) (&& (== netcoreapp2.2) (< netstandard1.6)) (&& (== netcoreapp2.2) (< netstandard2.0)) (&& (== netcoreapp3.1) (< netstandard1.2)) (&& (== netcoreapp3.1) (< netstandard1.3)) (&& (== netcoreapp3.1) (< netstandard1.4)) (&& (== netcoreapp3.1) (< netstandard1.5)) (&& (== netcoreapp3.1) (< netstandard1.6)) (&& (== netcoreapp3.1) (< netstandard2.0)) (== netstandard1.6)
    runtime.fedora.24-x64.runtime.native.System.Security.Cryptography.OpenSsl (4.3.3) - restriction: || (&& (== net45) (== net462) (>= netstandard1.6) (>= uap10.0)) (&& (== net45) (== netcoreapp2.2)) (&& (== net45) (== netcoreapp3.1)) (&& (== net452) (== netcoreapp2.2)) (&& (== net452) (== netcoreapp3.1)) (&& (== net452) (== netstandard2.0)) (&& (== net452) (< net45) (>= netstandard1.6)) (&& (== net452) (>= netstandard1.6) (>= uap10.0)) (&& (== net46) (== netcoreapp2.2)) (&& (== net46) (== netcoreapp3.1)) (&& (== net46) (== netstandard2.0)) (&& (== net46) (< net45) (>= netstandard1.6)) (&& (== net46) (>= netstandard1.6) (>= uap10.0)) (&& (== net462) (== netcoreapp2.2)) (&& (== net462) (== netcoreapp3.1)) (&& (== net462) (== netstandard2.0)) (&& (== net462) (< net45) (>= netstandard1.6)) (&& (== net462) (< netstandard1.5) (>= netstandard1.6) (>= uap10.0)) (&& (== netcoreapp2.2) (< netstandard1.2)) (&& (== netcoreapp2.2) (< netstandard1.3)) (&& (== netcoreapp2.2) (< netstandard1.4)) (&& (== netcoreapp2.2) (< netstandard1.5)) (&& (== netcoreapp2.2) (< netstandard1.6)) (&& (== netcoreapp2.2) (< netstandard2.0)) (&& (== netcoreapp3.1) (< netstandard1.2)) (&& (== netcoreapp3.1) (< netstandard1.3)) (&& (== netcoreapp3.1) (< netstandard1.4)) (&& (== netcoreapp3.1) (< netstandard1.5)) (&& (== netcoreapp3.1) (< netstandard1.6)) (&& (== netcoreapp3.1) (< netstandard2.0)) (== netstandard1.6)
    runtime.fedora.27-x64.runtime.native.System.Security.Cryptography.OpenSsl (4.3.3) - restriction: || (&& (== net45) (== net462) (>= netstandard1.6) (>= uap10.0)) (&& (== net45) (== netcoreapp2.2)) (&& (== net45) (== netcoreapp3.1)) (&& (== net452) (== netcoreapp2.2)) (&& (== net452) (== netcoreapp3.1)) (&& (== net452) (== netstandard2.0)) (&& (== net452) (< net45) (>= netstandard1.6)) (&& (== net452) (>= netstandard1.6) (>= uap10.0)) (&& (== net46) (== netcoreapp2.2)) (&& (== net46) (== netcoreapp3.1)) (&& (== net46) (== netstandard2.0)) (&& (== net46) (< net45) (>= netstandard1.6)) (&& (== net46) (>= netstandard1.6) (>= uap10.0)) (&& (== net462) (== netcoreapp2.2)) (&& (== net462) (== netcoreapp3.1)) (&& (== net462) (== netstandard2.0)) (&& (== net462) (< net45) (>= netstandard1.6)) (&& (== net462) (< netstandard1.5) (>= netstandard1.6) (>= uap10.0)) (&& (== netcoreapp2.2) (< netstandard1.2)) (&& (== netcoreapp2.2) (< netstandard1.3)) (&& (== netcoreapp2.2) (< netstandard1.4)) (&& (== netcoreapp2.2) (< netstandard1.5)) (&& (== netcoreapp2.2) (< netstandard1.6)) (&& (== netcoreapp2.2) (< netstandard2.0)) (&& (== netcoreapp3.1) (< netstandard1.2)) (&& (== netcoreapp3.1) (< netstandard1.3)) (&& (== netcoreapp3.1) (< netstandard1.4)) (&& (== netcoreapp3.1) (< netstandard1.5)) (&& (== netcoreapp3.1) (< netstandard1.6)) (&& (== netcoreapp3.1) (< netstandard2.0)) (== netstandard1.6)
    runtime.fedora.28-x64.runtime.native.System.Security.Cryptography.OpenSsl (4.3.3) - restriction: || (&& (== net45) (== net462) (>= netstandard1.6) (>= uap10.0)) (&& (== net45) (== netcoreapp2.2)) (&& (== net45) (== netcoreapp3.1)) (&& (== net452) (== netcoreapp2.2)) (&& (== net452) (== netcoreapp3.1)) (&& (== net452) (== netstandard2.0)) (&& (== net452) (< net45) (>= netstandard1.6)) (&& (== net452) (>= netstandard1.6) (>= uap10.0)) (&& (== net46) (== netcoreapp2.2)) (&& (== net46) (== netcoreapp3.1)) (&& (== net46) (== netstandard2.0)) (&& (== net46) (< net45) (>= netstandard1.6)) (&& (== net46) (>= netstandard1.6) (>= uap10.0)) (&& (== net462) (== netcoreapp2.2)) (&& (== net462) (== netcoreapp3.1)) (&& (== net462) (== netstandard2.0)) (&& (== net462) (< net45) (>= netstandard1.6)) (&& (== net462) (< netstandard1.5) (>= netstandard1.6) (>= uap10.0)) (&& (== netcoreapp2.2) (< netstandard1.2)) (&& (== netcoreapp2.2) (< netstandard1.3)) (&& (== netcoreapp2.2) (< netstandard1.4)) (&& (== netcoreapp2.2) (< netstandard1.5)) (&& (== netcoreapp2.2) (< netstandard1.6)) (&& (== netcoreapp2.2) (< netstandard2.0)) (&& (== netcoreapp3.1) (< netstandard1.2)) (&& (== netcoreapp3.1) (< netstandard1.3)) (&& (== netcoreapp3.1) (< netstandard1.4)) (&& (== netcoreapp3.1) (< netstandard1.5)) (&& (== netcoreapp3.1) (< netstandard1.6)) (&& (== netcoreapp3.1) (< netstandard2.0)) (== netstandard1.6)
    runtime.native.System (4.3.1) - restriction: || (&& (== net45) (== net462) (>= netstandard1.6) (>= uap10.0)) (&& (== net45) (== netcoreapp2.2)) (&& (== net45) (== netcoreapp3.1)) (&& (== net452) (== netcoreapp2.2)) (&& (== net452) (== netcoreapp3.1)) (&& (== net452) (== netstandard2.0)) (&& (== net452) (< net45) (>= netstandard1.6)) (&& (== net452) (>= netstandard1.6) (>= uap10.0)) (&& (== net46) (== netcoreapp2.2)) (&& (== net46) (== netcoreapp3.1)) (&& (== net46) (== netstandard2.0)) (&& (== net46) (< net45) (>= netstandard1.6)) (&& (== net46) (>= netstandard1.6) (>= uap10.0)) (&& (== net462) (== netcoreapp2.2)) (&& (== net462) (== netcoreapp3.1)) (&& (== net462) (== netstandard2.0)) (&& (== net462) (< net45) (>= netstandard1.6)) (&& (== net462) (< netstandard1.5) (>= netstandard1.6) (>= uap10.0)) (&& (== netcoreapp2.2) (< netstandard1.2)) (&& (== netcoreapp2.2) (< netstandard1.3)) (&& (== netcoreapp2.2) (< netstandard1.4)) (&& (== netcoreapp2.2) (< netstandard1.5)) (&& (== netcoreapp2.2) (< netstandard1.6)) (&& (== netcoreapp2.2) (< netstandard2.0)) (&& (== netcoreapp3.1) (< netstandard1.2)) (&& (== netcoreapp3.1) (< netstandard1.3)) (&& (== netcoreapp3.1) (< netstandard1.4)) (&& (== netcoreapp3.1) (< netstandard1.5)) (&& (== netcoreapp3.1) (< netstandard1.6)) (&& (== netcoreapp3.1) (< netstandard2.0)) (== netstandard1.6)
      Microsoft.NETCore.Platforms (>= 1.1.1)
      Microsoft.NETCore.Targets (>= 1.1.3)
    runtime.native.System.IO.Compression (4.3.2) - restriction: || (&& (== net45) (== net462) (>= netstandard1.6) (>= uap10.0)) (&& (== net45) (== netcoreapp2.2)) (&& (== net45) (== netcoreapp3.1)) (&& (== net452) (== netcoreapp2.2)) (&& (== net452) (== netcoreapp3.1)) (&& (== net452) (== netstandard2.0)) (&& (== net452) (< net45) (>= netstandard1.6)) (&& (== net452) (>= netstandard1.6) (>= uap10.0)) (&& (== net46) (== netcoreapp2.2)) (&& (== net46) (== netcoreapp3.1)) (&& (== net46) (== netstandard2.0)) (&& (== net46) (< net45) (>= netstandard1.6)) (&& (== net46) (>= netstandard1.6) (>= uap10.0)) (&& (== net462) (== netcoreapp2.2)) (&& (== net462) (== netcoreapp3.1)) (&& (== net462) (== netstandard2.0)) (&& (== net462) (< net45) (>= netstandard1.6)) (&& (== net462) (< netstandard1.5) (>= netstandard1.6) (>= uap10.0)) (&& (== netcoreapp2.2) (< netstandard1.2)) (&& (== netcoreapp2.2) (< netstandard1.3)) (&& (== netcoreapp2.2) (< netstandard1.4)) (&& (== netcoreapp2.2) (< netstandard1.5)) (&& (== netcoreapp2.2) (< netstandard1.6)) (&& (== netcoreapp2.2) (< netstandard2.0)) (&& (== netcoreapp3.1) (< netstandard1.2)) (&& (== netcoreapp3.1) (< netstandard1.3)) (&& (== netcoreapp3.1) (< netstandard1.4)) (&& (== netcoreapp3.1) (< netstandard1.5)) (&& (== netcoreapp3.1) (< netstandard1.6)) (&& (== netcoreapp3.1) (< netstandard2.0)) (== netstandard1.6)
      Microsoft.NETCore.Platforms (>= 1.1.1)
      Microsoft.NETCore.Targets (>= 1.1.3)
    runtime.native.System.Net.Http (4.3.1) - restriction: || (&& (== net45) (== net462) (>= netstandard1.6) (>= uap10.0)) (&& (== net45) (== netcoreapp2.2)) (&& (== net45) (== netcoreapp3.1)) (&& (== net452) (== netcoreapp2.2)) (&& (== net452) (== netcoreapp3.1)) (&& (== net452) (== netstandard2.0)) (&& (== net452) (< net45) (>= netstandard1.6)) (&& (== net452) (>= netstandard1.6) (>= uap10.0)) (&& (== net46) (== netcoreapp2.2)) (&& (== net46) (== netcoreapp3.1)) (&& (== net46) (== netstandard2.0)) (&& (== net46) (< net45) (>= netstandard1.6)) (&& (== net46) (>= netstandard1.6) (>= uap10.0)) (&& (== net462) (== netcoreapp2.2)) (&& (== net462) (== netcoreapp3.1)) (&& (== net462) (== netstandard2.0)) (&& (== net462) (< net45) (>= netstandard1.6)) (&& (== net462) (< netstandard1.5) (>= netstandard1.6) (>= uap10.0)) (&& (== netcoreapp2.2) (< netstandard1.2)) (&& (== netcoreapp2.2) (< netstandard1.3)) (&& (== netcoreapp2.2) (< netstandard1.4)) (&& (== netcoreapp2.2) (< netstandard1.5)) (&& (== netcoreapp2.2) (< netstandard1.6)) (&& (== netcoreapp2.2) (< netstandard2.0)) (&& (== netcoreapp3.1) (< netstandard1.2)) (&& (== netcoreapp3.1) (< netstandard1.3)) (&& (== netcoreapp3.1) (< netstandard1.4)) (&& (== netcoreapp3.1) (< netstandard1.5)) (&& (== netcoreapp3.1) (< netstandard1.6)) (&& (== netcoreapp3.1) (< netstandard2.0)) (== netstandard1.6)
      Microsoft.NETCore.Platforms (>= 1.1.1)
      Microsoft.NETCore.Targets (>= 1.1.3)
    runtime.native.System.Security.Cryptography.Apple (4.3.1) - restriction: || (&& (== net45) (== net462) (>= netstandard1.6) (>= uap10.0)) (&& (== net45) (== netcoreapp2.2)) (&& (== net45) (== netcoreapp3.1)) (&& (== net452) (== netcoreapp2.2)) (&& (== net452) (== netcoreapp3.1)) (&& (== net452) (== netstandard2.0)) (&& (== net452) (< net45) (>= netstandard1.6)) (&& (== net452) (>= netstandard1.6) (>= uap10.0)) (&& (== net46) (== netcoreapp2.2)) (&& (== net46) (== netcoreapp3.1)) (&& (== net46) (== netstandard2.0)) (&& (== net46) (< net45) (>= netstandard1.6)) (&& (== net46) (>= netstandard1.6) (>= uap10.0)) (&& (== net462) (== netcoreapp2.2)) (&& (== net462) (== netcoreapp3.1)) (&& (== net462) (== netstandard2.0)) (&& (== net462) (< net45) (>= netstandard1.6)) (&& (== net462) (< netstandard1.5) (>= netstandard1.6) (>= uap10.0)) (&& (== netcoreapp2.2) (< netstandard1.4)) (&& (== netcoreapp2.2) (< netstandard1.5)) (&& (== netcoreapp2.2) (< netstandard1.6)) (&& (== netcoreapp2.2) (< netstandard2.0)) (&& (== netcoreapp3.1) (< netstandard1.4)) (&& (== netcoreapp3.1) (< netstandard1.5)) (&& (== netcoreapp3.1) (< netstandard1.6)) (&& (== netcoreapp3.1) (< netstandard2.0)) (== netstandard1.6)
      runtime.osx.10.10-x64.runtime.native.System.Security.Cryptography.Apple (>= 4.3.1)
    runtime.native.System.Security.Cryptography.OpenSsl (4.3.3) - restriction: || (&& (== net45) (== net462) (>= netstandard1.6) (>= uap10.0)) (&& (== net45) (== netcoreapp2.2)) (&& (== net45) (== netcoreapp3.1)) (&& (== net452) (== netcoreapp2.2)) (&& (== net452) (== netcoreapp3.1)) (&& (== net452) (== netstandard2.0)) (&& (== net452) (< net45) (>= netstandard1.6)) (&& (== net452) (>= netstandard1.6) (>= uap10.0)) (&& (== net46) (== netcoreapp2.2)) (&& (== net46) (== netcoreapp3.1)) (&& (== net46) (== netstandard2.0)) (&& (== net46) (< net45) (>= netstandard1.6)) (&& (== net46) (>= netstandard1.6) (>= uap10.0)) (&& (== net462) (== netcoreapp2.2)) (&& (== net462) (== netcoreapp3.1)) (&& (== net462) (== netstandard2.0)) (&& (== net462) (< net45) (>= netstandard1.6)) (&& (== net462) (< netstandard1.5) (>= netstandard1.6) (>= uap10.0)) (&& (== netcoreapp2.2) (< netstandard1.2)) (&& (== netcoreapp2.2) (< netstandard1.3)) (&& (== netcoreapp2.2) (< netstandard1.4)) (&& (== netcoreapp2.2) (< netstandard1.5)) (&& (== netcoreapp2.2) (< netstandard1.6)) (&& (== netcoreapp2.2) (< netstandard2.0)) (&& (== netcoreapp3.1) (< netstandard1.2)) (&& (== netcoreapp3.1) (< netstandard1.3)) (&& (== netcoreapp3.1) (< netstandard1.4)) (&& (== netcoreapp3.1) (< netstandard1.5)) (&& (== netcoreapp3.1) (< netstandard1.6)) (&& (== netcoreapp3.1) (< netstandard2.0)) (== netstandard1.6)
      runtime.debian.8-x64.runtime.native.System.Security.Cryptography.OpenSsl (>= 4.3.3)
      runtime.debian.9-x64.runtime.native.System.Security.Cryptography.OpenSsl (>= 4.3.3)
      runtime.fedora.23-x64.runtime.native.System.Security.Cryptography.OpenSsl (>= 4.3.3)
      runtime.fedora.24-x64.runtime.native.System.Security.Cryptography.OpenSsl (>= 4.3.3)
      runtime.fedora.27-x64.runtime.native.System.Security.Cryptography.OpenSsl (>= 4.3.3)
      runtime.fedora.28-x64.runtime.native.System.Security.Cryptography.OpenSsl (>= 4.3.3)
      runtime.opensuse.13.2-x64.runtime.native.System.Security.Cryptography.OpenSsl (>= 4.3.3)
      runtime.opensuse.42.1-x64.runtime.native.System.Security.Cryptography.OpenSsl (>= 4.3.3)
      runtime.opensuse.42.3-x64.runtime.native.System.Security.Cryptography.OpenSsl (>= 4.3.3)
      runtime.osx.10.10-x64.runtime.native.System.Security.Cryptography.OpenSsl (>= 4.3.3)
      runtime.rhel.7-x64.runtime.native.System.Security.Cryptography.OpenSsl (>= 4.3.3)
      runtime.ubuntu.14.04-x64.runtime.native.System.Security.Cryptography.OpenSsl (>= 4.3.3)
      runtime.ubuntu.16.04-x64.runtime.native.System.Security.Cryptography.OpenSsl (>= 4.3.3)
      runtime.ubuntu.16.10-x64.runtime.native.System.Security.Cryptography.OpenSsl (>= 4.3.3)
      runtime.ubuntu.18.04-x64.runtime.native.System.Security.Cryptography.OpenSsl (>= 4.3.3)
    runtime.opensuse.13.2-x64.runtime.native.System.Security.Cryptography.OpenSsl (4.3.3) - restriction: || (&& (== net45) (== net462) (>= netstandard1.6) (>= uap10.0)) (&& (== net45) (== netcoreapp2.2)) (&& (== net45) (== netcoreapp3.1)) (&& (== net452) (== netcoreapp2.2)) (&& (== net452) (== netcoreapp3.1)) (&& (== net452) (== netstandard2.0)) (&& (== net452) (< net45) (>= netstandard1.6)) (&& (== net452) (>= netstandard1.6) (>= uap10.0)) (&& (== net46) (== netcoreapp2.2)) (&& (== net46) (== netcoreapp3.1)) (&& (== net46) (== netstandard2.0)) (&& (== net46) (< net45) (>= netstandard1.6)) (&& (== net46) (>= netstandard1.6) (>= uap10.0)) (&& (== net462) (== netcoreapp2.2)) (&& (== net462) (== netcoreapp3.1)) (&& (== net462) (== netstandard2.0)) (&& (== net462) (< net45) (>= netstandard1.6)) (&& (== net462) (< netstandard1.5) (>= netstandard1.6) (>= uap10.0)) (&& (== netcoreapp2.2) (< netstandard1.2)) (&& (== netcoreapp2.2) (< netstandard1.3)) (&& (== netcoreapp2.2) (< netstandard1.4)) (&& (== netcoreapp2.2) (< netstandard1.5)) (&& (== netcoreapp2.2) (< netstandard1.6)) (&& (== netcoreapp2.2) (< netstandard2.0)) (&& (== netcoreapp3.1) (< netstandard1.2)) (&& (== netcoreapp3.1) (< netstandard1.3)) (&& (== netcoreapp3.1) (< netstandard1.4)) (&& (== netcoreapp3.1) (< netstandard1.5)) (&& (== netcoreapp3.1) (< netstandard1.6)) (&& (== netcoreapp3.1) (< netstandard2.0)) (== netstandard1.6)
    runtime.opensuse.42.1-x64.runtime.native.System.Security.Cryptography.OpenSsl (4.3.3) - restriction: || (&& (== net45) (== net462) (>= netstandard1.6) (>= uap10.0)) (&& (== net45) (== netcoreapp2.2)) (&& (== net45) (== netcoreapp3.1)) (&& (== net452) (== netcoreapp2.2)) (&& (== net452) (== netcoreapp3.1)) (&& (== net452) (== netstandard2.0)) (&& (== net452) (< net45) (>= netstandard1.6)) (&& (== net452) (>= netstandard1.6) (>= uap10.0)) (&& (== net46) (== netcoreapp2.2)) (&& (== net46) (== netcoreapp3.1)) (&& (== net46) (== netstandard2.0)) (&& (== net46) (< net45) (>= netstandard1.6)) (&& (== net46) (>= netstandard1.6) (>= uap10.0)) (&& (== net462) (== netcoreapp2.2)) (&& (== net462) (== netcoreapp3.1)) (&& (== net462) (== netstandard2.0)) (&& (== net462) (< net45) (>= netstandard1.6)) (&& (== net462) (< netstandard1.5) (>= netstandard1.6) (>= uap10.0)) (&& (== netcoreapp2.2) (< netstandard1.2)) (&& (== netcoreapp2.2) (< netstandard1.3)) (&& (== netcoreapp2.2) (< netstandard1.4)) (&& (== netcoreapp2.2) (< netstandard1.5)) (&& (== netcoreapp2.2) (< netstandard1.6)) (&& (== netcoreapp2.2) (< netstandard2.0)) (&& (== netcoreapp3.1) (< netstandard1.2)) (&& (== netcoreapp3.1) (< netstandard1.3)) (&& (== netcoreapp3.1) (< netstandard1.4)) (&& (== netcoreapp3.1) (< netstandard1.5)) (&& (== netcoreapp3.1) (< netstandard1.6)) (&& (== netcoreapp3.1) (< netstandard2.0)) (== netstandard1.6)
    runtime.opensuse.42.3-x64.runtime.native.System.Security.Cryptography.OpenSsl (4.3.3) - restriction: || (&& (== net45) (== net462) (>= netstandard1.6) (>= uap10.0)) (&& (== net45) (== netcoreapp2.2)) (&& (== net45) (== netcoreapp3.1)) (&& (== net452) (== netcoreapp2.2)) (&& (== net452) (== netcoreapp3.1)) (&& (== net452) (== netstandard2.0)) (&& (== net452) (< net45) (>= netstandard1.6)) (&& (== net452) (>= netstandard1.6) (>= uap10.0)) (&& (== net46) (== netcoreapp2.2)) (&& (== net46) (== netcoreapp3.1)) (&& (== net46) (== netstandard2.0)) (&& (== net46) (< net45) (>= netstandard1.6)) (&& (== net46) (>= netstandard1.6) (>= uap10.0)) (&& (== net462) (== netcoreapp2.2)) (&& (== net462) (== netcoreapp3.1)) (&& (== net462) (== netstandard2.0)) (&& (== net462) (< net45) (>= netstandard1.6)) (&& (== net462) (< netstandard1.5) (>= netstandard1.6) (>= uap10.0)) (&& (== netcoreapp2.2) (< netstandard1.2)) (&& (== netcoreapp2.2) (< netstandard1.3)) (&& (== netcoreapp2.2) (< netstandard1.4)) (&& (== netcoreapp2.2) (< netstandard1.5)) (&& (== netcoreapp2.2) (< netstandard1.6)) (&& (== netcoreapp2.2) (< netstandard2.0)) (&& (== netcoreapp3.1) (< netstandard1.2)) (&& (== netcoreapp3.1) (< netstandard1.3)) (&& (== netcoreapp3.1) (< netstandard1.4)) (&& (== netcoreapp3.1) (< netstandard1.5)) (&& (== netcoreapp3.1) (< netstandard1.6)) (&& (== netcoreapp3.1) (< netstandard2.0)) (== netstandard1.6)
    runtime.osx.10.10-x64.runtime.native.System.Security.Cryptography.Apple (4.3.1) - restriction: || (&& (== net45) (== net462) (>= netstandard1.6) (>= uap10.0)) (&& (== net45) (== netcoreapp2.2)) (&& (== net45) (== netcoreapp3.1)) (&& (== net452) (== netcoreapp2.2)) (&& (== net452) (== netcoreapp3.1)) (&& (== net452) (== netstandard2.0)) (&& (== net452) (< net45) (>= netstandard1.6)) (&& (== net452) (>= netstandard1.6) (>= uap10.0)) (&& (== net46) (== netcoreapp2.2)) (&& (== net46) (== netcoreapp3.1)) (&& (== net46) (== netstandard2.0)) (&& (== net46) (< net45) (>= netstandard1.6)) (&& (== net46) (>= netstandard1.6) (>= uap10.0)) (&& (== net462) (== netcoreapp2.2)) (&& (== net462) (== netcoreapp3.1)) (&& (== net462) (== netstandard2.0)) (&& (== net462) (< net45) (>= netstandard1.6)) (&& (== net462) (< netstandard1.5) (>= netstandard1.6) (>= uap10.0)) (&& (== netcoreapp2.2) (< netstandard1.4)) (&& (== netcoreapp2.2) (< netstandard1.5)) (&& (== netcoreapp2.2) (< netstandard1.6)) (&& (== netcoreapp2.2) (< netstandard2.0)) (&& (== netcoreapp3.1) (< netstandard1.4)) (&& (== netcoreapp3.1) (< netstandard1.5)) (&& (== netcoreapp3.1) (< netstandard1.6)) (&& (== netcoreapp3.1) (< netstandard2.0)) (== netstandard1.6)
    runtime.osx.10.10-x64.runtime.native.System.Security.Cryptography.OpenSsl (4.3.3) - restriction: || (&& (== net45) (== net462) (>= netstandard1.6) (>= uap10.0)) (&& (== net45) (== netcoreapp2.2)) (&& (== net45) (== netcoreapp3.1)) (&& (== net452) (== netcoreapp2.2)) (&& (== net452) (== netcoreapp3.1)) (&& (== net452) (== netstandard2.0)) (&& (== net452) (< net45) (>= netstandard1.6)) (&& (== net452) (>= netstandard1.6) (>= uap10.0)) (&& (== net46) (== netcoreapp2.2)) (&& (== net46) (== netcoreapp3.1)) (&& (== net46) (== netstandard2.0)) (&& (== net46) (< net45) (>= netstandard1.6)) (&& (== net46) (>= netstandard1.6) (>= uap10.0)) (&& (== net462) (== netcoreapp2.2)) (&& (== net462) (== netcoreapp3.1)) (&& (== net462) (== netstandard2.0)) (&& (== net462) (< net45) (>= netstandard1.6)) (&& (== net462) (< netstandard1.5) (>= netstandard1.6) (>= uap10.0)) (&& (== netcoreapp2.2) (< netstandard1.2)) (&& (== netcoreapp2.2) (< netstandard1.3)) (&& (== netcoreapp2.2) (< netstandard1.4)) (&& (== netcoreapp2.2) (< netstandard1.5)) (&& (== netcoreapp2.2) (< netstandard1.6)) (&& (== netcoreapp2.2) (< netstandard2.0)) (&& (== netcoreapp3.1) (< netstandard1.2)) (&& (== netcoreapp3.1) (< netstandard1.3)) (&& (== netcoreapp3.1) (< netstandard1.4)) (&& (== netcoreapp3.1) (< netstandard1.5)) (&& (== netcoreapp3.1) (< netstandard1.6)) (&& (== netcoreapp3.1) (< netstandard2.0)) (== netstandard1.6)
    runtime.rhel.7-x64.runtime.native.System.Security.Cryptography.OpenSsl (4.3.3) - restriction: || (&& (== net45) (== net462) (>= netstandard1.6) (>= uap10.0)) (&& (== net45) (== netcoreapp2.2)) (&& (== net45) (== netcoreapp3.1)) (&& (== net452) (== netcoreapp2.2)) (&& (== net452) (== netcoreapp3.1)) (&& (== net452) (== netstandard2.0)) (&& (== net452) (< net45) (>= netstandard1.6)) (&& (== net452) (>= netstandard1.6) (>= uap10.0)) (&& (== net46) (== netcoreapp2.2)) (&& (== net46) (== netcoreapp3.1)) (&& (== net46) (== netstandard2.0)) (&& (== net46) (< net45) (>= netstandard1.6)) (&& (== net46) (>= netstandard1.6) (>= uap10.0)) (&& (== net462) (== netcoreapp2.2)) (&& (== net462) (== netcoreapp3.1)) (&& (== net462) (== netstandard2.0)) (&& (== net462) (< net45) (>= netstandard1.6)) (&& (== net462) (< netstandard1.5) (>= netstandard1.6) (>= uap10.0)) (&& (== netcoreapp2.2) (< netstandard1.2)) (&& (== netcoreapp2.2) (< netstandard1.3)) (&& (== netcoreapp2.2) (< netstandard1.4)) (&& (== netcoreapp2.2) (< netstandard1.5)) (&& (== netcoreapp2.2) (< netstandard1.6)) (&& (== netcoreapp2.2) (< netstandard2.0)) (&& (== netcoreapp3.1) (< netstandard1.2)) (&& (== netcoreapp3.1) (< netstandard1.3)) (&& (== netcoreapp3.1) (< netstandard1.4)) (&& (== netcoreapp3.1) (< netstandard1.5)) (&& (== netcoreapp3.1) (< netstandard1.6)) (&& (== netcoreapp3.1) (< netstandard2.0)) (== netstandard1.6)
    runtime.ubuntu.14.04-x64.runtime.native.System.Security.Cryptography.OpenSsl (4.3.3) - restriction: || (&& (== net45) (== net462) (>= netstandard1.6) (>= uap10.0)) (&& (== net45) (== netcoreapp2.2)) (&& (== net45) (== netcoreapp3.1)) (&& (== net452) (== netcoreapp2.2)) (&& (== net452) (== netcoreapp3.1)) (&& (== net452) (== netstandard2.0)) (&& (== net452) (< net45) (>= netstandard1.6)) (&& (== net452) (>= netstandard1.6) (>= uap10.0)) (&& (== net46) (== netcoreapp2.2)) (&& (== net46) (== netcoreapp3.1)) (&& (== net46) (== netstandard2.0)) (&& (== net46) (< net45) (>= netstandard1.6)) (&& (== net46) (>= netstandard1.6) (>= uap10.0)) (&& (== net462) (== netcoreapp2.2)) (&& (== net462) (== netcoreapp3.1)) (&& (== net462) (== netstandard2.0)) (&& (== net462) (< net45) (>= netstandard1.6)) (&& (== net462) (< netstandard1.5) (>= netstandard1.6) (>= uap10.0)) (&& (== netcoreapp2.2) (< netstandard1.2)) (&& (== netcoreapp2.2) (< netstandard1.3)) (&& (== netcoreapp2.2) (< netstandard1.4)) (&& (== netcoreapp2.2) (< netstandard1.5)) (&& (== netcoreapp2.2) (< netstandard1.6)) (&& (== netcoreapp2.2) (< netstandard2.0)) (&& (== netcoreapp3.1) (< netstandard1.2)) (&& (== netcoreapp3.1) (< netstandard1.3)) (&& (== netcoreapp3.1) (< netstandard1.4)) (&& (== netcoreapp3.1) (< netstandard1.5)) (&& (== netcoreapp3.1) (< netstandard1.6)) (&& (== netcoreapp3.1) (< netstandard2.0)) (== netstandard1.6)
    runtime.ubuntu.16.04-x64.runtime.native.System.Security.Cryptography.OpenSsl (4.3.3) - restriction: || (&& (== net45) (== net462) (>= netstandard1.6) (>= uap10.0)) (&& (== net45) (== netcoreapp2.2)) (&& (== net45) (== netcoreapp3.1)) (&& (== net452) (== netcoreapp2.2)) (&& (== net452) (== netcoreapp3.1)) (&& (== net452) (== netstandard2.0)) (&& (== net452) (< net45) (>= netstandard1.6)) (&& (== net452) (>= netstandard1.6) (>= uap10.0)) (&& (== net46) (== netcoreapp2.2)) (&& (== net46) (== netcoreapp3.1)) (&& (== net46) (== netstandard2.0)) (&& (== net46) (< net45) (>= netstandard1.6)) (&& (== net46) (>= netstandard1.6) (>= uap10.0)) (&& (== net462) (== netcoreapp2.2)) (&& (== net462) (== netcoreapp3.1)) (&& (== net462) (== netstandard2.0)) (&& (== net462) (< net45) (>= netstandard1.6)) (&& (== net462) (< netstandard1.5) (>= netstandard1.6) (>= uap10.0)) (&& (== netcoreapp2.2) (< netstandard1.2)) (&& (== netcoreapp2.2) (< netstandard1.3)) (&& (== netcoreapp2.2) (< netstandard1.4)) (&& (== netcoreapp2.2) (< netstandard1.5)) (&& (== netcoreapp2.2) (< netstandard1.6)) (&& (== netcoreapp2.2) (< netstandard2.0)) (&& (== netcoreapp3.1) (< netstandard1.2)) (&& (== netcoreapp3.1) (< netstandard1.3)) (&& (== netcoreapp3.1) (< netstandard1.4)) (&& (== netcoreapp3.1) (< netstandard1.5)) (&& (== netcoreapp3.1) (< netstandard1.6)) (&& (== netcoreapp3.1) (< netstandard2.0)) (== netstandard1.6)
    runtime.ubuntu.16.10-x64.runtime.native.System.Security.Cryptography.OpenSsl (4.3.3) - restriction: || (&& (== net45) (== net462) (>= netstandard1.6) (>= uap10.0)) (&& (== net45) (== netcoreapp2.2)) (&& (== net45) (== netcoreapp3.1)) (&& (== net452) (== netcoreapp2.2)) (&& (== net452) (== netcoreapp3.1)) (&& (== net452) (== netstandard2.0)) (&& (== net452) (< net45) (>= netstandard1.6)) (&& (== net452) (>= netstandard1.6) (>= uap10.0)) (&& (== net46) (== netcoreapp2.2)) (&& (== net46) (== netcoreapp3.1)) (&& (== net46) (== netstandard2.0)) (&& (== net46) (< net45) (>= netstandard1.6)) (&& (== net46) (>= netstandard1.6) (>= uap10.0)) (&& (== net462) (== netcoreapp2.2)) (&& (== net462) (== netcoreapp3.1)) (&& (== net462) (== netstandard2.0)) (&& (== net462) (< net45) (>= netstandard1.6)) (&& (== net462) (< netstandard1.5) (>= netstandard1.6) (>= uap10.0)) (&& (== netcoreapp2.2) (< netstandard1.2)) (&& (== netcoreapp2.2) (< netstandard1.3)) (&& (== netcoreapp2.2) (< netstandard1.4)) (&& (== netcoreapp2.2) (< netstandard1.5)) (&& (== netcoreapp2.2) (< netstandard1.6)) (&& (== netcoreapp2.2) (< netstandard2.0)) (&& (== netcoreapp3.1) (< netstandard1.2)) (&& (== netcoreapp3.1) (< netstandard1.3)) (&& (== netcoreapp3.1) (< netstandard1.4)) (&& (== netcoreapp3.1) (< netstandard1.5)) (&& (== netcoreapp3.1) (< netstandard1.6)) (&& (== netcoreapp3.1) (< netstandard2.0)) (== netstandard1.6)
    runtime.ubuntu.18.04-x64.runtime.native.System.Security.Cryptography.OpenSsl (4.3.3) - restriction: || (&& (== net45) (== net462) (>= netstandard1.6) (>= uap10.0)) (&& (== net45) (== netcoreapp2.2)) (&& (== net45) (== netcoreapp3.1)) (&& (== net452) (== netcoreapp2.2)) (&& (== net452) (== netcoreapp3.1)) (&& (== net452) (== netstandard2.0)) (&& (== net452) (< net45) (>= netstandard1.6)) (&& (== net452) (>= netstandard1.6) (>= uap10.0)) (&& (== net46) (== netcoreapp2.2)) (&& (== net46) (== netcoreapp3.1)) (&& (== net46) (== netstandard2.0)) (&& (== net46) (< net45) (>= netstandard1.6)) (&& (== net46) (>= netstandard1.6) (>= uap10.0)) (&& (== net462) (== netcoreapp2.2)) (&& (== net462) (== netcoreapp3.1)) (&& (== net462) (== netstandard2.0)) (&& (== net462) (< net45) (>= netstandard1.6)) (&& (== net462) (< netstandard1.5) (>= netstandard1.6) (>= uap10.0)) (&& (== netcoreapp2.2) (< netstandard1.2)) (&& (== netcoreapp2.2) (< netstandard1.3)) (&& (== netcoreapp2.2) (< netstandard1.4)) (&& (== netcoreapp2.2) (< netstandard1.5)) (&& (== netcoreapp2.2) (< netstandard1.6)) (&& (== netcoreapp2.2) (< netstandard2.0)) (&& (== netcoreapp3.1) (< netstandard1.2)) (&& (== netcoreapp3.1) (< netstandard1.3)) (&& (== netcoreapp3.1) (< netstandard1.4)) (&& (== netcoreapp3.1) (< netstandard1.5)) (&& (== netcoreapp3.1) (< netstandard1.6)) (&& (== netcoreapp3.1) (< netstandard2.0)) (== netstandard1.6)
    System.AppContext (4.3) - restriction: || (&& (== net45) (== net462) (>= netstandard1.6) (>= uap10.0)) (&& (== net452) (< net45) (>= netstandard1.6)) (&& (== net452) (< net45) (>= netstandard2.0)) (&& (== net452) (>= netstandard1.6) (>= uap10.0)) (&& (== net46) (< net45) (>= netstandard1.6)) (&& (== net46) (< net45) (>= netstandard2.0)) (&& (== net46) (>= netstandard1.6) (>= uap10.0)) (&& (== net462) (< net45) (>= netstandard1.6)) (&& (== net462) (< net45) (>= netstandard2.0)) (&& (== net462) (< netstandard1.5) (>= netstandard1.6) (>= uap10.0)) (== netcoreapp2.2) (== netcoreapp3.1) (== netstandard1.6) (== netstandard2.0)
      System.Runtime (>= 4.3) - restriction: || (&& (== net45) (>= netstandard1.3)) (&& (== net45) (>= netstandard1.6)) (&& (== net452) (>= netstandard1.3)) (&& (== net452) (>= netstandard1.6)) (&& (== net462) (< net46)) (== netcoreapp2.2) (== netcoreapp3.1) (== netstandard1.6) (== netstandard2.0)
    System.Buffers (4.5.1)
      System.Diagnostics.Debug (>= 4.3) - restriction: || (&& (== net452) (< net45)) (&& (== net46) (< net45)) (&& (== net462) (< net45)) (&& (== netcoreapp2.2) (< netstandard2.0)) (&& (== netcoreapp3.1) (< netstandard2.0)) (== netstandard1.6)
      System.Diagnostics.Tracing (>= 4.3) - restriction: || (&& (== net452) (< net45)) (&& (== net46) (< net45)) (&& (== net462) (< net45)) (&& (== netcoreapp2.2) (< netstandard2.0)) (&& (== netcoreapp3.1) (< netstandard2.0)) (== netstandard1.6)
      System.Resources.ResourceManager (>= 4.3) - restriction: || (&& (== net452) (< net45)) (&& (== net46) (< net45)) (&& (== net462) (< net45)) (&& (== netcoreapp2.2) (< netstandard2.0)) (&& (== netcoreapp3.1) (< netstandard2.0)) (== netstandard1.6)
      System.Runtime (>= 4.3) - restriction: || (&& (== net452) (< net45)) (&& (== net46) (< net45)) (&& (== net462) (< net45)) (&& (== netcoreapp2.2) (< netstandard2.0)) (&& (== netcoreapp3.1) (< netstandard2.0)) (== netstandard1.6)
      System.Threading (>= 4.3) - restriction: || (&& (== net452) (< net45)) (&& (== net46) (< net45)) (&& (== net462) (< net45)) (&& (== netcoreapp2.2) (< netstandard2.0)) (&& (== netcoreapp3.1) (< netstandard2.0)) (== netstandard1.6)
    System.CodeDom (4.5) - restriction: || (&& (== net45) (>= netcoreapp2.0)) (&& (== net452) (< net45) (>= netstandard2.0)) (&& (== net452) (>= netcoreapp2.0)) (&& (== net46) (< net45) (>= netstandard2.0)) (&& (== net46) (>= netcoreapp2.0)) (&& (== net462) (< net45) (>= netstandard2.0)) (&& (== net462) (>= netcoreapp2.0)) (== netcoreapp2.2) (== netcoreapp3.1) (&& (== netstandard1.6) (>= netcoreapp2.0)) (&& (== netstandard1.6) (>= netstandard2.0)) (== netstandard2.0)
    System.Collections (4.3) - restriction: || (&& (== net45) (== net462) (>= netstandard1.6) (>= uap10.0)) (&& (== net452) (< net45) (>= netstandard1.6)) (&& (== net452) (< net45) (>= netstandard2.0)) (&& (== net452) (>= netstandard1.6) (< portable-net45+win8+wpa81)) (&& (== net452) (>= netstandard1.6) (>= uap10.0)) (&& (== net46) (< net45) (>= netstandard1.6)) (&& (== net46) (< net45) (>= netstandard2.0)) (&& (== net46) (>= netstandard1.6) (< portable-net45+win8+wpa81)) (&& (== net46) (>= netstandard1.6) (>= uap10.0)) (&& (== net462) (< net45) (>= netstandard1.6)) (&& (== net462) (< net45) (>= netstandard2.0)) (&& (== net462) (< netstandard1.5) (>= netstandard1.6) (>= uap10.0)) (&& (== net462) (>= netstandard1.6) (< portable-net45+win8+wpa81)) (== netcoreapp2.2) (== netcoreapp3.1) (== netstandard1.6) (== netstandard2.0)
      Microsoft.NETCore.Platforms (>= 1.1) - restriction: || (&& (== net452) (< net45)) (&& (== net46) (< net45)) (&& (== net462) (< net45)) (== netcoreapp2.2) (== netcoreapp3.1) (== netstandard1.6) (== netstandard2.0)
      Microsoft.NETCore.Targets (>= 1.1) - restriction: || (&& (== net452) (< net45)) (&& (== net46) (< net45)) (&& (== net462) (< net45)) (== netcoreapp2.2) (== netcoreapp3.1) (== netstandard1.6) (== netstandard2.0)
      System.Runtime (>= 4.3) - restriction: || (&& (== net452) (< net45)) (&& (== net46) (< net45)) (&& (== net462) (< net45)) (== netcoreapp2.2) (== netcoreapp3.1) (== netstandard1.6) (== netstandard2.0)
    System.Collections.Concurrent (4.3) - restriction: || (&& (== net45) (== net462) (>= netstandard1.6) (>= uap10.0)) (&& (== net45) (== netcoreapp2.2)) (&& (== net45) (== netcoreapp3.1)) (&& (== net452) (== netcoreapp2.2)) (&& (== net452) (== netcoreapp3.1)) (&& (== net452) (== netstandard2.0)) (&& (== net452) (< net45) (>= netstandard1.6)) (&& (== net452) (>= netstandard1.6) (>= uap10.0)) (&& (== net46) (== netcoreapp2.2)) (&& (== net46) (== netcoreapp3.1)) (&& (== net46) (== netstandard2.0)) (&& (== net46) (< net45) (>= netstandard1.6)) (&& (== net46) (>= netstandard1.6) (>= uap10.0)) (&& (== net462) (== netcoreapp2.2)) (&& (== net462) (== netcoreapp3.1)) (&& (== net462) (== netstandard2.0)) (&& (== net462) (< net45) (>= netstandard1.6)) (&& (== net462) (< netstandard1.5) (>= netstandard1.6) (>= uap10.0)) (&& (== netcoreapp2.2) (< netstandard1.2)) (&& (== netcoreapp2.2) (< netstandard1.3)) (&& (== netcoreapp2.2) (< netstandard1.4)) (&& (== netcoreapp2.2) (< netstandard1.5)) (&& (== netcoreapp2.2) (< netstandard1.6)) (&& (== netcoreapp2.2) (< netstandard2.0)) (&& (== netcoreapp3.1) (< netstandard1.2)) (&& (== netcoreapp3.1) (< netstandard1.3)) (&& (== netcoreapp3.1) (< netstandard1.4)) (&& (== netcoreapp3.1) (< netstandard1.5)) (&& (== netcoreapp3.1) (< netstandard1.6)) (&& (== netcoreapp3.1) (< netstandard2.0)) (== netstandard1.6)
      System.Collections (>= 4.3) - restriction: || (&& (== net452) (< net45) (>= netstandard1.3)) (&& (== net46) (< net45)) (&& (== net462) (< net45)) (== netcoreapp2.2) (== netcoreapp3.1) (== netstandard1.6) (== netstandard2.0)
      System.Diagnostics.Debug (>= 4.3) - restriction: || (&& (== net452) (< net45) (>= netstandard1.3)) (&& (== net46) (< net45)) (&& (== net462) (< net45)) (== netcoreapp2.2) (== netcoreapp3.1) (== netstandard1.6) (== netstandard2.0)
      System.Diagnostics.Tracing (>= 4.3) - restriction: || (&& (== net452) (< net45) (>= netstandard1.3)) (&& (== net46) (< net45)) (&& (== net462) (< net45)) (== netcoreapp2.2) (== netcoreapp3.1) (== netstandard1.6) (== netstandard2.0)
      System.Globalization (>= 4.3) - restriction: || (&& (== net452) (< net45) (>= netstandard1.3)) (&& (== net46) (< net45)) (&& (== net462) (< net45)) (== netcoreapp2.2) (== netcoreapp3.1) (== netstandard1.6) (== netstandard2.0)
      System.Reflection (>= 4.3) - restriction: || (&& (== net452) (< net45) (>= netstandard1.3)) (&& (== net46) (< net45)) (&& (== net462) (< net45)) (== netcoreapp2.2) (== netcoreapp3.1) (== netstandard1.6) (== netstandard2.0)
      System.Resources.ResourceManager (>= 4.3) - restriction: || (&& (== net452) (< net45) (>= netstandard1.3)) (&& (== net46) (< net45)) (&& (== net462) (< net45)) (== netcoreapp2.2) (== netcoreapp3.1) (== netstandard1.6) (== netstandard2.0)
      System.Runtime (>= 4.3) - restriction: || (&& (== net452) (< net45)) (&& (== net46) (< net45)) (&& (== net462) (< net45)) (== netcoreapp2.2) (== netcoreapp3.1) (== netstandard1.6) (== netstandard2.0)
      System.Runtime.Extensions (>= 4.3) - restriction: || (&& (== net452) (< net45) (>= netstandard1.3)) (&& (== net46) (< net45)) (&& (== net462) (< net45)) (== netcoreapp2.2) (== netcoreapp3.1) (== netstandard1.6) (== netstandard2.0)
      System.Threading (>= 4.3) - restriction: || (&& (== net452) (< net45) (>= netstandard1.3)) (&& (== net46) (< net45)) (&& (== net462) (< net45)) (== netcoreapp2.2) (== netcoreapp3.1) (== netstandard1.6) (== netstandard2.0)
      System.Threading.Tasks (>= 4.3) - restriction: || (&& (== net452) (< net45)) (&& (== net46) (< net45)) (&& (== net462) (< net45)) (== netcoreapp2.2) (== netcoreapp3.1) (== netstandard1.6) (== netstandard2.0)
    System.Collections.Immutable (1.7.1) - restriction: || (&& (== net45) (>= netstandard2.0)) (&& (== net452) (>= netstandard2.0)) (&& (== net46) (>= netstandard2.0)) (&& (== net462) (>= netstandard2.0)) (== netcoreapp2.2) (== netcoreapp3.1) (&& (== netstandard1.6) (>= netstandard2.0)) (== netstandard2.0)
      System.Memory (>= 4.5.4) - restriction: || (&& (== net45) (>= net46)) (&& (== net45) (>= net461)) (&& (== net45) (>= uap10.1)) (&& (== net452) (< net45) (>= netstandard1.3)) (&& (== net452) (< net45) (>= netstandard2.0)) (&& (== net452) (>= net46)) (&& (== net452) (>= net461)) (&& (== net452) (>= uap10.1)) (== net46) (== net462) (&& (== netcoreapp2.2) (>= net461)) (&& (== netcoreapp2.2) (< netcoreapp2.1)) (&& (== netcoreapp2.2) (< netstandard2.0)) (&& (== netcoreapp2.2) (>= uap10.1)) (&& (== netcoreapp3.1) (>= net461)) (&& (== netcoreapp3.1) (< netcoreapp2.1)) (&& (== netcoreapp3.1) (< netstandard2.0)) (&& (== netcoreapp3.1) (>= uap10.1)) (== netstandard1.6) (== netstandard2.0)
    System.Console (4.3.1) - restriction: || (&& (== net45) (== net462) (>= netstandard1.6) (>= uap10.0)) (&& (== net45) (== netcoreapp2.2)) (&& (== net45) (== netcoreapp3.1)) (&& (== net452) (== netcoreapp2.2)) (&& (== net452) (== netcoreapp3.1)) (&& (== net452) (== netstandard2.0)) (&& (== net452) (< net45) (>= netstandard1.6)) (&& (== net452) (>= netstandard1.6) (>= uap10.0)) (&& (== net46) (== netcoreapp2.2)) (&& (== net46) (== netcoreapp3.1)) (&& (== net46) (== netstandard2.0)) (&& (== net46) (< net45) (>= netstandard1.6)) (&& (== net46) (>= netstandard1.6) (>= uap10.0)) (&& (== net462) (== netcoreapp2.2)) (&& (== net462) (== netcoreapp3.1)) (&& (== net462) (== netstandard2.0)) (&& (== net462) (< net45) (>= netstandard1.6)) (&& (== net462) (< netstandard1.5) (>= netstandard1.6) (>= uap10.0)) (&& (== netcoreapp2.2) (< netstandard1.4)) (&& (== netcoreapp2.2) (< netstandard1.5)) (&& (== netcoreapp2.2) (< netstandard1.6)) (&& (== netcoreapp2.2) (< netstandard2.0)) (&& (== netcoreapp3.1) (< netstandard1.4)) (&& (== netcoreapp3.1) (< netstandard1.5)) (&& (== netcoreapp3.1) (< netstandard1.6)) (&& (== netcoreapp3.1) (< netstandard2.0)) (== netstandard1.6)
      Microsoft.NETCore.Platforms (>= 1.1) - restriction: || (&& (== net45) (>= netstandard1.3)) (&& (== net452) (>= netstandard1.3)) (&& (== net462) (< net46)) (== netcoreapp2.2) (== netcoreapp3.1) (== netstandard1.6) (== netstandard2.0)
      Microsoft.NETCore.Targets (>= 1.1.2) - restriction: || (&& (== net45) (>= netstandard1.3)) (&& (== net452) (>= netstandard1.3)) (&& (== net462) (< net46)) (== netcoreapp2.2) (== netcoreapp3.1) (== netstandard1.6) (== netstandard2.0)
      System.IO (>= 4.3) - restriction: || (&& (== net45) (>= netstandard1.3)) (&& (== net452) (>= netstandard1.3)) (&& (== net462) (< net46)) (== netcoreapp2.2) (== netcoreapp3.1) (== netstandard1.6) (== netstandard2.0)
      System.Runtime (>= 4.3) - restriction: || (&& (== net45) (>= netstandard1.3)) (&& (== net452) (>= netstandard1.3)) (&& (== net462) (< net46)) (== netcoreapp2.2) (== netcoreapp3.1) (== netstandard1.6) (== netstandard2.0)
      System.Text.Encoding (>= 4.3) - restriction: || (&& (== net45) (>= netstandard1.3)) (&& (== net452) (>= netstandard1.3)) (&& (== net462) (< net46)) (== netcoreapp2.2) (== netcoreapp3.1) (== netstandard1.6) (== netstandard2.0)
    System.Diagnostics.Debug (4.3) - restriction: || (&& (== net45) (== netcoreapp2.2)) (&& (== net45) (== netcoreapp3.1)) (&& (== net452) (== netcoreapp2.2)) (&& (== net452) (== netcoreapp3.1)) (&& (== net452) (== netstandard2.0)) (&& (== net452) (< net45)) (&& (== net46) (== netcoreapp2.2)) (&& (== net46) (== netcoreapp3.1)) (&& (== net46) (== netstandard2.0)) (&& (== net46) (< net45)) (&& (== net462) (== netcoreapp2.2)) (&& (== net462) (== netcoreapp3.1)) (&& (== net462) (== netstandard2.0)) (&& (== net462) (< net45)) (&& (== netcoreapp2.2) (< netstandard2.0)) (&& (== netcoreapp3.1) (< netstandard2.0)) (== netstandard1.6)
      Microsoft.NETCore.Platforms (>= 1.1) - restriction: || (&& (== net452) (< net45)) (&& (== net46) (< net45)) (&& (== net462) (< net45)) (== netcoreapp2.2) (== netcoreapp3.1) (== netstandard1.6) (== netstandard2.0)
      Microsoft.NETCore.Targets (>= 1.1) - restriction: || (&& (== net452) (< net45)) (&& (== net46) (< net45)) (&& (== net462) (< net45)) (== netcoreapp2.2) (== netcoreapp3.1) (== netstandard1.6) (== netstandard2.0)
      System.Runtime (>= 4.3) - restriction: || (&& (== net452) (< net45)) (&& (== net46) (< net45)) (&& (== net462) (< net45)) (== netcoreapp2.2) (== netcoreapp3.1) (== netstandard1.6) (== netstandard2.0)
    System.Diagnostics.DiagnosticSource (4.5.1) - restriction: || (&& (== net45) (== net462) (>= netstandard1.6) (>= uap10.0)) (&& (== net45) (== netcoreapp2.2)) (&& (== net45) (== netcoreapp3.1)) (&& (== net452) (== netcoreapp2.2)) (&& (== net452) (== netcoreapp3.1)) (&& (== net452) (== netstandard2.0)) (&& (== net452) (< net45) (>= netstandard1.6)) (&& (== net452) (>= netstandard1.6) (>= uap10.0)) (&& (== net46) (== netcoreapp2.2)) (&& (== net46) (== netcoreapp3.1)) (&& (== net46) (== netstandard2.0)) (&& (== net46) (< net45) (>= netstandard1.6)) (&& (== net46) (>= netstandard1.6) (>= uap10.0)) (&& (== net462) (== netcoreapp2.2)) (&& (== net462) (== netcoreapp3.1)) (&& (== net462) (== netstandard2.0)) (&& (== net462) (< net45) (>= netstandard1.6)) (&& (== net462) (< netstandard1.5) (>= netstandard1.6) (>= uap10.0)) (&& (== netcoreapp2.2) (< netstandard1.2)) (&& (== netcoreapp2.2) (< netstandard1.3)) (&& (== netcoreapp2.2) (< netstandard1.4)) (&& (== netcoreapp2.2) (< netstandard1.5)) (&& (== netcoreapp2.2) (< netstandard1.6)) (&& (== netcoreapp2.2) (< netstandard2.0)) (&& (== netcoreapp3.1) (< netstandard1.2)) (&& (== netcoreapp3.1) (< netstandard1.3)) (&& (== netcoreapp3.1) (< netstandard1.4)) (&& (== netcoreapp3.1) (< netstandard1.5)) (&& (== netcoreapp3.1) (< netstandard1.6)) (&& (== netcoreapp3.1) (< netstandard2.0)) (== netstandard1.6)
      System.Collections (>= 4.3) - restriction: || (&& (== net452) (< net45)) (&& (== net46) (< net45)) (&& (== net462) (< net45)) (&& (== netcoreapp2.2) (< netstandard1.3)) (&& (== netcoreapp2.2) (< netstandard2.0)) (&& (== netcoreapp3.1) (< netstandard1.3)) (&& (== netcoreapp3.1) (< netstandard2.0)) (== netstandard1.6) (&& (== netstandard2.0) (< netstandard1.3))
      System.Diagnostics.Debug (>= 4.3) - restriction: || (&& (== net452) (< net45) (>= netstandard1.3)) (&& (== net46) (< net45)) (&& (== net462) (< net45)) (&& (== netcoreapp2.2) (< netstandard2.0)) (&& (== netcoreapp3.1) (< netstandard2.0)) (== netstandard1.6)
      System.Diagnostics.Tracing (>= 4.3) - restriction: || (&& (== net452) (< net45)) (&& (== net46) (< net45)) (&& (== net462) (< net45)) (&& (== netcoreapp2.2) (< netstandard1.3)) (&& (== netcoreapp2.2) (< netstandard2.0)) (&& (== netcoreapp3.1) (< netstandard1.3)) (&& (== netcoreapp3.1) (< netstandard2.0)) (== netstandard1.6) (&& (== netstandard2.0) (< netstandard1.3))
      System.Reflection (>= 4.3) - restriction: || (&& (== net452) (< net45)) (&& (== net46) (< net45)) (&& (== net462) (< net45)) (&& (== netcoreapp2.2) (< netstandard1.3)) (&& (== netcoreapp2.2) (< netstandard2.0)) (&& (== netcoreapp3.1) (< netstandard1.3)) (&& (== netcoreapp3.1) (< netstandard2.0)) (== netstandard1.6) (&& (== netstandard2.0) (< netstandard1.3))
      System.Runtime (>= 4.3) - restriction: || (&& (== net452) (< net45)) (&& (== net46) (< net45)) (&& (== net462) (< net45)) (&& (== netcoreapp2.2) (< netstandard1.3)) (&& (== netcoreapp2.2) (< netstandard2.0)) (&& (== netcoreapp3.1) (< netstandard1.3)) (&& (== netcoreapp3.1) (< netstandard2.0)) (== netstandard1.6) (&& (== netstandard2.0) (< netstandard1.3))
      System.Runtime.Extensions (>= 4.3) - restriction: || (&& (== net452) (< net45) (>= netstandard1.3)) (&& (== net46) (< net45)) (&& (== net462) (< net45)) (&& (== netcoreapp2.2) (< netstandard2.0)) (&& (== netcoreapp3.1) (< netstandard2.0)) (== netstandard1.6)
      System.Threading (>= 4.3) - restriction: || (&& (== net452) (< net45)) (&& (== net46) (< net45)) (&& (== net462) (< net45)) (&& (== netcoreapp2.2) (< netstandard1.3)) (&& (== netcoreapp2.2) (< netstandard2.0)) (&& (== netcoreapp3.1) (< netstandard1.3)) (&& (== netcoreapp3.1) (< netstandard2.0)) (== netstandard1.6) (&& (== netstandard2.0) (< netstandard1.3))
    System.Diagnostics.Tools (4.3) - restriction: || (&& (== net45) (== net462) (>= netstandard1.6) (>= uap10.0)) (&& (== net45) (== netcoreapp2.2)) (&& (== net45) (== netcoreapp3.1)) (&& (== net452) (== netcoreapp2.2)) (&& (== net452) (== netcoreapp3.1)) (&& (== net452) (== netstandard2.0)) (&& (== net452) (< net45) (>= netstandard1.6)) (&& (== net452) (>= netstandard1.6) (< portable-net45+win8+wpa81)) (&& (== net452) (>= netstandard1.6) (>= uap10.0)) (&& (== net46) (== netcoreapp2.2)) (&& (== net46) (== netcoreapp3.1)) (&& (== net46) (== netstandard2.0)) (&& (== net46) (< net45) (>= netstandard1.6)) (&& (== net46) (>= netstandard1.6) (< portable-net45+win8+wpa81)) (&& (== net46) (>= netstandard1.6) (>= uap10.0)) (&& (== net462) (== netcoreapp2.2)) (&& (== net462) (== netcoreapp3.1)) (&& (== net462) (== netstandard2.0)) (&& (== net462) (< net45) (>= netstandard1.6)) (&& (== net462) (< netstandard1.5) (>= netstandard1.6) (>= uap10.0)) (&& (== net462) (>= netstandard1.6) (< portable-net45+win8+wpa81)) (&& (== netcoreapp2.2) (< netstandard1.2)) (&& (== netcoreapp2.2) (< netstandard1.3)) (&& (== netcoreapp2.2) (< netstandard1.4)) (&& (== netcoreapp2.2) (< netstandard1.5)) (&& (== netcoreapp2.2) (< netstandard1.6)) (&& (== netcoreapp2.2) (< netstandard2.0)) (&& (== netcoreapp2.2) (< portable-net45+win8+wpa81)) (&& (== netcoreapp3.1) (< netstandard1.2)) (&& (== netcoreapp3.1) (< netstandard1.3)) (&& (== netcoreapp3.1) (< netstandard1.4)) (&& (== netcoreapp3.1) (< netstandard1.5)) (&& (== netcoreapp3.1) (< netstandard1.6)) (&& (== netcoreapp3.1) (< netstandard2.0)) (&& (== netcoreapp3.1) (< portable-net45+win8+wpa81)) (== netstandard1.6)
      Microsoft.NETCore.Platforms (>= 1.1) - restriction: || (&& (== net452) (< net45)) (&& (== net46) (< net45)) (&& (== net462) (< net45)) (== netcoreapp2.2) (== netcoreapp3.1) (== netstandard1.6) (== netstandard2.0)
      Microsoft.NETCore.Targets (>= 1.1) - restriction: || (&& (== net452) (< net45)) (&& (== net46) (< net45)) (&& (== net462) (< net45)) (== netcoreapp2.2) (== netcoreapp3.1) (== netstandard1.6) (== netstandard2.0)
      System.Runtime (>= 4.3) - restriction: || (&& (== net452) (< net45)) (&& (== net46) (< net45)) (&& (== net462) (< net45)) (== netcoreapp2.2) (== netcoreapp3.1) (== netstandard1.6) (== netstandard2.0)
    System.Diagnostics.Tracing (4.3) - restriction: || (&& (== net45) (== netcoreapp2.2)) (&& (== net45) (== netcoreapp3.1)) (&& (== net452) (== netcoreapp2.2)) (&& (== net452) (== netcoreapp3.1)) (&& (== net452) (== netstandard2.0)) (&& (== net452) (< net45)) (&& (== net46) (== netcoreapp2.2)) (&& (== net46) (== netcoreapp3.1)) (&& (== net46) (== netstandard2.0)) (&& (== net46) (< net45)) (&& (== net462) (== netcoreapp2.2)) (&& (== net462) (== netcoreapp3.1)) (&& (== net462) (== netstandard2.0)) (&& (== net462) (< net45)) (&& (== netcoreapp2.2) (>= monotouch)) (&& (== netcoreapp2.2) (< netstandard1.1)) (&& (== netcoreapp2.2) (< netstandard2.0)) (&& (== netcoreapp2.2) (>= xamarintvos)) (&& (== netcoreapp2.2) (>= xamarinwatchos)) (&& (== netcoreapp3.1) (>= monotouch)) (&& (== netcoreapp3.1) (< netstandard1.1)) (&& (== netcoreapp3.1) (< netstandard2.0)) (&& (== netcoreapp3.1) (>= xamarintvos)) (&& (== netcoreapp3.1) (>= xamarinwatchos)) (== netstandard1.6)
      Microsoft.NETCore.Platforms (>= 1.1) - restriction: || (&& (== net452) (< net45)) (&& (== net46) (< net45)) (&& (== net462) (< net45)) (== netcoreapp2.2) (== netcoreapp3.1) (== netstandard1.6) (== netstandard2.0)
      Microsoft.NETCore.Targets (>= 1.1) - restriction: || (&& (== net452) (< net45)) (&& (== net46) (< net45)) (&& (== net462) (< net45)) (== netcoreapp2.2) (== netcoreapp3.1) (== netstandard1.6) (== netstandard2.0)
      System.Runtime (>= 4.3) - restriction: || (&& (== net452) (< net45)) (&& (== net46) (< net45)) (&& (== net462) (< net45)) (== netcoreapp2.2) (== netcoreapp3.1) (== netstandard1.6) (== netstandard2.0)
    System.Globalization (4.3) - restriction: || (&& (== net45) (== netcoreapp2.2)) (&& (== net45) (== netcoreapp3.1)) (&& (== net452) (== netcoreapp2.2)) (&& (== net452) (== netcoreapp3.1)) (&& (== net452) (== netstandard2.0)) (&& (== net452) (< net45)) (&& (== net46) (== netcoreapp2.2)) (&& (== net46) (== netcoreapp3.1)) (&& (== net46) (== netstandard2.0)) (&& (== net46) (< net45)) (&& (== net462) (== netcoreapp2.2)) (&& (== net462) (== netcoreapp3.1)) (&& (== net462) (== netstandard2.0)) (&& (== net462) (< net45)) (&& (== netcoreapp2.2) (< netstandard2.0)) (&& (== netcoreapp3.1) (< netstandard2.0)) (== netstandard1.6)
      Microsoft.NETCore.Platforms (>= 1.1) - restriction: || (&& (== net452) (< net45)) (&& (== net46) (< net45)) (&& (== net462) (< net45)) (== netcoreapp2.2) (== netcoreapp3.1) (== netstandard1.6) (== netstandard2.0)
      Microsoft.NETCore.Targets (>= 1.1) - restriction: || (&& (== net452) (< net45)) (&& (== net46) (< net45)) (&& (== net462) (< net45)) (== netcoreapp2.2) (== netcoreapp3.1) (== netstandard1.6) (== netstandard2.0)
      System.Runtime (>= 4.3) - restriction: || (&& (== net452) (< net45)) (&& (== net46) (< net45)) (&& (== net462) (< net45)) (== netcoreapp2.2) (== netcoreapp3.1) (== netstandard1.6) (== netstandard2.0)
    System.Globalization.Calendars (4.3) - restriction: || (&& (== net45) (== net462) (>= netstandard1.6) (>= uap10.0)) (&& (== net45) (== netcoreapp2.2)) (&& (== net45) (== netcoreapp3.1)) (&& (== net452) (== netcoreapp2.2)) (&& (== net452) (== netcoreapp3.1)) (&& (== net452) (== netstandard2.0)) (&& (== net452) (< net45) (>= netstandard1.6)) (&& (== net452) (>= netstandard1.6) (>= uap10.0)) (&& (== net46) (== netcoreapp2.2)) (&& (== net46) (== netcoreapp3.1)) (&& (== net46) (== netstandard2.0)) (&& (== net46) (< net45) (>= netstandard1.6)) (&& (== net46) (>= netstandard1.6) (>= uap10.0)) (&& (== net462) (== netcoreapp2.2)) (&& (== net462) (== netcoreapp3.1)) (&& (== net462) (== netstandard2.0)) (&& (== net462) (< net45) (>= netstandard1.6)) (&& (== net462) (< netstandard1.5) (>= netstandard1.6) (>= uap10.0)) (&& (== netcoreapp2.2) (< netstandard1.4)) (&& (== netcoreapp2.2) (< netstandard1.5)) (&& (== netcoreapp2.2) (< netstandard1.6)) (&& (== netcoreapp2.2) (< netstandard2.0)) (&& (== netcoreapp3.1) (< netstandard1.4)) (&& (== netcoreapp3.1) (< netstandard1.5)) (&& (== netcoreapp3.1) (< netstandard1.6)) (&& (== netcoreapp3.1) (< netstandard2.0)) (== netstandard1.6)
      Microsoft.NETCore.Platforms (>= 1.1) - restriction: || (&& (== net45) (>= netstandard1.3)) (&& (== net452) (>= netstandard1.3)) (&& (== net462) (< net46)) (== netcoreapp2.2) (== netcoreapp3.1) (== netstandard1.6) (== netstandard2.0)
      Microsoft.NETCore.Targets (>= 1.1) - restriction: || (&& (== net45) (>= netstandard1.3)) (&& (== net452) (>= netstandard1.3)) (&& (== net462) (< net46)) (== netcoreapp2.2) (== netcoreapp3.1) (== netstandard1.6) (== netstandard2.0)
      System.Globalization (>= 4.3) - restriction: || (&& (== net45) (>= netstandard1.3)) (&& (== net452) (>= netstandard1.3)) (&& (== net462) (< net46)) (== netcoreapp2.2) (== netcoreapp3.1) (== netstandard1.6) (== netstandard2.0)
      System.Runtime (>= 4.3) - restriction: || (&& (== net45) (>= netstandard1.3)) (&& (== net452) (>= netstandard1.3)) (&& (== net462) (< net46)) (== netcoreapp2.2) (== netcoreapp3.1) (== netstandard1.6) (== netstandard2.0)
    System.Globalization.Extensions (4.3) - restriction: || (&& (== net45) (== net462) (>= netstandard1.6) (>= uap10.0)) (&& (== net45) (== netcoreapp2.2)) (&& (== net45) (== netcoreapp3.1)) (&& (== net452) (== netcoreapp2.2)) (&& (== net452) (== netcoreapp3.1)) (&& (== net452) (== netstandard2.0)) (&& (== net452) (< net45) (>= netstandard1.6)) (&& (== net452) (>= netstandard1.6) (>= uap10.0)) (&& (== net46) (== netcoreapp2.2)) (&& (== net46) (== netcoreapp3.1)) (&& (== net46) (== netstandard2.0)) (&& (== net46) (< net45) (>= netstandard1.6)) (&& (== net46) (>= netstandard1.6) (>= uap10.0)) (&& (== net462) (== netcoreapp2.2)) (&& (== net462) (== netcoreapp3.1)) (&& (== net462) (== netstandard2.0)) (&& (== net462) (< net45) (>= netstandard1.6)) (&& (== net462) (< netstandard1.5) (>= netstandard1.6) (>= uap10.0)) (&& (== netcoreapp2.2) (< netstandard1.2)) (&& (== netcoreapp2.2) (< netstandard1.3)) (&& (== netcoreapp2.2) (< netstandard1.4)) (&& (== netcoreapp2.2) (< netstandard1.5)) (&& (== netcoreapp2.2) (< netstandard1.6)) (&& (== netcoreapp2.2) (< netstandard2.0)) (&& (== netcoreapp3.1) (< netstandard1.2)) (&& (== netcoreapp3.1) (< netstandard1.3)) (&& (== netcoreapp3.1) (< netstandard1.4)) (&& (== netcoreapp3.1) (< netstandard1.5)) (&& (== netcoreapp3.1) (< netstandard1.6)) (&& (== netcoreapp3.1) (< netstandard2.0)) (== netstandard1.6)
      Microsoft.NETCore.Platforms (>= 1.1) - restriction: || (&& (== net45) (>= netstandard1.3)) (&& (== net452) (>= netstandard1.3)) (&& (== net462) (< net46)) (== netcoreapp2.2) (== netcoreapp3.1) (== netstandard1.6) (== netstandard2.0)
      System.Globalization (>= 4.3) - restriction: || (&& (== net45) (>= netstandard1.3)) (&& (== net452) (>= netstandard1.3)) (&& (== net462) (< net46)) (== netcoreapp2.2) (== netcoreapp3.1) (== netstandard1.6) (== netstandard2.0)
      System.Resources.ResourceManager (>= 4.3) - restriction: || (&& (== net45) (>= netstandard1.3)) (&& (== net452) (>= netstandard1.3)) (&& (== net462) (< net46)) (== netcoreapp2.2) (== netcoreapp3.1) (== netstandard1.6) (== netstandard2.0)
      System.Runtime (>= 4.3) - restriction: || (&& (== net45) (>= netstandard1.3)) (&& (== net452) (>= netstandard1.3)) (&& (== net462) (< net46)) (== netcoreapp2.2) (== netcoreapp3.1) (== netstandard1.6) (== netstandard2.0)
      System.Runtime.Extensions (>= 4.3) - restriction: || (&& (== net45) (>= netstandard1.3)) (&& (== net452) (>= netstandard1.3)) (&& (== net462) (< net46)) (== netcoreapp2.2) (== netcoreapp3.1) (== netstandard1.6) (== netstandard2.0)
      System.Runtime.InteropServices (>= 4.3) - restriction: || (&& (== net45) (>= netstandard1.3)) (&& (== net452) (>= netstandard1.3)) (&& (== net462) (< net46)) (== netcoreapp2.2) (== netcoreapp3.1) (== netstandard1.6) (== netstandard2.0)
    System.IO (4.3) - restriction: || (&& (== net452) (< net45)) (&& (== net46) (< net45)) (&& (== net462) (< net45)) (== netcoreapp2.2) (== netcoreapp3.1) (== netstandard1.6) (== netstandard2.0)
      Microsoft.NETCore.Platforms (>= 1.1) - restriction: || (&& (== net452) (< net45)) (&& (== net46) (< net45)) (&& (== net462) (< net45)) (== netcoreapp2.2) (== netcoreapp3.1) (== netstandard1.6) (== netstandard2.0)
      Microsoft.NETCore.Targets (>= 1.1) - restriction: || (&& (== net452) (< net45)) (&& (== net46) (< net45)) (&& (== net462) (< net45)) (== netcoreapp2.2) (== netcoreapp3.1) (== netstandard1.6) (== netstandard2.0)
      System.Runtime (>= 4.3) - restriction: || (&& (== net452) (< net45)) (&& (== net46) (< net45)) (&& (== net462) (< net45)) (== netcoreapp2.2) (== netcoreapp3.1) (== netstandard1.6) (== netstandard2.0)
      System.Text.Encoding (>= 4.3) - restriction: || (&& (== net452) (< net45)) (&& (== net46) (< net45)) (&& (== net462) (< net45)) (== netcoreapp2.2) (== netcoreapp3.1) (== netstandard1.6) (== netstandard2.0)
      System.Threading.Tasks (>= 4.3) - restriction: || (&& (== net452) (< net45)) (&& (== net46) (< net45)) (&& (== net462) (< net45)) (== netcoreapp2.2) (== netcoreapp3.1) (== netstandard1.6) (== netstandard2.0)
    System.IO.Compression (4.3) - restriction: || (&& (== net45) (== net462) (>= netstandard1.6) (>= uap10.0)) (&& (== net45) (== netcoreapp2.2)) (&& (== net45) (== netcoreapp3.1)) (&& (== net452) (== netcoreapp2.2)) (&& (== net452) (== netcoreapp3.1)) (&& (== net452) (== netstandard2.0)) (&& (== net452) (< net45) (>= netstandard1.6)) (&& (== net452) (>= netstandard1.6) (>= uap10.0)) (&& (== net46) (== netcoreapp2.2)) (&& (== net46) (== netcoreapp3.1)) (&& (== net46) (== netstandard2.0)) (&& (== net46) (< net45) (>= netstandard1.6)) (&& (== net46) (>= netstandard1.6) (>= uap10.0)) (&& (== net462) (== netcoreapp2.2)) (&& (== net462) (== netcoreapp3.1)) (&& (== net462) (== netstandard2.0)) (&& (== net462) (< net45) (>= netstandard1.6)) (&& (== net462) (< netstandard1.5) (>= netstandard1.6) (>= uap10.0)) (&& (== netcoreapp2.2) (< netstandard1.2)) (&& (== netcoreapp2.2) (< netstandard1.3)) (&& (== netcoreapp2.2) (< netstandard1.4)) (&& (== netcoreapp2.2) (< netstandard1.5)) (&& (== netcoreapp2.2) (< netstandard1.6)) (&& (== netcoreapp2.2) (< netstandard2.0)) (&& (== netcoreapp3.1) (< netstandard1.2)) (&& (== netcoreapp3.1) (< netstandard1.3)) (&& (== netcoreapp3.1) (< netstandard1.4)) (&& (== netcoreapp3.1) (< netstandard1.5)) (&& (== netcoreapp3.1) (< netstandard1.6)) (&& (== netcoreapp3.1) (< netstandard2.0)) (== netstandard1.6)
      Microsoft.NETCore.Platforms (>= 1.1) - restriction: || (&& (== net452) (< net45) (>= netstandard1.3)) (&& (== net46) (< net45)) (&& (== net462) (< net45)) (== netcoreapp2.2) (== netcoreapp3.1) (== netstandard1.6) (== netstandard2.0)
      runtime.native.System (>= 4.3) - restriction: || (&& (== net452) (< net45) (>= netstandard1.3)) (&& (== net46) (< net45)) (&& (== net462) (< net45)) (== netcoreapp2.2) (== netcoreapp3.1) (== netstandard1.6) (== netstandard2.0)
      runtime.native.System.IO.Compression (>= 4.3) - restriction: || (&& (== net452) (< net45) (>= netstandard1.3)) (&& (== net46) (< net45)) (&& (== net462) (< net45)) (== netcoreapp2.2) (== netcoreapp3.1) (== netstandard1.6) (== netstandard2.0)
      System.Buffers (>= 4.3) - restriction: || (&& (== net452) (< net45) (>= netstandard1.3)) (&& (== net46) (< net45)) (&& (== net462) (< net45)) (== netcoreapp2.2) (== netcoreapp3.1) (== netstandard1.6) (== netstandard2.0)
      System.Collections (>= 4.3) - restriction: || (&& (== net452) (< net45) (>= netstandard1.3)) (&& (== net46) (< net45)) (&& (== net462) (< net45)) (== netcoreapp2.2) (== netcoreapp3.1) (== netstandard1.6) (== netstandard2.0)
      System.Diagnostics.Debug (>= 4.3) - restriction: || (&& (== net452) (< net45) (>= netstandard1.3)) (&& (== net46) (< net45)) (&& (== net462) (< net45)) (== netcoreapp2.2) (== netcoreapp3.1) (== netstandard1.6) (== netstandard2.0)
      System.IO (>= 4.3) - restriction: || (&& (== net452) (< net45)) (&& (== net46) (< net45)) (&& (== net462) (< net45)) (== netcoreapp2.2) (== netcoreapp3.1) (== netstandard1.6) (== netstandard2.0)
      System.Resources.ResourceManager (>= 4.3) - restriction: || (&& (== net452) (< net45) (>= netstandard1.3)) (&& (== net46) (< net45)) (&& (== net462) (< net45)) (== netcoreapp2.2) (== netcoreapp3.1) (== netstandard1.6) (== netstandard2.0)
      System.Runtime (>= 4.3) - restriction: || (&& (== net452) (< net45)) (&& (== net46) (< net45)) (&& (== net462) (< net45)) (== netcoreapp2.2) (== netcoreapp3.1) (== netstandard1.6) (== netstandard2.0)
      System.Runtime.Extensions (>= 4.3) - restriction: || (&& (== net452) (< net45) (>= netstandard1.3)) (&& (== net46) (< net45)) (&& (== net462) (< net45)) (== netcoreapp2.2) (== netcoreapp3.1) (== netstandard1.6) (== netstandard2.0)
      System.Runtime.Handles (>= 4.3) - restriction: || (&& (== net452) (< net45) (>= netstandard1.3)) (&& (== net46) (< net45)) (&& (== net462) (< net45)) (== netcoreapp2.2) (== netcoreapp3.1) (== netstandard1.6) (== netstandard2.0)
      System.Runtime.InteropServices (>= 4.3) - restriction: || (&& (== net452) (< net45) (>= netstandard1.3)) (&& (== net46) (< net45)) (&& (== net462) (< net45)) (== netcoreapp2.2) (== netcoreapp3.1) (== netstandard1.6) (== netstandard2.0)
      System.Text.Encoding (>= 4.3) - restriction: || (&& (== net452) (< net45)) (&& (== net46) (< net45)) (&& (== net462) (< net45)) (== netcoreapp2.2) (== netcoreapp3.1) (== netstandard1.6) (== netstandard2.0)
      System.Threading (>= 4.3) - restriction: || (&& (== net452) (< net45) (>= netstandard1.3)) (&& (== net46) (< net45)) (&& (== net462) (< net45)) (== netcoreapp2.2) (== netcoreapp3.1) (== netstandard1.6) (== netstandard2.0)
      System.Threading.Tasks (>= 4.3) - restriction: || (&& (== net452) (< net45) (>= netstandard1.3)) (&& (== net46) (< net45)) (&& (== net462) (< net45)) (== netcoreapp2.2) (== netcoreapp3.1) (== netstandard1.6) (== netstandard2.0)
    System.IO.Compression.ZipFile (4.3) - restriction: || (&& (== net45) (== net462) (>= netstandard1.6) (>= uap10.0)) (&& (== net45) (== netcoreapp2.2)) (&& (== net45) (== netcoreapp3.1)) (&& (== net452) (== netcoreapp2.2)) (&& (== net452) (== netcoreapp3.1)) (&& (== net452) (== netstandard2.0)) (&& (== net452) (< net45) (>= netstandard1.6)) (&& (== net452) (>= netstandard1.6) (>= uap10.0)) (&& (== net46) (== netcoreapp2.2)) (&& (== net46) (== netcoreapp3.1)) (&& (== net46) (== netstandard2.0)) (&& (== net46) (< net45) (>= netstandard1.6)) (&& (== net46) (>= netstandard1.6) (>= uap10.0)) (&& (== net462) (== netcoreapp2.2)) (&& (== net462) (== netcoreapp3.1)) (&& (== net462) (== netstandard2.0)) (&& (== net462) (< net45) (>= netstandard1.6)) (&& (== net462) (< netstandard1.5) (>= netstandard1.6) (>= uap10.0)) (&& (== netcoreapp2.2) (< netstandard1.4)) (&& (== netcoreapp2.2) (< netstandard1.5)) (&& (== netcoreapp2.2) (< netstandard1.6)) (&& (== netcoreapp2.2) (< netstandard2.0)) (&& (== netcoreapp3.1) (< netstandard1.4)) (&& (== netcoreapp3.1) (< netstandard1.5)) (&& (== netcoreapp3.1) (< netstandard1.6)) (&& (== netcoreapp3.1) (< netstandard2.0)) (== netstandard1.6)
      System.Buffers (>= 4.3) - restriction: || (&& (== net45) (>= netstandard1.3)) (&& (== net452) (>= netstandard1.3)) (&& (== net462) (< net46)) (== netcoreapp2.2) (== netcoreapp3.1) (== netstandard1.6) (== netstandard2.0)
      System.IO (>= 4.3) - restriction: || (&& (== net45) (>= netstandard1.3)) (&& (== net452) (>= netstandard1.3)) (&& (== net462) (< net46)) (== netcoreapp2.2) (== netcoreapp3.1) (== netstandard1.6) (== netstandard2.0)
      System.IO.Compression (>= 4.3) - restriction: || (&& (== net45) (>= netstandard1.3)) (&& (== net452) (>= netstandard1.3)) (&& (== net462) (< net46)) (== netcoreapp2.2) (== netcoreapp3.1) (== netstandard1.6) (== netstandard2.0)
      System.IO.FileSystem (>= 4.3) - restriction: || (&& (== net45) (>= netstandard1.3)) (&& (== net452) (>= netstandard1.3)) (&& (== net462) (< net46)) (== netcoreapp2.2) (== netcoreapp3.1) (== netstandard1.6) (== netstandard2.0)
      System.IO.FileSystem.Primitives (>= 4.3) - restriction: || (&& (== net45) (>= netstandard1.3)) (&& (== net452) (>= netstandard1.3)) (&& (== net462) (< net46)) (== netcoreapp2.2) (== netcoreapp3.1) (== netstandard1.6) (== netstandard2.0)
      System.Resources.ResourceManager (>= 4.3) - restriction: || (&& (== net45) (>= netstandard1.3)) (&& (== net452) (>= netstandard1.3)) (&& (== net462) (< net46)) (== netcoreapp2.2) (== netcoreapp3.1) (== netstandard1.6) (== netstandard2.0)
      System.Runtime (>= 4.3) - restriction: || (&& (== net45) (>= netstandard1.3)) (&& (== net452) (>= netstandard1.3)) (&& (== net462) (< net46)) (== netcoreapp2.2) (== netcoreapp3.1) (== netstandard1.6) (== netstandard2.0)
      System.Runtime.Extensions (>= 4.3) - restriction: || (&& (== net45) (>= netstandard1.3)) (&& (== net452) (>= netstandard1.3)) (&& (== net462) (< net46)) (== netcoreapp2.2) (== netcoreapp3.1) (== netstandard1.6) (== netstandard2.0)
      System.Text.Encoding (>= 4.3) - restriction: || (&& (== net45) (>= netstandard1.3)) (&& (== net452) (>= netstandard1.3)) (&& (== net462) (< net46)) (== netcoreapp2.2) (== netcoreapp3.1) (== netstandard1.6) (== netstandard2.0)
    System.IO.FileSystem (4.3) - restriction: || (&& (== net45) (== net462) (>= netstandard1.6) (>= uap10.0)) (&& (== net452) (< net45) (>= netstandard1.6)) (&& (== net452) (< net45) (>= netstandard2.0)) (&& (== net452) (>= netstandard1.6) (>= uap10.0)) (&& (== net46) (< net45) (>= netstandard1.6)) (&& (== net46) (< net45) (>= netstandard2.0)) (&& (== net46) (>= netstandard1.6) (>= uap10.0)) (&& (== net462) (< net45) (>= netstandard1.6)) (&& (== net462) (< net45) (>= netstandard2.0)) (&& (== net462) (< netstandard1.5) (>= netstandard1.6) (>= uap10.0)) (== netcoreapp2.2) (== netcoreapp3.1) (== netstandard1.6) (== netstandard2.0)
      Microsoft.NETCore.Platforms (>= 1.1) - restriction: || (&& (== net45) (>= netstandard1.3)) (&& (== net452) (>= netstandard1.3)) (&& (== net462) (< net46)) (== netcoreapp2.2) (== netcoreapp3.1) (== netstandard1.6) (== netstandard2.0)
      Microsoft.NETCore.Targets (>= 1.1) - restriction: || (&& (== net45) (>= netstandard1.3)) (&& (== net452) (>= netstandard1.3)) (&& (== net462) (< net46)) (== netcoreapp2.2) (== netcoreapp3.1) (== netstandard1.6) (== netstandard2.0)
      System.IO (>= 4.3) - restriction: || (&& (== net45) (>= netstandard1.3)) (&& (== net452) (>= netstandard1.3)) (&& (== net462) (< net46)) (== netcoreapp2.2) (== netcoreapp3.1) (== netstandard1.6) (== netstandard2.0)
      System.IO.FileSystem.Primitives (>= 4.3) - restriction: || (&& (== net45) (>= net46)) (&& (== net45) (>= netstandard1.3)) (&& (== net452) (>= net46)) (&& (== net452) (>= netstandard1.3)) (== net46) (== net462) (== netcoreapp2.2) (== netcoreapp3.1) (== netstandard1.6) (== netstandard2.0)
      System.Runtime (>= 4.3) - restriction: || (&& (== net45) (>= netstandard1.3)) (&& (== net452) (>= netstandard1.3)) (&& (== net462) (< net46)) (== netcoreapp2.2) (== netcoreapp3.1) (== netstandard1.6) (== netstandard2.0)
      System.Runtime.Handles (>= 4.3) - restriction: || (&& (== net45) (>= netstandard1.3)) (&& (== net452) (>= netstandard1.3)) (&& (== net462) (< net46)) (== netcoreapp2.2) (== netcoreapp3.1) (== netstandard1.6) (== netstandard2.0)
      System.Text.Encoding (>= 4.3) - restriction: || (&& (== net45) (>= netstandard1.3)) (&& (== net452) (>= netstandard1.3)) (&& (== net462) (< net46)) (== netcoreapp2.2) (== netcoreapp3.1) (== netstandard1.6) (== netstandard2.0)
      System.Threading.Tasks (>= 4.3) - restriction: || (&& (== net45) (>= netstandard1.3)) (&& (== net452) (>= netstandard1.3)) (&& (== net462) (< net46)) (== netcoreapp2.2) (== netcoreapp3.1) (== netstandard1.6) (== netstandard2.0)
    System.IO.FileSystem.Primitives (4.3) - restriction: || (&& (== net45) (== net462) (>= netstandard1.6) (>= uap10.0)) (&& (== net45) (== netcoreapp2.2)) (&& (== net45) (== netcoreapp3.1)) (&& (== net452) (== netcoreapp2.2)) (&& (== net452) (== netcoreapp3.1)) (&& (== net452) (== netstandard2.0)) (&& (== net452) (< net45) (>= netstandard1.6)) (&& (== net452) (>= netstandard1.6) (>= uap10.0)) (&& (== net46) (== netcoreapp2.2)) (&& (== net46) (== netcoreapp3.1)) (&& (== net46) (== netstandard2.0)) (&& (== net46) (< net45) (>= netstandard1.6)) (&& (== net46) (>= netstandard1.6) (>= uap10.0)) (&& (== net462) (== netcoreapp2.2)) (&& (== net462) (== netcoreapp3.1)) (&& (== net462) (== netstandard2.0)) (&& (== net462) (< net45) (>= netstandard1.6)) (&& (== net462) (< netstandard1.5) (>= netstandard1.6) (>= uap10.0)) (&& (== netcoreapp2.2) (< netstandard1.4)) (&& (== netcoreapp2.2) (< netstandard1.5)) (&& (== netcoreapp2.2) (< netstandard1.6)) (&& (== netcoreapp2.2) (< netstandard2.0)) (&& (== netcoreapp3.1) (< netstandard1.4)) (&& (== netcoreapp3.1) (< netstandard1.5)) (&& (== netcoreapp3.1) (< netstandard1.6)) (&& (== netcoreapp3.1) (< netstandard2.0)) (== netstandard1.6)
      System.Runtime (>= 4.3) - restriction: || (&& (== net45) (>= netstandard1.3)) (&& (== net452) (>= netstandard1.3)) (&& (== net462) (< net46)) (== netcoreapp2.2) (== netcoreapp3.1) (== netstandard1.6) (== netstandard2.0)
    System.Linq (4.3) - restriction: || (&& (== net45) (== net462) (>= netstandard1.6) (>= uap10.0)) (&& (== net45) (== netcoreapp2.2)) (&& (== net45) (== netcoreapp3.1)) (&& (== net452) (== netcoreapp2.2)) (&& (== net452) (== netcoreapp3.1)) (&& (== net452) (== netstandard2.0)) (&& (== net452) (< net45) (>= netstandard1.6)) (&& (== net452) (>= netstandard1.6) (< portable-net45+win8+wpa81)) (&& (== net452) (>= netstandard1.6) (>= uap10.0)) (&& (== net46) (== netcoreapp2.2)) (&& (== net46) (== netcoreapp3.1)) (&& (== net46) (== netstandard2.0)) (&& (== net46) (< net45) (>= netstandard1.6)) (&& (== net46) (>= netstandard1.6) (< portable-net45+win8+wpa81)) (&& (== net46) (>= netstandard1.6) (>= uap10.0)) (&& (== net462) (== netcoreapp2.2)) (&& (== net462) (== netcoreapp3.1)) (&& (== net462) (== netstandard2.0)) (&& (== net462) (< net45) (>= netstandard1.6)) (&& (== net462) (< netstandard1.5) (>= netstandard1.6) (>= uap10.0)) (&& (== net462) (>= netstandard1.6) (< portable-net45+win8+wpa81)) (&& (== netcoreapp2.2) (< netstandard1.2)) (&& (== netcoreapp2.2) (< netstandard1.3)) (&& (== netcoreapp2.2) (< netstandard1.4)) (&& (== netcoreapp2.2) (< netstandard1.5)) (&& (== netcoreapp2.2) (< netstandard1.6)) (&& (== netcoreapp2.2) (< netstandard2.0)) (&& (== netcoreapp2.2) (< portable-net45+win8+wpa81)) (&& (== netcoreapp3.1) (< netstandard1.2)) (&& (== netcoreapp3.1) (< netstandard1.3)) (&& (== netcoreapp3.1) (< netstandard1.4)) (&& (== netcoreapp3.1) (< netstandard1.5)) (&& (== netcoreapp3.1) (< netstandard1.6)) (&& (== netcoreapp3.1) (< netstandard2.0)) (&& (== netcoreapp3.1) (< portable-net45+win8+wpa81)) (== netstandard1.6)
      System.Collections (>= 4.3) - restriction: || (&& (== net452) (< net45)) (&& (== net46) (< net45)) (&& (== net462) (< net45)) (== netcoreapp2.2) (== netcoreapp3.1) (== netstandard1.6) (== netstandard2.0)
      System.Diagnostics.Debug (>= 4.3) - restriction: || (&& (== net452) (< net45) (>= netstandard1.6)) (&& (== net46) (< net45) (>= netstandard1.6)) (&& (== net462) (< net45) (>= netstandard1.6)) (== netcoreapp2.2) (== netcoreapp3.1) (== netstandard1.6) (== netstandard2.0)
      System.Resources.ResourceManager (>= 4.3) - restriction: || (&& (== net452) (< net45) (>= netstandard1.6)) (&& (== net46) (< net45) (>= netstandard1.6)) (&& (== net462) (< net45) (>= netstandard1.6)) (== netcoreapp2.2) (== netcoreapp3.1) (== netstandard1.6) (== netstandard2.0)
      System.Runtime (>= 4.3) - restriction: || (&& (== net452) (< net45)) (&& (== net46) (< net45)) (&& (== net462) (< net45)) (== netcoreapp2.2) (== netcoreapp3.1) (== netstandard1.6) (== netstandard2.0)
      System.Runtime.Extensions (>= 4.3) - restriction: || (&& (== net452) (< net45) (>= netstandard1.6)) (&& (== net46) (< net45) (>= netstandard1.6)) (&& (== net462) (< net45) (>= netstandard1.6)) (== netcoreapp2.2) (== netcoreapp3.1) (== netstandard1.6) (== netstandard2.0)
    System.Linq.Expressions (4.3) - restriction: || (&& (== net45) (== net462) (>= netstandard1.6) (>= uap10.0)) (&& (== net45) (== netcoreapp2.2)) (&& (== net45) (== netcoreapp3.1)) (&& (== net452) (== netcoreapp2.2)) (&& (== net452) (== netcoreapp3.1)) (&& (== net452) (== netstandard2.0)) (&& (== net452) (< net45) (>= netstandard1.6)) (&& (== net452) (>= netstandard1.6) (< portable-net45+win8+wpa81)) (&& (== net452) (>= netstandard1.6) (>= uap10.0)) (&& (== net46) (== netcoreapp2.2)) (&& (== net46) (== netcoreapp3.1)) (&& (== net46) (== netstandard2.0)) (&& (== net46) (< net45) (>= netstandard1.6)) (&& (== net46) (>= netstandard1.6) (< portable-net45+win8+wpa81)) (&& (== net46) (>= netstandard1.6) (>= uap10.0)) (&& (== net462) (== netcoreapp2.2)) (&& (== net462) (== netcoreapp3.1)) (&& (== net462) (== netstandard2.0)) (&& (== net462) (< net45) (>= netstandard1.6)) (&& (== net462) (< netstandard1.5) (>= netstandard1.6) (>= uap10.0)) (&& (== net462) (>= netstandard1.6) (< portable-net45+win8+wpa81)) (&& (== netcoreapp2.2) (< netstandard1.2)) (&& (== netcoreapp2.2) (< netstandard1.3)) (&& (== netcoreapp2.2) (< netstandard1.4)) (&& (== netcoreapp2.2) (< netstandard1.5)) (&& (== netcoreapp2.2) (< netstandard1.6)) (&& (== netcoreapp2.2) (< netstandard2.0)) (&& (== netcoreapp2.2) (< portable-net45+win8+wpa81)) (&& (== netcoreapp3.1) (< netstandard1.2)) (&& (== netcoreapp3.1) (< netstandard1.3)) (&& (== netcoreapp3.1) (< netstandard1.4)) (&& (== netcoreapp3.1) (< netstandard1.5)) (&& (== netcoreapp3.1) (< netstandard1.6)) (&& (== netcoreapp3.1) (< netstandard2.0)) (&& (== netcoreapp3.1) (< portable-net45+win8+wpa81)) (== netstandard1.6)
      System.Collections (>= 4.3) - restriction: || (&& (== net452) (< net45) (>= netstandard1.6)) (&& (== net46) (< net45) (>= netstandard1.6)) (&& (== net462) (< net45) (>= netstandard1.6)) (== netcoreapp2.2) (== netcoreapp3.1) (== netstandard1.6) (== netstandard2.0)
      System.Diagnostics.Debug (>= 4.3) - restriction: || (&& (== net452) (< net45) (>= netstandard1.6)) (&& (== net46) (< net45) (>= netstandard1.6)) (&& (== net462) (< net45) (>= netstandard1.6)) (== netcoreapp2.2) (== netcoreapp3.1) (== netstandard1.6) (== netstandard2.0)
      System.Globalization (>= 4.3) - restriction: || (&& (== net452) (< net45) (>= netstandard1.6)) (&& (== net46) (< net45) (>= netstandard1.6)) (&& (== net462) (< net45) (>= netstandard1.6)) (== netcoreapp2.2) (== netcoreapp3.1) (== netstandard1.6) (== netstandard2.0)
      System.IO (>= 4.3) - restriction: || (&& (== net452) (< net45) (>= netstandard1.6)) (&& (== net46) (< net45) (>= netstandard1.6)) (&& (== net462) (< net45) (>= netstandard1.6)) (== netcoreapp2.2) (== netcoreapp3.1) (== netstandard1.6) (== netstandard2.0)
      System.Linq (>= 4.3) - restriction: || (&& (== net452) (< net45) (>= netstandard1.6)) (&& (== net46) (< net45) (>= netstandard1.6)) (&& (== net462) (< net45) (>= netstandard1.6)) (== netcoreapp2.2) (== netcoreapp3.1) (== netstandard1.6) (== netstandard2.0)
      System.ObjectModel (>= 4.3) - restriction: || (&& (== net452) (< net45) (>= netstandard1.6)) (&& (== net46) (< net45) (>= netstandard1.6)) (&& (== net462) (< net45) (>= netstandard1.6)) (== netcoreapp2.2) (== netcoreapp3.1) (== netstandard1.6) (== netstandard2.0)
      System.Reflection (>= 4.3) - restriction: || (&& (== net452) (< net45)) (&& (== net46) (< net45)) (&& (== net462) (< net45)) (== netcoreapp2.2) (== netcoreapp3.1) (== netstandard1.6) (== netstandard2.0)
      System.Reflection.Emit (>= 4.3) - restriction: || (&& (== net452) (< net45) (>= netstandard1.6)) (&& (== net46) (< net45) (>= netstandard1.6)) (&& (== net462) (< net45) (>= netstandard1.6)) (== netcoreapp2.2) (== netcoreapp3.1) (== netstandard1.6) (== netstandard2.0)
      System.Reflection.Emit.ILGeneration (>= 4.3) - restriction: || (&& (== net452) (< net45) (>= netstandard1.6)) (&& (== net46) (< net45) (>= netstandard1.6)) (&& (== net462) (< net45) (>= netstandard1.6)) (== netcoreapp2.2) (== netcoreapp3.1) (== netstandard1.6) (== netstandard2.0)
      System.Reflection.Emit.Lightweight (>= 4.3) - restriction: || (&& (== net452) (< net45) (>= netstandard1.6)) (&& (== net46) (< net45) (>= netstandard1.6)) (&& (== net462) (< net45) (>= netstandard1.6)) (== netcoreapp2.2) (== netcoreapp3.1) (== netstandard1.6) (== netstandard2.0)
      System.Reflection.Extensions (>= 4.3) - restriction: || (&& (== net452) (< net45) (>= netstandard1.6)) (&& (== net46) (< net45) (>= netstandard1.6)) (&& (== net462) (< net45) (>= netstandard1.6)) (== netcoreapp2.2) (== netcoreapp3.1) (== netstandard1.6) (== netstandard2.0)
      System.Reflection.Primitives (>= 4.3) - restriction: || (&& (== net452) (< net45) (>= netstandard1.6)) (&& (== net46) (< net45) (>= netstandard1.6)) (&& (== net462) (< net45) (>= netstandard1.6)) (== netcoreapp2.2) (== netcoreapp3.1) (== netstandard1.6) (== netstandard2.0)
      System.Reflection.TypeExtensions (>= 4.3) - restriction: || (&& (== net452) (< net45) (>= netstandard1.6)) (&& (== net46) (< net45) (>= netstandard1.6)) (&& (== net462) (< net45) (>= netstandard1.6)) (== netcoreapp2.2) (== netcoreapp3.1) (== netstandard1.6) (== netstandard2.0)
      System.Resources.ResourceManager (>= 4.3) - restriction: || (&& (== net452) (< net45) (>= netstandard1.6)) (&& (== net46) (< net45) (>= netstandard1.6)) (&& (== net462) (< net45) (>= netstandard1.6)) (== netcoreapp2.2) (== netcoreapp3.1) (== netstandard1.6) (== netstandard2.0)
      System.Runtime (>= 4.3) - restriction: || (&& (== net452) (< net45)) (&& (== net46) (< net45)) (&& (== net462) (< net45)) (== netcoreapp2.2) (== netcoreapp3.1) (== netstandard1.6) (== netstandard2.0)
      System.Runtime.Extensions (>= 4.3) - restriction: || (&& (== net452) (< net45) (>= netstandard1.6)) (&& (== net46) (< net45) (>= netstandard1.6)) (&& (== net462) (< net45) (>= netstandard1.6)) (== netcoreapp2.2) (== netcoreapp3.1) (== netstandard1.6) (== netstandard2.0)
      System.Threading (>= 4.3) - restriction: || (&& (== net452) (< net45) (>= netstandard1.6)) (&& (== net46) (< net45) (>= netstandard1.6)) (&& (== net462) (< net45) (>= netstandard1.6)) (== netcoreapp2.2) (== netcoreapp3.1) (== netstandard1.6) (== netstandard2.0)
    System.Management (4.5) - restriction: || (&& (== net45) (>= netstandard2.0)) (&& (== net452) (>= netstandard2.0)) (&& (== net46) (>= netstandard2.0)) (&& (== net462) (>= netstandard2.0)) (== netcoreapp2.2) (== netcoreapp3.1) (&& (== netstandard1.6) (>= netstandard2.0)) (== netstandard2.0)
      Microsoft.NETCore.Platforms (>= 2.0) - restriction: || (&& (== net45) (>= netcoreapp2.0)) (&& (== net452) (>= netcoreapp2.0)) (&& (== net46) (>= netcoreapp2.0)) (&& (== net462) (>= netcoreapp2.0)) (== netcoreapp2.2) (== netcoreapp3.1) (&& (== netstandard1.6) (>= netcoreapp2.0)) (&& (== netstandard2.0) (>= netcoreapp2.0))
      Microsoft.Win32.Registry (>= 4.5) - restriction: || (&& (== net45) (>= netcoreapp2.0)) (&& (== net452) (>= netcoreapp2.0)) (&& (== net46) (>= netcoreapp2.0)) (&& (== net462) (>= netcoreapp2.0)) (== netcoreapp2.2) (== netcoreapp3.1) (&& (== netstandard1.6) (>= netcoreapp2.0)) (&& (== netstandard2.0) (>= netcoreapp2.0))
      System.CodeDom (>= 4.5) - restriction: || (&& (== net45) (>= netcoreapp2.0)) (&& (== net452) (< net45) (>= netstandard2.0)) (&& (== net452) (>= netcoreapp2.0)) (&& (== net46) (< net45) (>= netstandard2.0)) (&& (== net46) (>= netcoreapp2.0)) (&& (== net462) (< net45) (>= netstandard2.0)) (&& (== net462) (>= netcoreapp2.0)) (== netcoreapp2.2) (== netcoreapp3.1) (&& (== netstandard1.6) (>= netcoreapp2.0)) (&& (== netstandard1.6) (>= netstandard2.0)) (== netstandard2.0)
    System.Memory (4.5.4)
      System.Buffers (>= 4.5.1) - restriction: || (== net45) (== net452) (== net46) (== net462) (&& (== netcoreapp2.2) (>= monotouch)) (&& (== netcoreapp2.2) (>= net461)) (&& (== netcoreapp2.2) (< netcoreapp2.0)) (&& (== netcoreapp2.2) (< netstandard1.1)) (&& (== netcoreapp2.2) (< netstandard2.0)) (&& (== netcoreapp2.2) (>= xamarinios)) (&& (== netcoreapp2.2) (>= xamarinmac)) (&& (== netcoreapp2.2) (>= xamarintvos)) (&& (== netcoreapp2.2) (>= xamarinwatchos)) (&& (== netcoreapp3.1) (>= monotouch)) (&& (== netcoreapp3.1) (>= net461)) (&& (== netcoreapp3.1) (< netcoreapp2.0)) (&& (== netcoreapp3.1) (< netstandard1.1)) (&& (== netcoreapp3.1) (< netstandard2.0)) (&& (== netcoreapp3.1) (>= xamarinios)) (&& (== netcoreapp3.1) (>= xamarinmac)) (&& (== netcoreapp3.1) (>= xamarintvos)) (&& (== netcoreapp3.1) (>= xamarinwatchos)) (== netstandard1.6) (== netstandard2.0)
      System.Diagnostics.Debug (>= 4.3) - restriction: || (&& (== net452) (< net45)) (&& (== net46) (< net45)) (&& (== net462) (< net45)) (&& (== netcoreapp2.2) (< netstandard2.0)) (&& (== netcoreapp3.1) (< netstandard2.0)) (== netstandard1.6)
      System.Globalization (>= 4.3) - restriction: || (&& (== net452) (< net45)) (&& (== net46) (< net45)) (&& (== net462) (< net45)) (&& (== netcoreapp2.2) (< netstandard2.0)) (&& (== netcoreapp3.1) (< netstandard2.0)) (== netstandard1.6)
      System.Numerics.Vectors (>= 4.4) - restriction: || (&& (== net452) (< net45) (>= netstandard2.0)) (&& (== net46) (< net45) (>= netstandard2.0)) (&& (== net462) (< net45) (>= netstandard2.0)) (&& (== netcoreapp2.2) (< netcoreapp2.0)) (&& (== netcoreapp3.1) (< netcoreapp2.0)) (&& (== netstandard1.6) (>= netstandard2.0)) (== netstandard2.0)
      System.Numerics.Vectors (>= 4.5) - restriction: || (&& (== net45) (>= net461)) (&& (== net452) (>= net461)) (&& (== net46) (>= net461)) (== net462) (&& (== netcoreapp2.2) (>= net461)) (&& (== netcoreapp3.1) (>= net461)) (&& (== netstandard1.6) (>= net461)) (&& (== netstandard2.0) (>= net461))
      System.Reflection (>= 4.3) - restriction: || (&& (== net452) (< net45)) (&& (== net46) (< net45)) (&& (== net462) (< net45)) (&& (== netcoreapp2.2) (< netstandard2.0)) (&& (== netcoreapp3.1) (< netstandard2.0)) (== netstandard1.6)
      System.Resources.ResourceManager (>= 4.3) - restriction: || (&& (== net452) (< net45)) (&& (== net46) (< net45)) (&& (== net462) (< net45)) (&& (== netcoreapp2.2) (< netstandard2.0)) (&& (== netcoreapp3.1) (< netstandard2.0)) (== netstandard1.6)
      System.Runtime (>= 4.3) - restriction: || (&& (== net452) (< net45)) (&& (== net46) (< net45)) (&& (== net462) (< net45)) (&& (== netcoreapp2.2) (< netstandard2.0)) (&& (== netcoreapp3.1) (< netstandard2.0)) (== netstandard1.6)
      System.Runtime.CompilerServices.Unsafe (>= 4.5.3) - restriction: || (== net45) (== net452) (== net46) (== net462) (&& (== netcoreapp2.2) (>= monotouch)) (&& (== netcoreapp2.2) (>= net461)) (&& (== netcoreapp2.2) (< netcoreapp2.0)) (&& (== netcoreapp2.2) (< netcoreapp2.1)) (&& (== netcoreapp2.2) (< netstandard1.1)) (&& (== netcoreapp2.2) (< netstandard2.0)) (&& (== netcoreapp2.2) (>= uap10.1)) (&& (== netcoreapp2.2) (>= xamarinios)) (&& (== netcoreapp2.2) (>= xamarinmac)) (&& (== netcoreapp2.2) (>= xamarintvos)) (&& (== netcoreapp2.2) (>= xamarinwatchos)) (&& (== netcoreapp3.1) (>= monotouch)) (&& (== netcoreapp3.1) (>= net461)) (&& (== netcoreapp3.1) (< netcoreapp2.0)) (&& (== netcoreapp3.1) (< netcoreapp2.1)) (&& (== netcoreapp3.1) (< netstandard1.1)) (&& (== netcoreapp3.1) (< netstandard2.0)) (&& (== netcoreapp3.1) (>= uap10.1)) (&& (== netcoreapp3.1) (>= xamarinios)) (&& (== netcoreapp3.1) (>= xamarinmac)) (&& (== netcoreapp3.1) (>= xamarintvos)) (&& (== netcoreapp3.1) (>= xamarinwatchos)) (== netstandard1.6) (== netstandard2.0)
      System.Runtime.Extensions (>= 4.3) - restriction: || (&& (== net452) (< net45)) (&& (== net46) (< net45)) (&& (== net462) (< net45)) (&& (== netcoreapp2.2) (< netstandard2.0)) (&& (== netcoreapp3.1) (< netstandard2.0)) (== netstandard1.6)
      System.Runtime.InteropServices (>= 4.3) - restriction: || (&& (== net452) (< net45)) (&& (== net46) (< net45)) (&& (== net462) (< net45)) (&& (== netcoreapp2.2) (< netstandard2.0)) (&& (== netcoreapp3.1) (< netstandard2.0)) (== netstandard1.6)
    System.Net.Http (4.3.4) - restriction: || (&& (== net45) (== net462) (>= netstandard1.6) (>= uap10.0)) (&& (== net45) (== netcoreapp2.2)) (&& (== net45) (== netcoreapp3.1)) (&& (== net452) (== netcoreapp2.2)) (&& (== net452) (== netcoreapp3.1)) (&& (== net452) (== netstandard2.0)) (&& (== net452) (< net45) (>= netstandard1.6)) (&& (== net452) (>= netstandard1.6) (>= uap10.0)) (&& (== net46) (== netcoreapp2.2)) (&& (== net46) (== netcoreapp3.1)) (&& (== net46) (== netstandard2.0)) (&& (== net46) (< net45) (>= netstandard1.6)) (&& (== net46) (>= netstandard1.6) (>= uap10.0)) (&& (== net462) (== netcoreapp2.2)) (&& (== net462) (== netcoreapp3.1)) (&& (== net462) (== netstandard2.0)) (&& (== net462) (< net45) (>= netstandard1.6)) (&& (== net462) (< netstandard1.5) (>= netstandard1.6) (>= uap10.0)) (&& (== netcoreapp2.2) (< netstandard1.2)) (&& (== netcoreapp2.2) (< netstandard1.3)) (&& (== netcoreapp2.2) (< netstandard1.4)) (&& (== netcoreapp2.2) (< netstandard1.5)) (&& (== netcoreapp2.2) (< netstandard1.6)) (&& (== netcoreapp2.2) (< netstandard2.0)) (&& (== netcoreapp3.1) (< netstandard1.2)) (&& (== netcoreapp3.1) (< netstandard1.3)) (&& (== netcoreapp3.1) (< netstandard1.4)) (&& (== netcoreapp3.1) (< netstandard1.5)) (&& (== netcoreapp3.1) (< netstandard1.6)) (&& (== netcoreapp3.1) (< netstandard2.0)) (== netstandard1.6)
      Microsoft.NETCore.Platforms (>= 1.1.1) - restriction: || (&& (== net452) (< net45) (>= netstandard1.3)) (&& (== net452) (< net45) (>= netstandard1.6)) (&& (== net46) (< net45)) (&& (== net462) (< net45)) (== netcoreapp2.2) (== netcoreapp3.1) (== netstandard1.6) (== netstandard2.0)
      runtime.native.System (>= 4.3) - restriction: || (&& (== net452) (< net45) (>= netstandard1.6)) (&& (== net46) (< net45) (>= netstandard1.6)) (&& (== net462) (< net45) (>= netstandard1.6)) (== netcoreapp2.2) (== netcoreapp3.1) (== netstandard1.6) (== netstandard2.0)
      runtime.native.System.Net.Http (>= 4.3) - restriction: || (&& (== net452) (< net45) (>= netstandard1.6)) (&& (== net46) (< net45) (>= netstandard1.6)) (&& (== net462) (< net45) (>= netstandard1.6)) (== netcoreapp2.2) (== netcoreapp3.1) (== netstandard1.6) (== netstandard2.0)
      runtime.native.System.Security.Cryptography.OpenSsl (>= 4.3.2) - restriction: || (&& (== net452) (< net45) (>= netstandard1.6)) (&& (== net46) (< net45) (>= netstandard1.6)) (&& (== net462) (< net45) (>= netstandard1.6)) (== netcoreapp2.2) (== netcoreapp3.1) (== netstandard1.6) (== netstandard2.0)
      System.Collections (>= 4.3) - restriction: || (&& (== net452) (< net45) (>= netstandard1.3)) (&& (== net452) (< net45) (>= netstandard1.6)) (&& (== net46) (< net45)) (&& (== net462) (< net45)) (== netcoreapp2.2) (== netcoreapp3.1) (== netstandard1.6) (== netstandard2.0)
      System.Diagnostics.Debug (>= 4.3) - restriction: || (&& (== net452) (< net45) (>= netstandard1.3)) (&& (== net452) (< net45) (>= netstandard1.6)) (&& (== net46) (< net45)) (&& (== net462) (< net45)) (== netcoreapp2.2) (== netcoreapp3.1) (== netstandard1.6) (== netstandard2.0)
      System.Diagnostics.DiagnosticSource (>= 4.3) - restriction: || (&& (== net452) (< net45) (>= netstandard1.3)) (&& (== net452) (< net45) (>= netstandard1.6)) (&& (== net46) (< net45)) (&& (== net462) (< net45)) (== netcoreapp2.2) (== netcoreapp3.1) (== netstandard1.6) (== netstandard2.0)
      System.Diagnostics.Tracing (>= 4.3) - restriction: || (&& (== net452) (< net45) (>= netstandard1.3)) (&& (== net452) (< net45) (>= netstandard1.6)) (&& (== net46) (< net45)) (&& (== net462) (< net45)) (== netcoreapp2.2) (== netcoreapp3.1) (== netstandard1.6) (== netstandard2.0)
      System.Globalization (>= 4.3) - restriction: || (&& (== net452) (< net45) (>= netstandard1.3)) (&& (== net452) (< net45) (>= netstandard1.6)) (&& (== net46) (< net45)) (&& (== net462) (< net45)) (== netcoreapp2.2) (== netcoreapp3.1) (== netstandard1.6) (== netstandard2.0)
      System.Globalization.Extensions (>= 4.3) - restriction: || (&& (== net452) (< net45) (>= netstandard1.6)) (&& (== net46) (< net45) (>= netstandard1.6)) (&& (== net462) (< net45) (>= netstandard1.6)) (== netcoreapp2.2) (== netcoreapp3.1) (== netstandard1.6) (== netstandard2.0)
      System.IO (>= 4.3) - restriction: || (&& (== net452) (< net45)) (&& (== net46) (< net45)) (&& (== net462) (< net45)) (== netcoreapp2.2) (== netcoreapp3.1) (== netstandard1.6) (== netstandard2.0)
      System.IO.FileSystem (>= 4.3) - restriction: || (&& (== net452) (< net45) (>= netstandard1.6)) (&& (== net46) (< net45) (>= netstandard1.6)) (&& (== net462) (< net45) (>= netstandard1.6)) (== netcoreapp2.2) (== netcoreapp3.1) (== netstandard1.6) (== netstandard2.0)
      System.Net.Primitives (>= 4.3) - restriction: || (&& (== net452) (< net45)) (&& (== net46) (< net45)) (&& (== net462) (< net45)) (== netcoreapp2.2) (== netcoreapp3.1) (== netstandard1.6) (== netstandard2.0)
      System.Resources.ResourceManager (>= 4.3) - restriction: || (&& (== net452) (< net45) (>= netstandard1.3)) (&& (== net452) (< net45) (>= netstandard1.6)) (&& (== net46) (< net45)) (&& (== net462) (< net45)) (== netcoreapp2.2) (== netcoreapp3.1) (== netstandard1.6) (== netstandard2.0)
      System.Runtime (>= 4.3) - restriction: || (&& (== net452) (< net45)) (&& (== net46) (< net45)) (&& (== net462) (< net45)) (== netcoreapp2.2) (== netcoreapp3.1) (== netstandard1.6) (== netstandard2.0)
      System.Runtime.Extensions (>= 4.3) - restriction: || (&& (== net452) (< net45) (>= netstandard1.3)) (&& (== net452) (< net45) (>= netstandard1.6)) (&& (== net46) (< net45)) (&& (== net462) (< net45)) (== netcoreapp2.2) (== netcoreapp3.1) (== netstandard1.6) (== netstandard2.0)
      System.Runtime.Handles (>= 4.3) - restriction: || (&& (== net452) (< net45) (>= netstandard1.3)) (&& (== net452) (< net45) (>= netstandard1.6)) (&& (== net46) (< net45)) (&& (== net462) (< net45)) (== netcoreapp2.2) (== netcoreapp3.1) (== netstandard1.6) (== netstandard2.0)
      System.Runtime.InteropServices (>= 4.3) - restriction: || (&& (== net452) (< net45) (>= netstandard1.3)) (&& (== net452) (< net45) (>= netstandard1.6)) (&& (== net46) (< net45)) (&& (== net462) (< net45)) (== netcoreapp2.2) (== netcoreapp3.1) (== netstandard1.6) (== netstandard2.0)
      System.Security.Cryptography.Algorithms (>= 4.3) - restriction: || (&& (== net452) (< net45) (>= netstandard1.6)) (&& (== net46) (< net45) (>= netstandard1.6)) (&& (== net462) (< net45) (>= netstandard1.6)) (== netcoreapp2.2) (== netcoreapp3.1) (== netstandard1.6) (== netstandard2.0)
      System.Security.Cryptography.Encoding (>= 4.3) - restriction: || (&& (== net452) (< net45) (>= netstandard1.3)) (&& (== net452) (< net45) (>= netstandard1.6)) (&& (== net46) (< net45)) (&& (== net462) (< net45)) (== netcoreapp2.2) (== netcoreapp3.1) (== netstandard1.6) (== netstandard2.0)
      System.Security.Cryptography.OpenSsl (>= 4.3) - restriction: || (&& (== net452) (< net45) (>= netstandard1.6)) (&& (== net46) (< net45) (>= netstandard1.6)) (&& (== net462) (< net45) (>= netstandard1.6)) (== netcoreapp2.2) (== netcoreapp3.1) (== netstandard1.6) (== netstandard2.0)
      System.Security.Cryptography.Primitives (>= 4.3) - restriction: || (&& (== net452) (< net45) (>= netstandard1.6)) (&& (== net46) (< net45) (>= netstandard1.6)) (&& (== net462) (< net45) (>= netstandard1.6)) (== netcoreapp2.2) (== netcoreapp3.1) (== netstandard1.6) (== netstandard2.0)
      System.Security.Cryptography.X509Certificates (>= 4.3) - restriction: || (&& (== net45) (>= net46)) (&& (== net452) (< net45) (>= netstandard1.3)) (&& (== net452) (< net45) (>= netstandard1.6)) (&& (== net452) (>= net46)) (== net46) (== net462) (== netcoreapp2.2) (== netcoreapp3.1) (== netstandard1.6) (== netstandard2.0)
      System.Text.Encoding (>= 4.3) - restriction: || (&& (== net452) (< net45)) (&& (== net46) (< net45)) (&& (== net462) (< net45)) (== netcoreapp2.2) (== netcoreapp3.1) (== netstandard1.6) (== netstandard2.0)
      System.Threading (>= 4.3) - restriction: || (&& (== net452) (< net45) (>= netstandard1.3)) (&& (== net452) (< net45) (>= netstandard1.6)) (&& (== net46) (< net45)) (&& (== net462) (< net45)) (== netcoreapp2.2) (== netcoreapp3.1) (== netstandard1.6) (== netstandard2.0)
      System.Threading.Tasks (>= 4.3) - restriction: || (&& (== net452) (< net45)) (&& (== net46) (< net45)) (&& (== net462) (< net45)) (== netcoreapp2.2) (== netcoreapp3.1) (== netstandard1.6) (== netstandard2.0)
    System.Net.Primitives (4.3.1) - restriction: || (&& (== net45) (== net462) (>= netstandard1.6) (>= uap10.0)) (&& (== net45) (== netcoreapp2.2)) (&& (== net45) (== netcoreapp3.1)) (&& (== net452) (== netcoreapp2.2)) (&& (== net452) (== netcoreapp3.1)) (&& (== net452) (== netstandard2.0)) (&& (== net452) (< net45) (>= netstandard1.6)) (&& (== net452) (>= netstandard1.6) (< portable-net45+win8+wpa81)) (&& (== net452) (>= netstandard1.6) (>= uap10.0)) (&& (== net46) (== netcoreapp2.2)) (&& (== net46) (== netcoreapp3.1)) (&& (== net46) (== netstandard2.0)) (&& (== net46) (< net45) (>= netstandard1.6)) (&& (== net46) (>= netstandard1.6) (< portable-net45+win8+wpa81)) (&& (== net46) (>= netstandard1.6) (>= uap10.0)) (&& (== net462) (== netcoreapp2.2)) (&& (== net462) (== netcoreapp3.1)) (&& (== net462) (== netstandard2.0)) (&& (== net462) (< net45) (>= netstandard1.6)) (&& (== net462) (< netstandard1.5) (>= netstandard1.6) (>= uap10.0)) (&& (== net462) (>= netstandard1.6) (< portable-net45+win8+wpa81)) (&& (== netcoreapp2.2) (< netstandard1.2)) (&& (== netcoreapp2.2) (< netstandard1.3)) (&& (== netcoreapp2.2) (< netstandard1.4)) (&& (== netcoreapp2.2) (< netstandard1.5)) (&& (== netcoreapp2.2) (< netstandard1.6)) (&& (== netcoreapp2.2) (< netstandard2.0)) (&& (== netcoreapp2.2) (< portable-net45+win8+wpa81)) (&& (== netcoreapp3.1) (< netstandard1.2)) (&& (== netcoreapp3.1) (< netstandard1.3)) (&& (== netcoreapp3.1) (< netstandard1.4)) (&& (== netcoreapp3.1) (< netstandard1.5)) (&& (== netcoreapp3.1) (< netstandard1.6)) (&& (== netcoreapp3.1) (< netstandard2.0)) (&& (== netcoreapp3.1) (< portable-net45+win8+wpa81)) (== netstandard1.6)
      Microsoft.NETCore.Platforms (>= 1.1.1) - restriction: || (&& (== net45) (< netstandard1.1)) (&& (== net452) (< net45)) (&& (== net452) (< netstandard1.1)) (&& (== net46) (< net45)) (&& (== net46) (< netstandard1.1)) (&& (== net462) (< net45)) (&& (== net462) (< netstandard1.1)) (== netcoreapp2.2) (== netcoreapp3.1) (== netstandard1.6) (== netstandard2.0)
      Microsoft.NETCore.Targets (>= 1.1.3) - restriction: || (&& (== net45) (< netstandard1.1)) (&& (== net452) (< net45)) (&& (== net452) (< netstandard1.1)) (&& (== net46) (< net45)) (&& (== net46) (< netstandard1.1)) (&& (== net462) (< net45)) (&& (== net462) (< netstandard1.1)) (== netcoreapp2.2) (== netcoreapp3.1) (== netstandard1.6) (== netstandard2.0)
      System.Runtime (>= 4.3.1) - restriction: || (&& (== net45) (< netstandard1.1)) (&& (== net452) (< net45)) (&& (== net452) (< netstandard1.1)) (&& (== net46) (< net45)) (&& (== net46) (< netstandard1.1)) (&& (== net462) (< net45)) (&& (== net462) (< netstandard1.1)) (== netcoreapp2.2) (== netcoreapp3.1) (== netstandard1.6) (== netstandard2.0)
      System.Runtime.Handles (>= 4.3) - restriction: || (&& (== net452) (< net45) (>= netstandard1.3)) (&& (== net46) (< net45)) (&& (== net462) (< net45)) (== netcoreapp2.2) (== netcoreapp3.1) (== netstandard1.6) (== netstandard2.0)
    System.Net.Sockets (4.3) - restriction: || (&& (== net45) (== net462) (>= netstandard1.6) (>= uap10.0)) (&& (== net45) (== netcoreapp2.2)) (&& (== net45) (== netcoreapp3.1)) (&& (== net452) (== netcoreapp2.2)) (&& (== net452) (== netcoreapp3.1)) (&& (== net452) (== netstandard2.0)) (&& (== net452) (< net45) (>= netstandard1.6)) (&& (== net452) (>= netstandard1.6) (>= uap10.0)) (&& (== net46) (== netcoreapp2.2)) (&& (== net46) (== netcoreapp3.1)) (&& (== net46) (== netstandard2.0)) (&& (== net46) (< net45) (>= netstandard1.6)) (&& (== net46) (>= netstandard1.6) (>= uap10.0)) (&& (== net462) (== netcoreapp2.2)) (&& (== net462) (== netcoreapp3.1)) (&& (== net462) (== netstandard2.0)) (&& (== net462) (< net45) (>= netstandard1.6)) (&& (== net462) (< netstandard1.5) (>= netstandard1.6) (>= uap10.0)) (&& (== netcoreapp2.2) (< netstandard1.4)) (&& (== netcoreapp2.2) (< netstandard1.5)) (&& (== netcoreapp2.2) (< netstandard1.6)) (&& (== netcoreapp2.2) (< netstandard2.0)) (&& (== netcoreapp3.1) (< netstandard1.4)) (&& (== netcoreapp3.1) (< netstandard1.5)) (&& (== netcoreapp3.1) (< netstandard1.6)) (&& (== netcoreapp3.1) (< netstandard2.0)) (== netstandard1.6)
      Microsoft.NETCore.Platforms (>= 1.1) - restriction: || (&& (== net45) (>= netstandard1.3)) (&& (== net452) (>= netstandard1.3)) (&& (== net462) (< net46)) (== netcoreapp2.2) (== netcoreapp3.1) (== netstandard1.6) (== netstandard2.0)
      Microsoft.NETCore.Targets (>= 1.1) - restriction: || (&& (== net45) (>= netstandard1.3)) (&& (== net452) (>= netstandard1.3)) (&& (== net462) (< net46)) (== netcoreapp2.2) (== netcoreapp3.1) (== netstandard1.6) (== netstandard2.0)
      System.IO (>= 4.3) - restriction: || (&& (== net45) (>= netstandard1.3)) (&& (== net452) (>= netstandard1.3)) (&& (== net462) (< net46)) (== netcoreapp2.2) (== netcoreapp3.1) (== netstandard1.6) (== netstandard2.0)
      System.Net.Primitives (>= 4.3) - restriction: || (&& (== net45) (>= netstandard1.3)) (&& (== net452) (>= netstandard1.3)) (&& (== net462) (< net46)) (== netcoreapp2.2) (== netcoreapp3.1) (== netstandard1.6) (== netstandard2.0)
      System.Runtime (>= 4.3) - restriction: || (&& (== net45) (>= netstandard1.3)) (&& (== net452) (>= netstandard1.3)) (&& (== net462) (< net46)) (== netcoreapp2.2) (== netcoreapp3.1) (== netstandard1.6) (== netstandard2.0)
      System.Threading.Tasks (>= 4.3) - restriction: || (&& (== net45) (>= netstandard1.3)) (&& (== net452) (>= netstandard1.3)) (&& (== net462) (< net46)) (== netcoreapp2.2) (== netcoreapp3.1) (== netstandard1.6) (== netstandard2.0)
    System.Numerics.Vectors (4.5) - restriction: || (&& (== net45) (== netcoreapp2.2)) (&& (== net45) (== netcoreapp3.1)) (&& (== net45) (>= net461)) (&& (== net452) (== netcoreapp2.2)) (&& (== net452) (== netcoreapp3.1)) (&& (== net452) (< net45) (>= netstandard2.0)) (&& (== net452) (>= net461)) (&& (== net46) (== netcoreapp2.2)) (&& (== net46) (== netcoreapp3.1)) (&& (== net46) (< net45) (>= netstandard2.0)) (&& (== net46) (>= net461)) (== net462) (&& (== netcoreapp2.2) (== netstandard1.6)) (&& (== netcoreapp2.2) (>= net461)) (&& (== netcoreapp2.2) (< netcoreapp2.0)) (&& (== netcoreapp3.1) (== netstandard1.6)) (&& (== netcoreapp3.1) (>= net461)) (&& (== netcoreapp3.1) (< netcoreapp2.0)) (&& (== netstandard1.6) (>= net461)) (&& (== netstandard1.6) (>= netstandard2.0)) (== netstandard2.0)
    System.ObjectModel (4.3) - restriction: || (&& (== net45) (== net462) (>= netstandard1.6) (>= uap10.0)) (&& (== net45) (== netcoreapp2.2)) (&& (== net45) (== netcoreapp3.1)) (&& (== net452) (== netcoreapp2.2)) (&& (== net452) (== netcoreapp3.1)) (&& (== net452) (== netstandard2.0)) (&& (== net452) (< net45) (>= netstandard1.6)) (&& (== net452) (>= netstandard1.6) (< portable-net45+win8+wpa81)) (&& (== net452) (>= netstandard1.6) (>= uap10.0)) (&& (== net46) (== netcoreapp2.2)) (&& (== net46) (== netcoreapp3.1)) (&& (== net46) (== netstandard2.0)) (&& (== net46) (< net45) (>= netstandard1.6)) (&& (== net46) (>= netstandard1.6) (< portable-net45+win8+wpa81)) (&& (== net46) (>= netstandard1.6) (>= uap10.0)) (&& (== net462) (== netcoreapp2.2)) (&& (== net462) (== netcoreapp3.1)) (&& (== net462) (== netstandard2.0)) (&& (== net462) (< net45) (>= netstandard1.6)) (&& (== net462) (< netstandard1.5) (>= netstandard1.6) (>= uap10.0)) (&& (== net462) (>= netstandard1.6) (< portable-net45+win8+wpa81)) (&& (== netcoreapp2.2) (< netstandard1.2)) (&& (== netcoreapp2.2) (< netstandard1.3)) (&& (== netcoreapp2.2) (< netstandard1.4)) (&& (== netcoreapp2.2) (< netstandard1.5)) (&& (== netcoreapp2.2) (< netstandard1.6)) (&& (== netcoreapp2.2) (< netstandard2.0)) (&& (== netcoreapp2.2) (< portable-net45+win8+wpa81)) (&& (== netcoreapp3.1) (< netstandard1.2)) (&& (== netcoreapp3.1) (< netstandard1.3)) (&& (== netcoreapp3.1) (< netstandard1.4)) (&& (== netcoreapp3.1) (< netstandard1.5)) (&& (== netcoreapp3.1) (< netstandard1.6)) (&& (== netcoreapp3.1) (< netstandard2.0)) (&& (== netcoreapp3.1) (< portable-net45+win8+wpa81)) (== netstandard1.6)
      System.Collections (>= 4.3) - restriction: || (&& (== net452) (< net45) (>= netstandard1.3)) (&& (== net46) (< net45)) (&& (== net462) (< net45)) (== netcoreapp2.2) (== netcoreapp3.1) (== netstandard1.6) (== netstandard2.0)
      System.Diagnostics.Debug (>= 4.3) - restriction: || (&& (== net452) (< net45) (>= netstandard1.3)) (&& (== net46) (< net45)) (&& (== net462) (< net45)) (== netcoreapp2.2) (== netcoreapp3.1) (== netstandard1.6) (== netstandard2.0)
      System.Resources.ResourceManager (>= 4.3) - restriction: || (&& (== net452) (< net45) (>= netstandard1.3)) (&& (== net46) (< net45)) (&& (== net462) (< net45)) (== netcoreapp2.2) (== netcoreapp3.1) (== netstandard1.6) (== netstandard2.0)
      System.Runtime (>= 4.3) - restriction: || (&& (== net452) (< net45)) (&& (== net46) (< net45)) (&& (== net462) (< net45)) (== netcoreapp2.2) (== netcoreapp3.1) (== netstandard1.6) (== netstandard2.0)
      System.Threading (>= 4.3) - restriction: || (&& (== net452) (< net45) (>= netstandard1.3)) (&& (== net46) (< net45)) (&& (== net462) (< net45)) (== netcoreapp2.2) (== netcoreapp3.1) (== netstandard1.6) (== netstandard2.0)
    System.Reflection (4.3) - restriction: || (&& (== net452) (< net45)) (&& (== net46) (< net45)) (&& (== net462) (< net45)) (== netcoreapp2.2) (== netcoreapp3.1) (== netstandard1.6) (== netstandard2.0)
      Microsoft.NETCore.Platforms (>= 1.1) - restriction: || (&& (== net452) (< net45)) (&& (== net46) (< net45)) (&& (== net462) (< net45)) (== netcoreapp2.2) (== netcoreapp3.1) (== netstandard1.6) (== netstandard2.0)
      Microsoft.NETCore.Targets (>= 1.1) - restriction: || (&& (== net452) (< net45)) (&& (== net46) (< net45)) (&& (== net462) (< net45)) (== netcoreapp2.2) (== netcoreapp3.1) (== netstandard1.6) (== netstandard2.0)
      System.IO (>= 4.3) - restriction: || (&& (== net452) (< net45)) (&& (== net46) (< net45)) (&& (== net462) (< net45)) (== netcoreapp2.2) (== netcoreapp3.1) (== netstandard1.6) (== netstandard2.0)
      System.Reflection.Primitives (>= 4.3) - restriction: || (&& (== net452) (< net45)) (&& (== net46) (< net45)) (&& (== net462) (< net45)) (== netcoreapp2.2) (== netcoreapp3.1) (== netstandard1.6) (== netstandard2.0)
      System.Runtime (>= 4.3) - restriction: || (&& (== net452) (< net45)) (&& (== net46) (< net45)) (&& (== net462) (< net45)) (== netcoreapp2.2) (== netcoreapp3.1) (== netstandard1.6) (== netstandard2.0)
    System.Reflection.Emit (4.3) - restriction: || (&& (== net45) (== net462) (>= netstandard1.6) (>= uap10.0)) (&& (== net45) (>= netstandard2.0)) (&& (== net452) (< net45) (>= netstandard1.6)) (&& (== net452) (>= netstandard1.6) (< portable-net45+win8+wpa81)) (&& (== net452) (>= netstandard1.6) (>= uap10.0)) (&& (== net452) (>= netstandard2.0)) (&& (== net46) (< net45) (>= netstandard1.6)) (&& (== net46) (>= netstandard1.6) (< portable-net45+win8+wpa81)) (&& (== net46) (>= netstandard1.6) (>= uap10.0)) (&& (== net46) (>= netstandard2.0)) (&& (== net462) (< net45) (>= netstandard1.6)) (&& (== net462) (< netstandard1.5) (>= netstandard1.6) (>= uap10.0)) (&& (== net462) (>= netstandard1.6) (< portable-net45+win8+wpa81)) (&& (== net462) (>= netstandard2.0)) (== netcoreapp2.2) (== netcoreapp3.1) (== netstandard1.6) (== netstandard2.0)
      System.IO (>= 4.3) - restriction: || (&& (== net452) (< net45)) (&& (== net46) (< net45)) (&& (== net462) (< net45)) (== netcoreapp2.2) (== netcoreapp3.1) (== netstandard1.6) (== netstandard2.0)
      System.Reflection (>= 4.3) - restriction: || (&& (== net452) (< net45)) (&& (== net46) (< net45)) (&& (== net462) (< net45)) (== netcoreapp2.2) (== netcoreapp3.1) (== netstandard1.6) (== netstandard2.0)
      System.Reflection.Emit.ILGeneration (>= 4.3) - restriction: || (&& (== net452) (< net45)) (&& (== net46) (< net45)) (&& (== net462) (< net45)) (== netcoreapp2.2) (== netcoreapp3.1) (== netstandard1.6) (== netstandard2.0)
      System.Reflection.Primitives (>= 4.3) - restriction: || (&& (== net452) (< net45)) (&& (== net46) (< net45)) (&& (== net462) (< net45)) (== netcoreapp2.2) (== netcoreapp3.1) (== netstandard1.6) (== netstandard2.0)
      System.Runtime (>= 4.3) - restriction: || (&& (== net452) (< net45)) (&& (== net46) (< net45)) (&& (== net462) (< net45)) (== netcoreapp2.2) (== netcoreapp3.1) (== netstandard1.6) (== netstandard2.0)
    System.Reflection.Emit.ILGeneration (4.3) - restriction: || (&& (== net45) (== net462) (>= netstandard1.6) (>= uap10.0)) (&& (== net452) (< net45) (>= netstandard1.6)) (&& (== net452) (< net45) (>= netstandard2.0)) (&& (== net452) (>= netstandard1.6) (< portable-net45+win8+wpa81)) (&& (== net452) (>= netstandard1.6) (>= uap10.0)) (&& (== net46) (< net45) (>= netstandard1.6)) (&& (== net46) (< net45) (>= netstandard2.0)) (&& (== net46) (>= netstandard1.6) (< portable-net45+win8+wpa81)) (&& (== net46) (>= netstandard1.6) (>= uap10.0)) (&& (== net462) (< net45) (>= netstandard1.6)) (&& (== net462) (< net45) (>= netstandard2.0)) (&& (== net462) (< netstandard1.5) (>= netstandard1.6) (>= uap10.0)) (&& (== net462) (>= netstandard1.6) (< portable-net45+win8+wpa81)) (== netcoreapp2.2) (== netcoreapp3.1) (== netstandard1.6) (== netstandard2.0)
      System.Reflection (>= 4.3) - restriction: || (&& (== net452) (< net45)) (&& (== net46) (< net45)) (&& (== net462) (< net45)) (== netcoreapp2.2) (== netcoreapp3.1) (== netstandard1.6) (== netstandard2.0)
      System.Reflection.Primitives (>= 4.3) - restriction: || (&& (== net452) (< net45)) (&& (== net46) (< net45)) (&& (== net462) (< net45)) (== netcoreapp2.2) (== netcoreapp3.1) (== netstandard1.6) (== netstandard2.0)
      System.Runtime (>= 4.3) - restriction: || (&& (== net452) (< net45)) (&& (== net46) (< net45)) (&& (== net462) (< net45)) (== netcoreapp2.2) (== netcoreapp3.1) (== netstandard1.6) (== netstandard2.0)
    System.Reflection.Emit.Lightweight (4.3) - restriction: || (&& (== net45) (== net462) (>= netstandard1.6) (>= uap10.0)) (&& (== net45) (>= netstandard2.0)) (&& (== net452) (< net45) (>= netstandard1.6)) (&& (== net452) (>= netstandard1.6) (< portable-net45+win8+wpa81)) (&& (== net452) (>= netstandard1.6) (>= uap10.0)) (&& (== net452) (>= netstandard2.0)) (&& (== net46) (< net45) (>= netstandard1.6)) (&& (== net46) (>= netstandard1.6) (< portable-net45+win8+wpa81)) (&& (== net46) (>= netstandard1.6) (>= uap10.0)) (&& (== net46) (>= netstandard2.0)) (&& (== net462) (< net45) (>= netstandard1.6)) (&& (== net462) (< netstandard1.5) (>= netstandard1.6) (>= uap10.0)) (&& (== net462) (>= netstandard1.6) (< portable-net45+win8+wpa81)) (&& (== net462) (>= netstandard2.0)) (== netcoreapp2.2) (== netcoreapp3.1) (== netstandard1.6) (== netstandard2.0)
      System.Reflection (>= 4.3) - restriction: || (&& (== net452) (< net45)) (&& (== net46) (< net45)) (&& (== net462) (< net45)) (== netcoreapp2.2) (== netcoreapp3.1) (== netstandard1.6) (== netstandard2.0)
      System.Reflection.Emit.ILGeneration (>= 4.3) - restriction: || (&& (== net452) (< net45)) (&& (== net46) (< net45)) (&& (== net462) (< net45)) (== netcoreapp2.2) (== netcoreapp3.1) (== netstandard1.6) (== netstandard2.0)
      System.Reflection.Primitives (>= 4.3) - restriction: || (&& (== net452) (< net45)) (&& (== net46) (< net45)) (&& (== net462) (< net45)) (== netcoreapp2.2) (== netcoreapp3.1) (== netstandard1.6) (== netstandard2.0)
      System.Runtime (>= 4.3) - restriction: || (&& (== net452) (< net45)) (&& (== net46) (< net45)) (&& (== net462) (< net45)) (== netcoreapp2.2) (== netcoreapp3.1) (== netstandard1.6) (== netstandard2.0)
    System.Reflection.Extensions (4.3) - restriction: || (&& (== net45) (== net462) (>= netstandard1.6) (>= uap10.0)) (&& (== net45) (== netcoreapp2.2)) (&& (== net45) (== netcoreapp3.1)) (&& (== net452) (== netcoreapp2.2)) (&& (== net452) (== netcoreapp3.1)) (&& (== net452) (== netstandard2.0)) (&& (== net452) (< net45) (>= netstandard1.6)) (&& (== net452) (>= netstandard1.6) (< portable-net45+win8+wpa81)) (&& (== net452) (>= netstandard1.6) (>= uap10.0)) (&& (== net46) (== netcoreapp2.2)) (&& (== net46) (== netcoreapp3.1)) (&& (== net46) (== netstandard2.0)) (&& (== net46) (< net45) (>= netstandard1.6)) (&& (== net46) (>= netstandard1.6) (< portable-net45+win8+wpa81)) (&& (== net46) (>= netstandard1.6) (>= uap10.0)) (&& (== net462) (== netcoreapp2.2)) (&& (== net462) (== netcoreapp3.1)) (&& (== net462) (== netstandard2.0)) (&& (== net462) (< net45) (>= netstandard1.6)) (&& (== net462) (< netstandard1.5) (>= netstandard1.6) (>= uap10.0)) (&& (== net462) (>= netstandard1.6) (< portable-net45+win8+wpa81)) (&& (== netcoreapp2.2) (< netstandard1.2)) (&& (== netcoreapp2.2) (< netstandard1.3)) (&& (== netcoreapp2.2) (< netstandard1.4)) (&& (== netcoreapp2.2) (< netstandard1.5)) (&& (== netcoreapp2.2) (< netstandard1.6)) (&& (== netcoreapp2.2) (< netstandard2.0)) (&& (== netcoreapp2.2) (< portable-net45+win8+wpa81)) (&& (== netcoreapp3.1) (< netstandard1.2)) (&& (== netcoreapp3.1) (< netstandard1.3)) (&& (== netcoreapp3.1) (< netstandard1.4)) (&& (== netcoreapp3.1) (< netstandard1.5)) (&& (== netcoreapp3.1) (< netstandard1.6)) (&& (== netcoreapp3.1) (< netstandard2.0)) (&& (== netcoreapp3.1) (< portable-net45+win8+wpa81)) (== netstandard1.6)
      Microsoft.NETCore.Platforms (>= 1.1) - restriction: || (&& (== net452) (< net45)) (&& (== net46) (< net45)) (&& (== net462) (< net45)) (== netcoreapp2.2) (== netcoreapp3.1) (== netstandard1.6) (== netstandard2.0)
      Microsoft.NETCore.Targets (>= 1.1) - restriction: || (&& (== net452) (< net45)) (&& (== net46) (< net45)) (&& (== net462) (< net45)) (== netcoreapp2.2) (== netcoreapp3.1) (== netstandard1.6) (== netstandard2.0)
      System.Reflection (>= 4.3) - restriction: || (&& (== net452) (< net45)) (&& (== net46) (< net45)) (&& (== net462) (< net45)) (== netcoreapp2.2) (== netcoreapp3.1) (== netstandard1.6) (== netstandard2.0)
      System.Runtime (>= 4.3) - restriction: || (&& (== net452) (< net45)) (&& (== net46) (< net45)) (&& (== net462) (< net45)) (== netcoreapp2.2) (== netcoreapp3.1) (== netstandard1.6) (== netstandard2.0)
    System.Reflection.Metadata (1.8.1) - restriction: || (&& (== net45) (>= netstandard2.0)) (&& (== net452) (>= netstandard2.0)) (&& (== net46) (>= netstandard2.0)) (&& (== net462) (>= netstandard2.0)) (== netcoreapp2.2) (== netcoreapp3.1) (&& (== netstandard1.6) (>= netstandard2.0)) (== netstandard2.0)
      System.Collections.Immutable (>= 1.7.1) - restriction: || (== net45) (== net452) (== net46) (== net462) (== netcoreapp2.2) (&& (== netcoreapp3.1) (>= net461)) (&& (== netcoreapp3.1) (< netstandard1.1)) (&& (== netcoreapp3.1) (< netstandard2.0)) (== netstandard1.6) (== netstandard2.0)
    System.Reflection.Primitives (4.3) - restriction: || (&& (== net452) (< net45)) (&& (== net46) (< net45)) (&& (== net462) (< net45)) (== netcoreapp2.2) (== netcoreapp3.1) (== netstandard1.6) (== netstandard2.0)
      Microsoft.NETCore.Platforms (>= 1.1) - restriction: || (&& (== net452) (< net45)) (&& (== net46) (< net45)) (&& (== net462) (< net45)) (== netcoreapp2.2) (== netcoreapp3.1) (== netstandard1.6) (== netstandard2.0)
      Microsoft.NETCore.Targets (>= 1.1) - restriction: || (&& (== net452) (< net45)) (&& (== net46) (< net45)) (&& (== net462) (< net45)) (== netcoreapp2.2) (== netcoreapp3.1) (== netstandard1.6) (== netstandard2.0)
      System.Runtime (>= 4.3) - restriction: || (&& (== net452) (< net45)) (&& (== net46) (< net45)) (&& (== net462) (< net45)) (== netcoreapp2.2) (== netcoreapp3.1) (== netstandard1.6) (== netstandard2.0)
    System.Reflection.TypeExtensions (4.5.1) - restriction: || (&& (== net45) (== net462) (>= netstandard1.6) (>= uap10.0)) (&& (== net452) (< net45) (>= netstandard1.6)) (&& (== net452) (< net45) (>= netstandard2.0)) (&& (== net452) (>= netstandard1.6) (< portable-net45+win8+wpa81)) (&& (== net452) (>= netstandard1.6) (>= uap10.0)) (&& (== net46) (< net45) (>= netstandard1.6)) (&& (== net46) (< net45) (>= netstandard2.0)) (&& (== net46) (>= netstandard1.6) (< portable-net45+win8+wpa81)) (&& (== net46) (>= netstandard1.6) (>= uap10.0)) (&& (== net462) (< net45) (>= netstandard1.6)) (&& (== net462) (< net45) (>= netstandard2.0)) (&& (== net462) (< netstandard1.5) (>= netstandard1.6) (>= uap10.0)) (&& (== net462) (>= netstandard1.6) (< portable-net45+win8+wpa81)) (== netcoreapp2.2) (== netcoreapp3.1) (== netstandard1.6) (== netstandard2.0)
    System.Resources.ResourceManager (4.3) - restriction: || (&& (== net45) (== netcoreapp2.2)) (&& (== net45) (== netcoreapp3.1)) (&& (== net452) (== netcoreapp2.2)) (&& (== net452) (== netcoreapp3.1)) (&& (== net452) (== netstandard2.0)) (&& (== net452) (< net45)) (&& (== net46) (== netcoreapp2.2)) (&& (== net46) (== netcoreapp3.1)) (&& (== net46) (== netstandard2.0)) (&& (== net46) (< net45)) (&& (== net462) (== netcoreapp2.2)) (&& (== net462) (== netcoreapp3.1)) (&& (== net462) (== netstandard2.0)) (&& (== net462) (< net45)) (&& (== netcoreapp2.2) (< netstandard2.0)) (&& (== netcoreapp3.1) (< netstandard2.0)) (== netstandard1.6)
      Microsoft.NETCore.Platforms (>= 1.1) - restriction: || (&& (== net452) (< net45)) (&& (== net46) (< net45)) (&& (== net462) (< net45)) (== netcoreapp2.2) (== netcoreapp3.1) (== netstandard1.6) (== netstandard2.0)
      Microsoft.NETCore.Targets (>= 1.1) - restriction: || (&& (== net452) (< net45)) (&& (== net46) (< net45)) (&& (== net462) (< net45)) (== netcoreapp2.2) (== netcoreapp3.1) (== netstandard1.6) (== netstandard2.0)
      System.Globalization (>= 4.3) - restriction: || (&& (== net452) (< net45)) (&& (== net46) (< net45)) (&& (== net462) (< net45)) (== netcoreapp2.2) (== netcoreapp3.1) (== netstandard1.6) (== netstandard2.0)
      System.Reflection (>= 4.3) - restriction: || (&& (== net452) (< net45)) (&& (== net46) (< net45)) (&& (== net462) (< net45)) (== netcoreapp2.2) (== netcoreapp3.1) (== netstandard1.6) (== netstandard2.0)
      System.Runtime (>= 4.3) - restriction: || (&& (== net452) (< net45)) (&& (== net46) (< net45)) (&& (== net462) (< net45)) (== netcoreapp2.2) (== netcoreapp3.1) (== netstandard1.6) (== netstandard2.0)
    System.Runtime (4.3.1) - restriction: || (&& (== net452) (< net45)) (&& (== net46) (< net45)) (&& (== net462) (< net45)) (== netcoreapp2.2) (== netcoreapp3.1) (== netstandard1.6) (== netstandard2.0)
      Microsoft.NETCore.Platforms (>= 1.1.1) - restriction: || (&& (== net452) (< net45)) (&& (== net46) (< net45)) (&& (== net462) (< net45)) (== netcoreapp2.2) (== netcoreapp3.1) (== netstandard1.6) (== netstandard2.0)
      Microsoft.NETCore.Targets (>= 1.1.3) - restriction: || (&& (== net452) (< net45)) (&& (== net46) (< net45)) (&& (== net462) (< net45)) (== netcoreapp2.2) (== netcoreapp3.1) (== netstandard1.6) (== netstandard2.0)
    System.Runtime.CompilerServices.Unsafe (4.7.1)
      System.Runtime (>= 4.3) - restriction: || (&& (== net452) (< net45)) (&& (== net46) (< net45)) (&& (== net462) (< net45)) (&& (== netcoreapp2.2) (< netstandard2.0)) (&& (== netcoreapp3.1) (< netstandard2.0)) (== netstandard1.6)
    System.Runtime.Extensions (4.3.1) - restriction: || (&& (== net45) (== net462) (>= netstandard1.6) (>= uap10.0)) (&& (== net452) (< net45)) (&& (== net452) (>= netstandard1.6) (< portable-net45+win8+wpa81)) (&& (== net452) (>= netstandard1.6) (>= uap10.0)) (&& (== net46) (< net45)) (&& (== net46) (>= netstandard1.6) (< portable-net45+win8+wpa81)) (&& (== net46) (>= netstandard1.6) (>= uap10.0)) (&& (== net462) (< net45)) (&& (== net462) (< netstandard1.5) (>= netstandard1.6) (>= uap10.0)) (&& (== net462) (>= netstandard1.6) (< portable-net45+win8+wpa81)) (== netcoreapp2.2) (== netcoreapp3.1) (== netstandard1.6) (== netstandard2.0)
      Microsoft.NETCore.Platforms (>= 1.1.1) - restriction: || (&& (== net452) (< net45)) (&& (== net46) (< net45)) (&& (== net462) (< net45)) (== netcoreapp2.2) (== netcoreapp3.1) (== netstandard1.6) (== netstandard2.0)
      Microsoft.NETCore.Targets (>= 1.1.3) - restriction: || (&& (== net452) (< net45)) (&& (== net46) (< net45)) (&& (== net462) (< net45)) (== netcoreapp2.2) (== netcoreapp3.1) (== netstandard1.6) (== netstandard2.0)
      System.Runtime (>= 4.3.1) - restriction: || (&& (== net452) (< net45)) (&& (== net46) (< net45)) (&& (== net462) (< net45)) (== netcoreapp2.2) (== netcoreapp3.1) (== netstandard1.6) (== netstandard2.0)
    System.Runtime.Handles (4.3) - restriction: || (&& (== net45) (== netcoreapp2.2)) (&& (== net45) (== netcoreapp3.1)) (&& (== net452) (== netcoreapp2.2)) (&& (== net452) (== netcoreapp3.1)) (&& (== net452) (== netstandard2.0)) (&& (== net452) (< net45) (>= netstandard1.3)) (&& (== net452) (< net45) (>= netstandard1.5)) (&& (== net452) (>= netcoreapp1.1)) (&& (== net46) (== netcoreapp2.2)) (&& (== net46) (== netcoreapp3.1)) (&& (== net46) (== netstandard2.0)) (&& (== net46) (< net45)) (&& (== net46) (>= netcoreapp1.1)) (&& (== net462) (== netcoreapp2.2)) (&& (== net462) (== netcoreapp3.1)) (&& (== net462) (== netstandard2.0)) (&& (== net462) (< net45)) (&& (== net462) (>= netcoreapp1.1)) (&& (== netcoreapp2.2) (< netstandard1.5)) (&& (== netcoreapp2.2) (< netstandard2.0)) (&& (== netcoreapp3.1) (< netstandard1.5)) (&& (== netcoreapp3.1) (< netstandard2.0)) (== netstandard1.6)
      Microsoft.NETCore.Platforms (>= 1.1) - restriction: || (&& (== net45) (>= netstandard1.3)) (&& (== net452) (>= netstandard1.3)) (&& (== net462) (< net46)) (== netcoreapp2.2) (== netcoreapp3.1) (== netstandard1.6) (== netstandard2.0)
      Microsoft.NETCore.Targets (>= 1.1) - restriction: || (&& (== net45) (>= netstandard1.3)) (&& (== net452) (>= netstandard1.3)) (&& (== net462) (< net46)) (== netcoreapp2.2) (== netcoreapp3.1) (== netstandard1.6) (== netstandard2.0)
      System.Runtime (>= 4.3) - restriction: || (&& (== net45) (>= netstandard1.3)) (&& (== net452) (>= netstandard1.3)) (&& (== net462) (< net46)) (== netcoreapp2.2) (== netcoreapp3.1) (== netstandard1.6) (== netstandard2.0)
    System.Runtime.InteropServices (4.3) - restriction: || (&& (== net452) (< net45)) (&& (== net46) (< net45)) (&& (== net462) (< net45)) (== netcoreapp2.2) (== netcoreapp3.1) (== netstandard1.6) (== netstandard2.0)
      Microsoft.NETCore.Platforms (>= 1.1) - restriction: || (&& (== net45) (>= netcoreapp1.1)) (&& (== net452) (< net45)) (&& (== net452) (>= netcoreapp1.1)) (&& (== net46) (< net45)) (&& (== net46) (>= netcoreapp1.1)) (&& (== net462) (< net45)) (&& (== net462) (>= netcoreapp1.1)) (== netcoreapp2.2) (== netcoreapp3.1) (== netstandard1.6) (== netstandard2.0)
      Microsoft.NETCore.Targets (>= 1.1) - restriction: || (&& (== net45) (>= netcoreapp1.1)) (&& (== net452) (< net45)) (&& (== net452) (>= netcoreapp1.1)) (&& (== net46) (< net45)) (&& (== net46) (>= netcoreapp1.1)) (&& (== net462) (< net45)) (&& (== net462) (>= netcoreapp1.1)) (== netcoreapp2.2) (== netcoreapp3.1) (== netstandard1.6) (== netstandard2.0)
      System.Reflection (>= 4.3) - restriction: || (&& (== net45) (>= netcoreapp1.1)) (&& (== net452) (< net45)) (&& (== net452) (>= netcoreapp1.1)) (&& (== net46) (< net45)) (&& (== net46) (>= netcoreapp1.1)) (&& (== net462) (< net45)) (&& (== net462) (>= netcoreapp1.1)) (== netcoreapp2.2) (== netcoreapp3.1) (== netstandard1.6) (== netstandard2.0)
      System.Reflection.Primitives (>= 4.3) - restriction: || (&& (== net45) (>= netcoreapp1.1)) (&& (== net452) (< net45)) (&& (== net452) (>= netcoreapp1.1)) (&& (== net46) (< net45)) (&& (== net46) (>= netcoreapp1.1)) (&& (== net462) (< net45)) (&& (== net462) (>= netcoreapp1.1)) (== netcoreapp2.2) (== netcoreapp3.1) (== netstandard1.6) (== netstandard2.0)
      System.Runtime (>= 4.3) - restriction: || (&& (== net45) (>= net462)) (&& (== net45) (>= netcoreapp1.1)) (&& (== net452) (< net45)) (&& (== net452) (>= net462)) (&& (== net452) (>= netcoreapp1.1)) (&& (== net46) (< net45)) (&& (== net46) (>= net462)) (&& (== net46) (>= netcoreapp1.1)) (== net462) (== netcoreapp2.2) (== netcoreapp3.1) (== netstandard1.6) (== netstandard2.0)
      System.Runtime.Handles (>= 4.3) - restriction: || (&& (== net45) (>= netcoreapp1.1)) (&& (== net452) (< net45) (>= netstandard1.3)) (&& (== net452) (< net45) (>= netstandard1.5)) (&& (== net452) (>= netcoreapp1.1)) (&& (== net46) (< net45)) (&& (== net46) (>= netcoreapp1.1)) (&& (== net462) (< net45)) (&& (== net462) (>= netcoreapp1.1)) (== netcoreapp2.2) (== netcoreapp3.1) (== netstandard1.6) (== netstandard2.0)
    System.Runtime.InteropServices.RuntimeInformation (4.3) - restriction: || (&& (== net45) (== net46) (>= netstandard1.6) (>= wpa81)) (&& (== net45) (== net462) (>= netstandard1.6) (>= uap10.0)) (&& (== net45) (== net462) (>= netstandard1.6) (>= wpa81)) (&& (== net45) (>= netstandard2.0)) (&& (== net452) (< net45) (>= netstandard1.6)) (&& (== net452) (< netstandard1.0) (>= netstandard1.6)) (&& (== net452) (>= netstandard1.6) (>= uap10.0)) (&& (== net452) (>= netstandard1.6) (>= wpa81)) (&& (== net452) (>= netstandard2.0)) (&& (== net46) (< net45) (>= netstandard1.6)) (&& (== net46) (< netstandard1.0) (>= netstandard1.6)) (&& (== net46) (< netstandard1.3) (>= netstandard1.6) (>= wpa81)) (&& (== net46) (>= netstandard1.6) (>= uap10.0)) (&& (== net46) (>= netstandard2.0)) (&& (== net462) (< net45) (>= netstandard1.6)) (&& (== net462) (< netstandard1.0) (>= netstandard1.6)) (&& (== net462) (< netstandard1.3) (>= netstandard1.6) (>= wpa81)) (&& (== net462) (< netstandard1.5) (>= netstandard1.6) (>= uap10.0)) (&& (== net462) (>= netstandard2.0)) (== netcoreapp2.2) (== netcoreapp3.1) (== netstandard1.6) (== netstandard2.0)
      runtime.native.System (>= 4.3) - restriction: || (&& (== net452) (< net45)) (&& (== net46) (< net45)) (&& (== net462) (< net45)) (== netcoreapp2.2) (== netcoreapp3.1) (== netstandard1.6) (== netstandard2.0)
      System.Reflection (>= 4.3) - restriction: || (&& (== net452) (< net45)) (&& (== net46) (< net45)) (&& (== net462) (< net45)) (== netcoreapp2.2) (== netcoreapp3.1) (== netstandard1.6) (== netstandard2.0)
      System.Reflection.Extensions (>= 4.3) - restriction: || (&& (== net452) (< net45)) (&& (== net46) (< net45)) (&& (== net462) (< net45)) (== netcoreapp2.2) (== netcoreapp3.1) (== netstandard1.6) (== netstandard2.0)
      System.Resources.ResourceManager (>= 4.3) - restriction: || (&& (== net452) (< net45)) (&& (== net46) (< net45)) (&& (== net462) (< net45)) (== netcoreapp2.2) (== netcoreapp3.1) (== netstandard1.6) (== netstandard2.0)
      System.Runtime (>= 4.3) - restriction: || (&& (== net452) (< net45)) (&& (== net46) (< net45)) (&& (== net462) (< net45)) (== netcoreapp2.2) (== netcoreapp3.1) (== netstandard1.6) (== netstandard2.0)
      System.Runtime.InteropServices (>= 4.3) - restriction: || (&& (== net452) (< net45)) (&& (== net46) (< net45)) (&& (== net462) (< net45)) (== netcoreapp2.2) (== netcoreapp3.1) (== netstandard1.6) (== netstandard2.0)
      System.Threading (>= 4.3) - restriction: || (&& (== net452) (< net45)) (&& (== net46) (< net45)) (&& (== net462) (< net45)) (== netcoreapp2.2) (== netcoreapp3.1) (== netstandard1.6) (== netstandard2.0)
    System.Runtime.Numerics (4.3) - restriction: || (&& (== net45) (== net462) (>= netstandard1.6) (>= uap10.0)) (&& (== net45) (== netcoreapp2.2)) (&& (== net45) (== netcoreapp3.1)) (&& (== net452) (== netcoreapp2.2)) (&& (== net452) (== netcoreapp3.1)) (&& (== net452) (== netstandard2.0)) (&& (== net452) (< net45) (>= netstandard1.6)) (&& (== net452) (>= netstandard1.6) (>= uap10.0)) (&& (== net46) (== netcoreapp2.2)) (&& (== net46) (== netcoreapp3.1)) (&& (== net46) (== netstandard2.0)) (&& (== net46) (< net45) (>= netstandard1.6)) (&& (== net46) (>= netstandard1.6) (>= uap10.0)) (&& (== net462) (== netcoreapp2.2)) (&& (== net462) (== netcoreapp3.1)) (&& (== net462) (== netstandard2.0)) (&& (== net462) (< net45) (>= netstandard1.6)) (&& (== net462) (< netstandard1.5) (>= netstandard1.6) (>= uap10.0)) (&& (== netcoreapp2.2) (< netstandard1.2)) (&& (== netcoreapp2.2) (< netstandard1.3)) (&& (== netcoreapp2.2) (< netstandard1.4)) (&& (== netcoreapp2.2) (< netstandard1.5)) (&& (== netcoreapp2.2) (< netstandard1.6)) (&& (== netcoreapp2.2) (< netstandard2.0)) (&& (== netcoreapp3.1) (< netstandard1.2)) (&& (== netcoreapp3.1) (< netstandard1.3)) (&& (== netcoreapp3.1) (< netstandard1.4)) (&& (== netcoreapp3.1) (< netstandard1.5)) (&& (== netcoreapp3.1) (< netstandard1.6)) (&& (== netcoreapp3.1) (< netstandard2.0)) (== netstandard1.6)
      System.Globalization (>= 4.3) - restriction: || (&& (== net452) (< net45) (>= netstandard1.3)) (&& (== net46) (< net45)) (&& (== net462) (< net45)) (== netcoreapp2.2) (== netcoreapp3.1) (== netstandard1.6) (== netstandard2.0)
      System.Resources.ResourceManager (>= 4.3) - restriction: || (&& (== net452) (< net45) (>= netstandard1.3)) (&& (== net46) (< net45)) (&& (== net462) (< net45)) (== netcoreapp2.2) (== netcoreapp3.1) (== netstandard1.6) (== netstandard2.0)
      System.Runtime (>= 4.3) - restriction: || (&& (== net452) (< net45)) (&& (== net46) (< net45)) (&& (== net462) (< net45)) (== netcoreapp2.2) (== netcoreapp3.1) (== netstandard1.6) (== netstandard2.0)
      System.Runtime.Extensions (>= 4.3) - restriction: || (&& (== net452) (< net45) (>= netstandard1.3)) (&& (== net46) (< net45)) (&& (== net462) (< net45)) (== netcoreapp2.2) (== netcoreapp3.1) (== netstandard1.6) (== netstandard2.0)
    System.Security.AccessControl (4.5) - restriction: || (&& (== net45) (>= netcoreapp2.0)) (&& (== net45) (>= netstandard2.0)) (&& (== net45) (>= xamarinios)) (&& (== net45) (>= xamarinmac)) (&& (== net452) (>= netcoreapp2.0)) (&& (== net452) (>= netstandard2.0)) (&& (== net452) (>= xamarinios)) (&& (== net452) (>= xamarinmac)) (&& (== net46) (>= monoandroid) (>= netstandard2.0)) (&& (== net46) (>= monotouch) (>= netstandard2.0)) (&& (== net46) (>= net461) (>= netstandard2.0)) (&& (== net46) (>= netcoreapp2.0)) (&& (== net46) (>= netstandard2.0) (>= xamarintvos)) (&& (== net46) (>= netstandard2.0) (>= xamarinwatchos)) (&& (== net46) (>= xamarinios)) (&& (== net46) (>= xamarinmac)) (&& (== net462) (>= netcoreapp2.0)) (&& (== net462) (>= netstandard2.0)) (&& (== net462) (>= xamarinios)) (&& (== net462) (>= xamarinmac)) (== netcoreapp2.2) (== netcoreapp3.1) (&& (== netstandard1.6) (>= netcoreapp2.0)) (&& (== netstandard1.6) (>= netstandard2.0)) (&& (== netstandard1.6) (>= xamarinios)) (&& (== netstandard1.6) (>= xamarinmac)) (== netstandard2.0)
      Microsoft.NETCore.Platforms (>= 2.0) - restriction: || (&& (== net45) (>= netcoreapp2.0)) (&& (== net452) (>= netcoreapp2.0)) (&& (== net46) (>= netcoreapp2.0)) (&& (== net462) (>= netcoreapp2.0)) (== netcoreapp2.2) (== netcoreapp3.1) (&& (== netstandard1.6) (>= netcoreapp2.0)) (&& (== netstandard2.0) (>= netcoreapp2.0))
      System.Security.Principal.Windows (>= 4.5) - restriction: || (&& (== net45) (>= net461)) (&& (== net45) (>= netcoreapp2.0)) (&& (== net45) (>= netstandard2.0)) (&& (== net452) (>= net461)) (&& (== net452) (>= netcoreapp2.0)) (&& (== net452) (>= netstandard2.0)) (&& (== net46) (>= net461)) (&& (== net46) (>= netcoreapp2.0)) (== net462) (== netcoreapp2.2) (== netcoreapp3.1) (&& (== netstandard1.6) (>= net461)) (&& (== netstandard1.6) (>= netcoreapp2.0)) (&& (== netstandard1.6) (>= netstandard2.0)) (== netstandard2.0)
    System.Security.Cryptography.Algorithms (4.3.1) - restriction: || (&& (== net45) (== net462) (>= netstandard1.6) (>= uap10.0)) (&& (== net45) (== netcoreapp2.2)) (&& (== net45) (== netcoreapp3.1)) (&& (== net452) (== netcoreapp2.2)) (&& (== net452) (== netcoreapp3.1)) (&& (== net452) (== netstandard2.0)) (&& (== net452) (< net45) (>= netstandard1.6)) (&& (== net452) (>= netstandard1.6) (>= uap10.0)) (&& (== net46) (== netcoreapp2.2)) (&& (== net46) (== netcoreapp3.1)) (&& (== net46) (== netstandard2.0)) (&& (== net46) (< net45) (>= netstandard1.6)) (&& (== net46) (>= netstandard1.6) (>= uap10.0)) (&& (== net462) (== netcoreapp2.2)) (&& (== net462) (== netcoreapp3.1)) (&& (== net462) (== netstandard2.0)) (&& (== net462) (< net45) (>= netstandard1.6)) (&& (== net462) (< netstandard1.5) (>= netstandard1.6) (>= uap10.0)) (&& (== netcoreapp2.2) (< netstandard1.4)) (&& (== netcoreapp2.2) (< netstandard1.5)) (&& (== netcoreapp2.2) (< netstandard1.6)) (&& (== netcoreapp2.2) (< netstandard2.0)) (&& (== netcoreapp3.1) (< netstandard1.4)) (&& (== netcoreapp3.1) (< netstandard1.5)) (&& (== netcoreapp3.1) (< netstandard1.6)) (&& (== netcoreapp3.1) (< netstandard2.0)) (== netstandard1.6)
      Microsoft.NETCore.Platforms (>= 1.1) - restriction: || (&& (== net45) (>= netstandard1.6)) (&& (== net452) (>= netstandard1.6)) (&& (== net462) (< net46) (>= netstandard1.6)) (== netcoreapp2.2) (== netcoreapp3.1) (== netstandard1.6) (== netstandard2.0)
      runtime.native.System.Security.Cryptography.Apple (>= 4.3.1) - restriction: || (&& (== net45) (>= netstandard1.6)) (&& (== net452) (>= netstandard1.6)) (&& (== net462) (< net46) (>= netstandard1.6)) (== netcoreapp2.2) (== netcoreapp3.1) (== netstandard1.6) (== netstandard2.0)
      runtime.native.System.Security.Cryptography.OpenSsl (>= 4.3.2) - restriction: || (&& (== net45) (>= netstandard1.6)) (&& (== net452) (>= netstandard1.6)) (&& (== net462) (< net46) (>= netstandard1.6)) (== netcoreapp2.2) (== netcoreapp3.1) (== netstandard1.6) (== netstandard2.0)
      System.Collections (>= 4.3) - restriction: || (&& (== net45) (>= netstandard1.6)) (&& (== net452) (>= netstandard1.6)) (&& (== net462) (< net46) (>= netstandard1.6)) (== netcoreapp2.2) (== netcoreapp3.1) (== netstandard1.6) (== netstandard2.0)
      System.IO (>= 4.3) - restriction: || (&& (== net45) (>= net463)) (&& (== net45) (>= netstandard1.3)) (&& (== net45) (>= netstandard1.4)) (&& (== net45) (>= netstandard1.6)) (&& (== net452) (>= net463)) (&& (== net452) (>= netstandard1.3)) (&& (== net452) (>= netstandard1.4)) (&& (== net452) (>= netstandard1.6)) (&& (== net46) (>= net463)) (&& (== net462) (< net46)) (&& (== net462) (>= net463)) (== netcoreapp2.2) (== netcoreapp3.1) (== netstandard1.6) (== netstandard2.0)
      System.Resources.ResourceManager (>= 4.3) - restriction: || (&& (== net45) (>= netstandard1.6)) (&& (== net452) (>= netstandard1.6)) (&& (== net462) (< net46) (>= netstandard1.6)) (== netcoreapp2.2) (== netcoreapp3.1) (== netstandard1.6) (== netstandard2.0)
      System.Runtime (>= 4.3) - restriction: || (&& (== net45) (>= net463)) (&& (== net45) (>= netstandard1.3)) (&& (== net45) (>= netstandard1.4)) (&& (== net45) (>= netstandard1.6)) (&& (== net452) (>= net463)) (&& (== net452) (>= netstandard1.3)) (&& (== net452) (>= netstandard1.4)) (&& (== net452) (>= netstandard1.6)) (&& (== net46) (>= net463)) (&& (== net462) (< net46)) (&& (== net462) (>= net463)) (== netcoreapp2.2) (== netcoreapp3.1) (== netstandard1.6) (== netstandard2.0)
      System.Runtime.Extensions (>= 4.3) - restriction: || (&& (== net45) (>= netstandard1.6)) (&& (== net452) (>= netstandard1.6)) (&& (== net462) (< net46) (>= netstandard1.6)) (== netcoreapp2.2) (== netcoreapp3.1) (== netstandard1.6) (== netstandard2.0)
      System.Runtime.Handles (>= 4.3) - restriction: || (&& (== net45) (>= netstandard1.6)) (&& (== net452) (>= netstandard1.6)) (&& (== net462) (< net46) (>= netstandard1.6)) (== netcoreapp2.2) (== netcoreapp3.1) (== netstandard1.6) (== netstandard2.0)
      System.Runtime.InteropServices (>= 4.3) - restriction: || (&& (== net45) (>= netstandard1.6)) (&& (== net452) (>= netstandard1.6)) (&& (== net462) (< net46) (>= netstandard1.6)) (== netcoreapp2.2) (== netcoreapp3.1) (== netstandard1.6) (== netstandard2.0)
      System.Runtime.Numerics (>= 4.3) - restriction: || (&& (== net45) (>= netstandard1.6)) (&& (== net452) (>= netstandard1.6)) (&& (== net462) (< net46) (>= netstandard1.6)) (== netcoreapp2.2) (== netcoreapp3.1) (== netstandard1.6) (== netstandard2.0)
      System.Security.Cryptography.Encoding (>= 4.3) - restriction: || (&& (== net45) (>= net463)) (&& (== net45) (>= netstandard1.6)) (&& (== net452) (>= net463)) (&& (== net452) (>= netstandard1.6)) (&& (== net46) (>= net463)) (&& (== net462) (< net46) (>= netstandard1.6)) (&& (== net462) (>= net463)) (== netcoreapp2.2) (== netcoreapp3.1) (== netstandard1.6) (== netstandard2.0)
      System.Security.Cryptography.Primitives (>= 4.3) - restriction: || (&& (== net45) (>= net46)) (&& (== net45) (>= net461)) (&& (== net45) (>= net463)) (&& (== net45) (>= netstandard1.3)) (&& (== net45) (>= netstandard1.4)) (&& (== net45) (>= netstandard1.6)) (&& (== net452) (>= net46)) (&& (== net452) (>= net461)) (&& (== net452) (>= net463)) (&& (== net452) (>= netstandard1.3)) (&& (== net452) (>= netstandard1.4)) (&& (== net452) (>= netstandard1.6)) (== net46) (== net462) (== netcoreapp2.2) (== netcoreapp3.1) (== netstandard1.6) (== netstandard2.0)
      System.Text.Encoding (>= 4.3) - restriction: || (&& (== net45) (>= netstandard1.6)) (&& (== net452) (>= netstandard1.6)) (&& (== net462) (< net46) (>= netstandard1.6)) (== netcoreapp2.2) (== netcoreapp3.1) (== netstandard1.6) (== netstandard2.0)
    System.Security.Cryptography.Cng (4.5) - restriction: || (&& (== net45) (== net462) (>= netstandard1.6) (>= uap10.0)) (&& (== net45) (== netcoreapp2.2)) (&& (== net45) (== netcoreapp3.1)) (&& (== net452) (== netcoreapp2.2)) (&& (== net452) (== netcoreapp3.1)) (&& (== net452) (== netstandard2.0)) (&& (== net452) (< net45) (>= netstandard1.6)) (&& (== net452) (>= netstandard1.6) (>= uap10.0)) (&& (== net46) (== netcoreapp2.2)) (&& (== net46) (== netcoreapp3.1)) (&& (== net46) (== netstandard2.0)) (&& (== net46) (< net45) (>= netstandard1.6)) (&& (== net46) (>= netstandard1.6) (>= uap10.0)) (&& (== net462) (== netcoreapp2.2)) (&& (== net462) (== netcoreapp3.1)) (&& (== net462) (== netstandard2.0)) (&& (== net462) (< net45) (>= netstandard1.6)) (&& (== net462) (< netstandard1.5) (>= netstandard1.6) (>= uap10.0)) (&& (== netcoreapp2.2) (< netstandard1.4)) (&& (== netcoreapp2.2) (< netstandard1.5)) (&& (== netcoreapp2.2) (< netstandard1.6)) (&& (== netcoreapp2.2) (< netstandard2.0)) (&& (== netcoreapp3.1) (< netstandard1.4)) (&& (== netcoreapp3.1) (< netstandard1.5)) (&& (== netcoreapp3.1) (< netstandard1.6)) (&& (== netcoreapp3.1) (< netstandard2.0)) (== netstandard1.6)
      System.IO (>= 4.3) - restriction: || (&& (== net45) (>= netstandard1.3)) (&& (== net45) (>= netstandard1.4)) (&& (== net45) (>= netstandard1.6)) (&& (== net452) (>= netstandard1.3)) (&& (== net452) (>= netstandard1.4)) (&& (== net452) (>= netstandard1.6)) (&& (== net462) (< net46)) (&& (== netcoreapp2.2) (< netstandard1.4)) (&& (== netcoreapp2.2) (< netstandard1.6)) (&& (== netcoreapp2.2) (< netstandard2.0)) (&& (== netcoreapp3.1) (< netstandard1.4)) (&& (== netcoreapp3.1) (< netstandard1.6)) (&& (== netcoreapp3.1) (< netstandard2.0)) (== netstandard1.6) (&& (== netstandard2.0) (< netstandard1.4)) (&& (== netstandard2.0) (< netstandard1.6))
      System.Resources.ResourceManager (>= 4.3) - restriction: || (&& (== net45) (>= netstandard1.3)) (&& (== net45) (>= netstandard1.4)) (&& (== net45) (>= netstandard1.6)) (&& (== net452) (>= netstandard1.3)) (&& (== net452) (>= netstandard1.4)) (&& (== net452) (>= netstandard1.6)) (&& (== net462) (< net46)) (&& (== netcoreapp2.2) (< netstandard1.4)) (&& (== netcoreapp2.2) (< netstandard1.6)) (&& (== netcoreapp2.2) (< netstandard2.0)) (&& (== netcoreapp3.1) (< netstandard1.4)) (&& (== netcoreapp3.1) (< netstandard1.6)) (&& (== netcoreapp3.1) (< netstandard2.0)) (== netstandard1.6) (&& (== netstandard2.0) (< netstandard1.4)) (&& (== netstandard2.0) (< netstandard1.6))
      System.Runtime (>= 4.3) - restriction: || (&& (== net45) (>= netstandard1.3)) (&& (== net45) (>= netstandard1.4)) (&& (== net45) (>= netstandard1.6)) (&& (== net452) (>= netstandard1.3)) (&& (== net452) (>= netstandard1.4)) (&& (== net452) (>= netstandard1.6)) (&& (== net462) (< net46)) (&& (== netcoreapp2.2) (< netstandard1.4)) (&& (== netcoreapp2.2) (< netstandard1.6)) (&& (== netcoreapp2.2) (< netstandard2.0)) (&& (== netcoreapp3.1) (< netstandard1.4)) (&& (== netcoreapp3.1) (< netstandard1.6)) (&& (== netcoreapp3.1) (< netstandard2.0)) (== netstandard1.6) (&& (== netstandard2.0) (< netstandard1.4)) (&& (== netstandard2.0) (< netstandard1.6))
      System.Runtime.Extensions (>= 4.3) - restriction: || (&& (== net45) (>= netstandard1.4)) (&& (== net45) (>= netstandard1.6)) (&& (== net452) (>= netstandard1.4)) (&& (== net452) (>= netstandard1.6)) (&& (== net462) (< net46)) (&& (== netcoreapp2.2) (< netstandard1.6)) (&& (== netcoreapp2.2) (< netstandard2.0)) (&& (== netcoreapp3.1) (< netstandard1.6)) (&& (== netcoreapp3.1) (< netstandard2.0)) (== netstandard1.6) (&& (== netstandard2.0) (< netstandard1.6))
      System.Runtime.Handles (>= 4.3) - restriction: || (&& (== net45) (>= netstandard1.3)) (&& (== net45) (>= netstandard1.4)) (&& (== net45) (>= netstandard1.6)) (&& (== net452) (>= netstandard1.3)) (&& (== net452) (>= netstandard1.4)) (&& (== net452) (>= netstandard1.6)) (&& (== net462) (< net46)) (&& (== netcoreapp2.2) (< netstandard1.4)) (&& (== netcoreapp2.2) (< netstandard1.6)) (&& (== netcoreapp2.2) (< netstandard2.0)) (&& (== netcoreapp3.1) (< netstandard1.4)) (&& (== netcoreapp3.1) (< netstandard1.6)) (&& (== netcoreapp3.1) (< netstandard2.0)) (== netstandard1.6) (&& (== netstandard2.0) (< netstandard1.4)) (&& (== netstandard2.0) (< netstandard1.6))
      System.Runtime.InteropServices (>= 4.3) - restriction: || (&& (== net45) (>= netstandard1.3)) (&& (== net45) (>= netstandard1.4)) (&& (== net45) (>= netstandard1.6)) (&& (== net452) (>= netstandard1.3)) (&& (== net452) (>= netstandard1.4)) (&& (== net452) (>= netstandard1.6)) (&& (== net462) (< net46)) (&& (== netcoreapp2.2) (< netstandard1.4)) (&& (== netcoreapp2.2) (< netstandard1.6)) (&& (== netcoreapp2.2) (< netstandard2.0)) (&& (== netcoreapp3.1) (< netstandard1.4)) (&& (== netcoreapp3.1) (< netstandard1.6)) (&& (== netcoreapp3.1) (< netstandard2.0)) (== netstandard1.6) (&& (== netstandard2.0) (< netstandard1.4)) (&& (== netstandard2.0) (< netstandard1.6))
      System.Security.Cryptography.Algorithms (>= 4.3) - restriction: || (&& (== net45) (>= net46)) (&& (== net45) (>= netstandard1.3)) (&& (== net45) (>= netstandard1.4)) (&& (== net45) (>= netstandard1.6)) (&& (== net452) (>= net46)) (&& (== net452) (>= netstandard1.3)) (&& (== net452) (>= netstandard1.4)) (&& (== net452) (>= netstandard1.6)) (== net46) (&& (== net462) (< net46)) (&& (== net462) (< netstandard1.4)) (&& (== netcoreapp2.2) (< netstandard1.4)) (&& (== netcoreapp2.2) (< netstandard1.6)) (&& (== netcoreapp2.2) (< netstandard2.0)) (&& (== netcoreapp3.1) (< netstandard1.4)) (&& (== netcoreapp3.1) (< netstandard1.6)) (&& (== netcoreapp3.1) (< netstandard2.0)) (== netstandard1.6) (&& (== netstandard2.0) (< netstandard1.4)) (&& (== netstandard2.0) (< netstandard1.6))
      System.Security.Cryptography.Encoding (>= 4.3) - restriction: || (&& (== net45) (>= netstandard1.4)) (&& (== net45) (>= netstandard1.6)) (&& (== net452) (>= netstandard1.4)) (&& (== net452) (>= netstandard1.6)) (&& (== net462) (< net46)) (&& (== netcoreapp2.2) (< netstandard1.6)) (&& (== netcoreapp2.2) (< netstandard2.0)) (&& (== netcoreapp3.1) (< netstandard1.6)) (&& (== netcoreapp3.1) (< netstandard2.0)) (== netstandard1.6) (&& (== netstandard2.0) (< netstandard1.6))
      System.Security.Cryptography.Primitives (>= 4.3) - restriction: || (&& (== net45) (>= net46)) (&& (== net45) (>= netstandard1.3)) (&& (== net45) (>= netstandard1.4)) (&& (== net45) (>= netstandard1.6)) (&& (== net452) (>= net46)) (&& (== net452) (>= netstandard1.3)) (&& (== net452) (>= netstandard1.4)) (&& (== net452) (>= netstandard1.6)) (== net46) (&& (== net462) (< net46)) (&& (== net462) (< netstandard1.4)) (&& (== netcoreapp2.2) (< netstandard1.4)) (&& (== netcoreapp2.2) (< netstandard1.6)) (&& (== netcoreapp2.2) (< netstandard2.0)) (&& (== netcoreapp3.1) (< netstandard1.4)) (&& (== netcoreapp3.1) (< netstandard1.6)) (&& (== netcoreapp3.1) (< netstandard2.0)) (== netstandard1.6) (&& (== netstandard2.0) (< netstandard1.4)) (&& (== netstandard2.0) (< netstandard1.6))
      System.Text.Encoding (>= 4.3) - restriction: || (&& (== net45) (>= netstandard1.4)) (&& (== net45) (>= netstandard1.6)) (&& (== net452) (>= netstandard1.4)) (&& (== net452) (>= netstandard1.6)) (&& (== net462) (< net46)) (&& (== netcoreapp2.2) (< netstandard1.6)) (&& (== netcoreapp2.2) (< netstandard2.0)) (&& (== netcoreapp3.1) (< netstandard1.6)) (&& (== netcoreapp3.1) (< netstandard2.0)) (== netstandard1.6) (&& (== netstandard2.0) (< netstandard1.6))
    System.Security.Cryptography.Csp (4.3) - restriction: || (&& (== net45) (== net462) (>= netstandard1.6) (>= uap10.0)) (&& (== net45) (== netcoreapp2.2)) (&& (== net45) (== netcoreapp3.1)) (&& (== net452) (== netcoreapp2.2)) (&& (== net452) (== netcoreapp3.1)) (&& (== net452) (== netstandard2.0)) (&& (== net452) (< net45) (>= netstandard1.6)) (&& (== net452) (>= netstandard1.6) (>= uap10.0)) (&& (== net46) (== netcoreapp2.2)) (&& (== net46) (== netcoreapp3.1)) (&& (== net46) (== netstandard2.0)) (&& (== net46) (< net45) (>= netstandard1.6)) (&& (== net46) (>= netstandard1.6) (>= uap10.0)) (&& (== net462) (== netcoreapp2.2)) (&& (== net462) (== netcoreapp3.1)) (&& (== net462) (== netstandard2.0)) (&& (== net462) (< net45) (>= netstandard1.6)) (&& (== net462) (< netstandard1.5) (>= netstandard1.6) (>= uap10.0)) (&& (== netcoreapp2.2) (< netstandard1.4)) (&& (== netcoreapp2.2) (< netstandard1.5)) (&& (== netcoreapp2.2) (< netstandard1.6)) (&& (== netcoreapp2.2) (< netstandard2.0)) (&& (== netcoreapp3.1) (< netstandard1.4)) (&& (== netcoreapp3.1) (< netstandard1.5)) (&& (== netcoreapp3.1) (< netstandard1.6)) (&& (== netcoreapp3.1) (< netstandard2.0)) (== netstandard1.6)
      Microsoft.NETCore.Platforms (>= 1.1) - restriction: || (&& (== net45) (>= netstandard1.3)) (&& (== net452) (>= netstandard1.3)) (&& (== net462) (< net46)) (== netcoreapp2.2) (== netcoreapp3.1) (== netstandard1.6) (== netstandard2.0)
      System.IO (>= 4.3) - restriction: || (&& (== net45) (>= netstandard1.3)) (&& (== net452) (>= netstandard1.3)) (&& (== net462) (< net46)) (== netcoreapp2.2) (== netcoreapp3.1) (== netstandard1.6) (== netstandard2.0)
      System.Reflection (>= 4.3) - restriction: || (&& (== net45) (>= netstandard1.3)) (&& (== net452) (>= netstandard1.3)) (&& (== net462) (< net46)) (== netcoreapp2.2) (== netcoreapp3.1) (== netstandard1.6) (== netstandard2.0)
      System.Resources.ResourceManager (>= 4.3) - restriction: || (&& (== net45) (>= netstandard1.3)) (&& (== net452) (>= netstandard1.3)) (&& (== net462) (< net46)) (== netcoreapp2.2) (== netcoreapp3.1) (== netstandard1.6) (== netstandard2.0)
      System.Runtime (>= 4.3) - restriction: || (&& (== net45) (>= netstandard1.3)) (&& (== net452) (>= netstandard1.3)) (&& (== net462) (< net46)) (== netcoreapp2.2) (== netcoreapp3.1) (== netstandard1.6) (== netstandard2.0)
      System.Runtime.Extensions (>= 4.3) - restriction: || (&& (== net45) (>= netstandard1.3)) (&& (== net452) (>= netstandard1.3)) (&& (== net462) (< net46)) (== netcoreapp2.2) (== netcoreapp3.1) (== netstandard1.6) (== netstandard2.0)
      System.Runtime.Handles (>= 4.3) - restriction: || (&& (== net45) (>= netstandard1.3)) (&& (== net452) (>= netstandard1.3)) (&& (== net462) (< net46)) (== netcoreapp2.2) (== netcoreapp3.1) (== netstandard1.6) (== netstandard2.0)
      System.Runtime.InteropServices (>= 4.3) - restriction: || (&& (== net45) (>= netstandard1.3)) (&& (== net452) (>= netstandard1.3)) (&& (== net462) (< net46)) (== netcoreapp2.2) (== netcoreapp3.1) (== netstandard1.6) (== netstandard2.0)
      System.Security.Cryptography.Algorithms (>= 4.3) - restriction: || (&& (== net45) (>= net46)) (&& (== net45) (>= netstandard1.3)) (&& (== net452) (>= net46)) (&& (== net452) (>= netstandard1.3)) (== net46) (== net462) (== netcoreapp2.2) (== netcoreapp3.1) (== netstandard1.6) (== netstandard2.0)
      System.Security.Cryptography.Encoding (>= 4.3) - restriction: || (&& (== net45) (>= netstandard1.3)) (&& (== net452) (>= netstandard1.3)) (&& (== net462) (< net46)) (== netcoreapp2.2) (== netcoreapp3.1) (== netstandard1.6) (== netstandard2.0)
      System.Security.Cryptography.Primitives (>= 4.3) - restriction: || (&& (== net45) (>= net46)) (&& (== net45) (>= netstandard1.3)) (&& (== net452) (>= net46)) (&& (== net452) (>= netstandard1.3)) (== net46) (== net462) (== netcoreapp2.2) (== netcoreapp3.1) (== netstandard1.6) (== netstandard2.0)
      System.Text.Encoding (>= 4.3) - restriction: || (&& (== net45) (>= netstandard1.3)) (&& (== net452) (>= netstandard1.3)) (&& (== net462) (< net46)) (== netcoreapp2.2) (== netcoreapp3.1) (== netstandard1.6) (== netstandard2.0)
      System.Threading (>= 4.3) - restriction: || (&& (== net45) (>= netstandard1.3)) (&& (== net452) (>= netstandard1.3)) (&& (== net462) (< net46)) (== netcoreapp2.2) (== netcoreapp3.1) (== netstandard1.6) (== netstandard2.0)
    System.Security.Cryptography.Encoding (4.3) - restriction: || (&& (== net45) (== net462) (>= netstandard1.6) (>= uap10.0)) (&& (== net45) (== netcoreapp2.2)) (&& (== net45) (== netcoreapp3.1)) (&& (== net452) (== netcoreapp2.2)) (&& (== net452) (== netcoreapp3.1)) (&& (== net452) (== netstandard2.0)) (&& (== net452) (< net45) (>= netstandard1.6)) (&& (== net452) (>= netstandard1.6) (>= uap10.0)) (&& (== net46) (== netcoreapp2.2)) (&& (== net46) (== netcoreapp3.1)) (&& (== net46) (== netstandard2.0)) (&& (== net46) (< net45) (>= netstandard1.6)) (&& (== net46) (>= netstandard1.6) (>= uap10.0)) (&& (== net462) (== netcoreapp2.2)) (&& (== net462) (== netcoreapp3.1)) (&& (== net462) (== netstandard2.0)) (&& (== net462) (< net45) (>= netstandard1.6)) (&& (== net462) (< netstandard1.5) (>= netstandard1.6) (>= uap10.0)) (&& (== netcoreapp2.2) (< netstandard1.4)) (&& (== netcoreapp2.2) (< netstandard1.5)) (&& (== netcoreapp2.2) (< netstandard1.6)) (&& (== netcoreapp2.2) (< netstandard2.0)) (&& (== netcoreapp3.1) (< netstandard1.4)) (&& (== netcoreapp3.1) (< netstandard1.5)) (&& (== netcoreapp3.1) (< netstandard1.6)) (&& (== netcoreapp3.1) (< netstandard2.0)) (== netstandard1.6)
      Microsoft.NETCore.Platforms (>= 1.1) - restriction: || (&& (== net45) (>= netstandard1.3)) (&& (== net452) (>= netstandard1.3)) (&& (== net462) (< net46)) (== netcoreapp2.2) (== netcoreapp3.1) (== netstandard1.6) (== netstandard2.0)
      runtime.native.System.Security.Cryptography.OpenSsl (>= 4.3) - restriction: || (&& (== net45) (>= netstandard1.3)) (&& (== net452) (>= netstandard1.3)) (&& (== net462) (< net46)) (== netcoreapp2.2) (== netcoreapp3.1) (== netstandard1.6) (== netstandard2.0)
      System.Collections (>= 4.3) - restriction: || (&& (== net45) (>= netstandard1.3)) (&& (== net452) (>= netstandard1.3)) (&& (== net462) (< net46)) (== netcoreapp2.2) (== netcoreapp3.1) (== netstandard1.6) (== netstandard2.0)
      System.Collections.Concurrent (>= 4.3) - restriction: || (&& (== net45) (>= netstandard1.3)) (&& (== net452) (>= netstandard1.3)) (&& (== net462) (< net46)) (== netcoreapp2.2) (== netcoreapp3.1) (== netstandard1.6) (== netstandard2.0)
      System.Linq (>= 4.3) - restriction: || (&& (== net45) (>= netstandard1.3)) (&& (== net452) (>= netstandard1.3)) (&& (== net462) (< net46)) (== netcoreapp2.2) (== netcoreapp3.1) (== netstandard1.6) (== netstandard2.0)
      System.Resources.ResourceManager (>= 4.3) - restriction: || (&& (== net45) (>= netstandard1.3)) (&& (== net452) (>= netstandard1.3)) (&& (== net462) (< net46)) (== netcoreapp2.2) (== netcoreapp3.1) (== netstandard1.6) (== netstandard2.0)
      System.Runtime (>= 4.3) - restriction: || (&& (== net45) (>= netstandard1.3)) (&& (== net452) (>= netstandard1.3)) (&& (== net462) (< net46)) (== netcoreapp2.2) (== netcoreapp3.1) (== netstandard1.6) (== netstandard2.0)
      System.Runtime.Extensions (>= 4.3) - restriction: || (&& (== net45) (>= netstandard1.3)) (&& (== net452) (>= netstandard1.3)) (&& (== net462) (< net46)) (== netcoreapp2.2) (== netcoreapp3.1) (== netstandard1.6) (== netstandard2.0)
      System.Runtime.Handles (>= 4.3) - restriction: || (&& (== net45) (>= netstandard1.3)) (&& (== net452) (>= netstandard1.3)) (&& (== net462) (< net46)) (== netcoreapp2.2) (== netcoreapp3.1) (== netstandard1.6) (== netstandard2.0)
      System.Runtime.InteropServices (>= 4.3) - restriction: || (&& (== net45) (>= netstandard1.3)) (&& (== net452) (>= netstandard1.3)) (&& (== net462) (< net46)) (== netcoreapp2.2) (== netcoreapp3.1) (== netstandard1.6) (== netstandard2.0)
      System.Security.Cryptography.Primitives (>= 4.3) - restriction: || (&& (== net45) (>= netstandard1.3)) (&& (== net452) (>= netstandard1.3)) (&& (== net462) (< net46)) (== netcoreapp2.2) (== netcoreapp3.1) (== netstandard1.6) (== netstandard2.0)
      System.Text.Encoding (>= 4.3) - restriction: || (&& (== net45) (>= netstandard1.3)) (&& (== net452) (>= netstandard1.3)) (&& (== net462) (< net46)) (== netcoreapp2.2) (== netcoreapp3.1) (== netstandard1.6) (== netstandard2.0)
    System.Security.Cryptography.OpenSsl (4.5.1) - restriction: || (&& (== net45) (== net462) (>= netstandard1.6) (>= uap10.0)) (&& (== net45) (== netcoreapp2.2)) (&& (== net45) (== netcoreapp3.1)) (&& (== net452) (== netcoreapp2.2)) (&& (== net452) (== netcoreapp3.1)) (&& (== net452) (== netstandard2.0)) (&& (== net452) (< net45) (>= netstandard1.6)) (&& (== net452) (>= netstandard1.6) (>= uap10.0)) (&& (== net46) (== netcoreapp2.2)) (&& (== net46) (== netcoreapp3.1)) (&& (== net46) (== netstandard2.0)) (&& (== net46) (< net45) (>= netstandard1.6)) (&& (== net46) (>= netstandard1.6) (>= uap10.0)) (&& (== net462) (== netcoreapp2.2)) (&& (== net462) (== netcoreapp3.1)) (&& (== net462) (== netstandard2.0)) (&& (== net462) (< net45) (>= netstandard1.6)) (&& (== net462) (< netstandard1.5) (>= netstandard1.6) (>= uap10.0)) (&& (== netcoreapp2.2) (< netstandard1.2)) (&& (== netcoreapp2.2) (< netstandard1.3)) (&& (== netcoreapp2.2) (< netstandard1.4)) (&& (== netcoreapp2.2) (< netstandard1.5)) (&& (== netcoreapp2.2) (< netstandard1.6)) (&& (== netcoreapp2.2) (< netstandard2.0)) (&& (== netcoreapp3.1) (< netstandard1.2)) (&& (== netcoreapp3.1) (< netstandard1.3)) (&& (== netcoreapp3.1) (< netstandard1.4)) (&& (== netcoreapp3.1) (< netstandard1.5)) (&& (== netcoreapp3.1) (< netstandard1.6)) (&& (== netcoreapp3.1) (< netstandard2.0)) (== netstandard1.6)
      System.Collections (>= 4.3) - restriction: || (&& (== net45) (>= netstandard1.6)) (&& (== net452) (>= netstandard1.6)) (&& (== net46) (>= netstandard1.6)) (&& (== net462) (>= netstandard1.6)) (&& (== netcoreapp2.2) (< netstandard2.0)) (&& (== netcoreapp3.1) (< netstandard2.0)) (== netstandard1.6)
      System.IO (>= 4.3) - restriction: || (&& (== net45) (>= netstandard1.6)) (&& (== net452) (>= netstandard1.6)) (&& (== net46) (>= netstandard1.6)) (&& (== net462) (>= netstandard1.6)) (&& (== netcoreapp2.2) (< netstandard2.0)) (&& (== netcoreapp3.1) (< netstandard2.0)) (== netstandard1.6)
      System.Resources.ResourceManager (>= 4.3) - restriction: || (&& (== net45) (>= netstandard1.6)) (&& (== net452) (>= netstandard1.6)) (&& (== net46) (>= netstandard1.6)) (&& (== net462) (>= netstandard1.6)) (&& (== netcoreapp2.2) (< netstandard2.0)) (&& (== netcoreapp3.1) (< netstandard2.0)) (== netstandard1.6)
      System.Runtime (>= 4.3) - restriction: || (&& (== net45) (>= netstandard1.6)) (&& (== net452) (>= netstandard1.6)) (&& (== net46) (>= netstandard1.6)) (&& (== net462) (>= netstandard1.6)) (&& (== netcoreapp2.2) (< netstandard2.0)) (&& (== netcoreapp3.1) (< netstandard2.0)) (== netstandard1.6)
      System.Runtime.Extensions (>= 4.3) - restriction: || (&& (== net45) (>= netstandard1.6)) (&& (== net452) (>= netstandard1.6)) (&& (== net46) (>= netstandard1.6)) (&& (== net462) (>= netstandard1.6)) (&& (== netcoreapp2.2) (< netstandard2.0)) (&& (== netcoreapp3.1) (< netstandard2.0)) (== netstandard1.6)
      System.Runtime.Handles (>= 4.3) - restriction: || (&& (== net45) (>= netstandard1.6)) (&& (== net452) (>= netstandard1.6)) (&& (== net46) (>= netstandard1.6)) (&& (== net462) (>= netstandard1.6)) (&& (== netcoreapp2.2) (< netstandard2.0)) (&& (== netcoreapp3.1) (< netstandard2.0)) (== netstandard1.6)
      System.Runtime.InteropServices (>= 4.3) - restriction: || (&& (== net45) (>= netstandard1.6)) (&& (== net452) (>= netstandard1.6)) (&& (== net46) (>= netstandard1.6)) (&& (== net462) (>= netstandard1.6)) (&& (== netcoreapp2.2) (< netstandard2.0)) (&& (== netcoreapp3.1) (< netstandard2.0)) (== netstandard1.6)
      System.Runtime.Numerics (>= 4.3) - restriction: || (&& (== net45) (>= netstandard1.6)) (&& (== net452) (>= netstandard1.6)) (&& (== net46) (>= netstandard1.6)) (&& (== net462) (>= netstandard1.6)) (&& (== netcoreapp2.2) (< netstandard2.0)) (&& (== netcoreapp3.1) (< netstandard2.0)) (== netstandard1.6)
      System.Security.Cryptography.Algorithms (>= 4.3) - restriction: || (&& (== net45) (>= netstandard1.6)) (&& (== net452) (>= netstandard1.6)) (&& (== net46) (>= netstandard1.6)) (&& (== net462) (>= netstandard1.6)) (&& (== netcoreapp2.2) (< netstandard2.0)) (&& (== netcoreapp3.1) (< netstandard2.0)) (== netstandard1.6)
      System.Security.Cryptography.Encoding (>= 4.3) - restriction: || (&& (== net45) (>= netstandard1.6)) (&& (== net452) (>= netstandard1.6)) (&& (== net46) (>= netstandard1.6)) (&& (== net462) (>= netstandard1.6)) (&& (== netcoreapp2.2) (< netstandard2.0)) (&& (== netcoreapp3.1) (< netstandard2.0)) (== netstandard1.6)
      System.Security.Cryptography.Primitives (>= 4.3) - restriction: || (&& (== net45) (>= netstandard1.6)) (&& (== net452) (>= netstandard1.6)) (&& (== net46) (>= netstandard1.6)) (&& (== net462) (>= netstandard1.6)) (&& (== netcoreapp2.2) (< netstandard2.0)) (&& (== netcoreapp3.1) (< netstandard2.0)) (== netstandard1.6)
      System.Text.Encoding (>= 4.3) - restriction: || (&& (== net45) (>= netstandard1.6)) (&& (== net452) (>= netstandard1.6)) (&& (== net46) (>= netstandard1.6)) (&& (== net462) (>= netstandard1.6)) (&& (== netcoreapp2.2) (< netstandard2.0)) (&& (== netcoreapp3.1) (< netstandard2.0)) (== netstandard1.6)
    System.Security.Cryptography.Primitives (4.3) - restriction: || (&& (== net45) (== net462) (>= netstandard1.6) (>= uap10.0)) (&& (== net45) (== netcoreapp2.2)) (&& (== net45) (== netcoreapp3.1)) (&& (== net452) (== netcoreapp2.2)) (&& (== net452) (== netcoreapp3.1)) (&& (== net452) (== netstandard2.0)) (&& (== net452) (< net45) (>= netstandard1.6)) (&& (== net452) (>= netstandard1.6) (>= uap10.0)) (&& (== net46) (== netcoreapp2.2)) (&& (== net46) (== netcoreapp3.1)) (&& (== net46) (== netstandard2.0)) (&& (== net46) (< net45) (>= netstandard1.6)) (&& (== net46) (>= netstandard1.6) (>= uap10.0)) (&& (== net462) (== netcoreapp2.2)) (&& (== net462) (== netcoreapp3.1)) (&& (== net462) (== netstandard2.0)) (&& (== net462) (< net45) (>= netstandard1.6)) (&& (== net462) (< netstandard1.5) (>= netstandard1.6) (>= uap10.0)) (&& (== netcoreapp2.2) (< netstandard1.4)) (&& (== netcoreapp2.2) (< netstandard1.5)) (&& (== netcoreapp2.2) (< netstandard1.6)) (&& (== netcoreapp2.2) (< netstandard2.0)) (&& (== netcoreapp3.1) (< netstandard1.4)) (&& (== netcoreapp3.1) (< netstandard1.5)) (&& (== netcoreapp3.1) (< netstandard1.6)) (&& (== netcoreapp3.1) (< netstandard2.0)) (== netstandard1.6)
      System.Diagnostics.Debug (>= 4.3) - restriction: || (&& (== net45) (>= netstandard1.3)) (&& (== net452) (>= netstandard1.3)) (&& (== net462) (< net46)) (== netcoreapp2.2) (== netcoreapp3.1) (== netstandard1.6) (== netstandard2.0)
      System.Globalization (>= 4.3) - restriction: || (&& (== net45) (>= netstandard1.3)) (&& (== net452) (>= netstandard1.3)) (&& (== net462) (< net46)) (== netcoreapp2.2) (== netcoreapp3.1) (== netstandard1.6) (== netstandard2.0)
      System.IO (>= 4.3) - restriction: || (&& (== net45) (>= netstandard1.3)) (&& (== net452) (>= netstandard1.3)) (&& (== net462) (< net46)) (== netcoreapp2.2) (== netcoreapp3.1) (== netstandard1.6) (== netstandard2.0)
      System.Resources.ResourceManager (>= 4.3) - restriction: || (&& (== net45) (>= netstandard1.3)) (&& (== net452) (>= netstandard1.3)) (&& (== net462) (< net46)) (== netcoreapp2.2) (== netcoreapp3.1) (== netstandard1.6) (== netstandard2.0)
      System.Runtime (>= 4.3) - restriction: || (&& (== net45) (>= netstandard1.3)) (&& (== net452) (>= netstandard1.3)) (&& (== net462) (< net46)) (== netcoreapp2.2) (== netcoreapp3.1) (== netstandard1.6) (== netstandard2.0)
      System.Threading (>= 4.3) - restriction: || (&& (== net45) (>= netstandard1.3)) (&& (== net452) (>= netstandard1.3)) (&& (== net462) (< net46)) (== netcoreapp2.2) (== netcoreapp3.1) (== netstandard1.6) (== netstandard2.0)
      System.Threading.Tasks (>= 4.3) - restriction: || (&& (== net45) (>= netstandard1.3)) (&& (== net452) (>= netstandard1.3)) (&& (== net462) (< net46)) (== netcoreapp2.2) (== netcoreapp3.1) (== netstandard1.6) (== netstandard2.0)
    System.Security.Cryptography.X509Certificates (4.3.2) - restriction: || (&& (== net45) (== net462) (>= netstandard1.6) (>= uap10.0)) (&& (== net45) (== netcoreapp2.2)) (&& (== net45) (== netcoreapp3.1)) (&& (== net452) (== netcoreapp2.2)) (&& (== net452) (== netcoreapp3.1)) (&& (== net452) (== netstandard2.0)) (&& (== net452) (< net45) (>= netstandard1.6)) (&& (== net452) (>= netstandard1.6) (>= uap10.0)) (&& (== net46) (== netcoreapp2.2)) (&& (== net46) (== netcoreapp3.1)) (&& (== net46) (== netstandard2.0)) (&& (== net46) (< net45) (>= netstandard1.6)) (&& (== net46) (>= netstandard1.6) (>= uap10.0)) (&& (== net462) (== netcoreapp2.2)) (&& (== net462) (== netcoreapp3.1)) (&& (== net462) (== netstandard2.0)) (&& (== net462) (< net45) (>= netstandard1.6)) (&& (== net462) (< netstandard1.5) (>= netstandard1.6) (>= uap10.0)) (&& (== netcoreapp2.2) (< netstandard1.4)) (&& (== netcoreapp2.2) (< netstandard1.5)) (&& (== netcoreapp2.2) (< netstandard1.6)) (&& (== netcoreapp2.2) (< netstandard2.0)) (&& (== netcoreapp3.1) (< netstandard1.4)) (&& (== netcoreapp3.1) (< netstandard1.5)) (&& (== netcoreapp3.1) (< netstandard1.6)) (&& (== netcoreapp3.1) (< netstandard2.0)) (== netstandard1.6)
      Microsoft.NETCore.Platforms (>= 1.1) - restriction: || (&& (== net45) (>= netstandard1.6)) (&& (== net452) (>= netstandard1.6)) (&& (== net462) (< net46) (>= netstandard1.6)) (== netcoreapp2.2) (== netcoreapp3.1) (== netstandard1.6) (== netstandard2.0)
      runtime.native.System (>= 4.3) - restriction: || (&& (== net45) (>= netstandard1.6)) (&& (== net452) (>= netstandard1.6)) (&& (== net462) (< net46) (>= netstandard1.6)) (== netcoreapp2.2) (== netcoreapp3.1) (== netstandard1.6) (== netstandard2.0)
      runtime.native.System.Net.Http (>= 4.3) - restriction: || (&& (== net45) (>= netstandard1.6)) (&& (== net452) (>= netstandard1.6)) (&& (== net462) (< net46) (>= netstandard1.6)) (== netcoreapp2.2) (== netcoreapp3.1) (== netstandard1.6) (== netstandard2.0)
      runtime.native.System.Security.Cryptography.OpenSsl (>= 4.3.2) - restriction: || (&& (== net45) (>= netstandard1.6)) (&& (== net452) (>= netstandard1.6)) (&& (== net462) (< net46) (>= netstandard1.6)) (== netcoreapp2.2) (== netcoreapp3.1) (== netstandard1.6) (== netstandard2.0)
      System.Collections (>= 4.3) - restriction: || (&& (== net45) (>= netstandard1.6)) (&& (== net452) (>= netstandard1.6)) (&& (== net462) (< net46) (>= netstandard1.6)) (== netcoreapp2.2) (== netcoreapp3.1) (== netstandard1.6) (== netstandard2.0)
      System.Diagnostics.Debug (>= 4.3) - restriction: || (&& (== net45) (>= netstandard1.6)) (&& (== net452) (>= netstandard1.6)) (&& (== net462) (< net46) (>= netstandard1.6)) (== netcoreapp2.2) (== netcoreapp3.1) (== netstandard1.6) (== netstandard2.0)
      System.Globalization (>= 4.3) - restriction: || (&& (== net45) (>= netstandard1.6)) (&& (== net452) (>= netstandard1.6)) (&& (== net462) (< net46) (>= netstandard1.6)) (== netcoreapp2.2) (== netcoreapp3.1) (== netstandard1.6) (== netstandard2.0)
      System.Globalization.Calendars (>= 4.3) - restriction: || (&& (== net45) (>= netstandard1.6)) (&& (== net452) (>= netstandard1.6)) (&& (== net462) (< net46) (>= netstandard1.6)) (== netcoreapp2.2) (== netcoreapp3.1) (== netstandard1.6) (== netstandard2.0)
      System.IO (>= 4.3) - restriction: || (&& (== net45) (>= netstandard1.6)) (&& (== net452) (>= netstandard1.6)) (&& (== net462) (< net46) (>= netstandard1.6)) (== netcoreapp2.2) (== netcoreapp3.1) (== netstandard1.6) (== netstandard2.0)
      System.IO.FileSystem (>= 4.3) - restriction: || (&& (== net45) (>= netstandard1.6)) (&& (== net452) (>= netstandard1.6)) (&& (== net462) (< net46) (>= netstandard1.6)) (== netcoreapp2.2) (== netcoreapp3.1) (== netstandard1.6) (== netstandard2.0)
      System.IO.FileSystem.Primitives (>= 4.3) - restriction: || (&& (== net45) (>= netstandard1.6)) (&& (== net452) (>= netstandard1.6)) (&& (== net462) (< net46) (>= netstandard1.6)) (== netcoreapp2.2) (== netcoreapp3.1) (== netstandard1.6) (== netstandard2.0)
      System.Resources.ResourceManager (>= 4.3) - restriction: || (&& (== net45) (>= netstandard1.6)) (&& (== net452) (>= netstandard1.6)) (&& (== net462) (< net46) (>= netstandard1.6)) (== netcoreapp2.2) (== netcoreapp3.1) (== netstandard1.6) (== netstandard2.0)
      System.Runtime (>= 4.3) - restriction: || (&& (== net45) (>= netstandard1.3)) (&& (== net45) (>= netstandard1.4)) (&& (== net45) (>= netstandard1.6)) (&& (== net452) (>= netstandard1.3)) (&& (== net452) (>= netstandard1.4)) (&& (== net452) (>= netstandard1.6)) (&& (== net462) (< net46)) (== netcoreapp2.2) (== netcoreapp3.1) (== netstandard1.6) (== netstandard2.0)
      System.Runtime.Extensions (>= 4.3) - restriction: || (&& (== net45) (>= netstandard1.6)) (&& (== net452) (>= netstandard1.6)) (&& (== net462) (< net46) (>= netstandard1.6)) (== netcoreapp2.2) (== netcoreapp3.1) (== netstandard1.6) (== netstandard2.0)
      System.Runtime.Handles (>= 4.3) - restriction: || (&& (== net45) (>= netstandard1.3)) (&& (== net45) (>= netstandard1.4)) (&& (== net45) (>= netstandard1.6)) (&& (== net452) (>= netstandard1.3)) (&& (== net452) (>= netstandard1.4)) (&& (== net452) (>= netstandard1.6)) (&& (== net462) (< net46)) (== netcoreapp2.2) (== netcoreapp3.1) (== netstandard1.6) (== netstandard2.0)
      System.Runtime.InteropServices (>= 4.3) - restriction: || (&& (== net45) (>= netstandard1.6)) (&& (== net452) (>= netstandard1.6)) (&& (== net462) (< net46) (>= netstandard1.6)) (== netcoreapp2.2) (== netcoreapp3.1) (== netstandard1.6) (== netstandard2.0)
      System.Runtime.Numerics (>= 4.3) - restriction: || (&& (== net45) (>= netstandard1.6)) (&& (== net452) (>= netstandard1.6)) (&& (== net462) (< net46) (>= netstandard1.6)) (== netcoreapp2.2) (== netcoreapp3.1) (== netstandard1.6) (== netstandard2.0)
      System.Security.Cryptography.Algorithms (>= 4.3) - restriction: || (&& (== net45) (>= net46)) (&& (== net45) (>= net461)) (&& (== net45) (>= netstandard1.3)) (&& (== net45) (>= netstandard1.4)) (&& (== net45) (>= netstandard1.6)) (&& (== net452) (>= net46)) (&& (== net452) (>= net461)) (&& (== net452) (>= netstandard1.3)) (&& (== net452) (>= netstandard1.4)) (&& (== net452) (>= netstandard1.6)) (== net46) (== net462) (== netcoreapp2.2) (== netcoreapp3.1) (== netstandard1.6) (== netstandard2.0)
      System.Security.Cryptography.Cng (>= 4.3) - restriction: || (&& (== net45) (>= netstandard1.6)) (&& (== net452) (>= netstandard1.6)) (&& (== net462) (< net46) (>= netstandard1.6)) (== netcoreapp2.2) (== netcoreapp3.1) (== netstandard1.6) (== netstandard2.0)
      System.Security.Cryptography.Csp (>= 4.3) - restriction: || (&& (== net45) (>= netstandard1.6)) (&& (== net452) (>= netstandard1.6)) (&& (== net462) (< net46) (>= netstandard1.6)) (== netcoreapp2.2) (== netcoreapp3.1) (== netstandard1.6) (== netstandard2.0)
      System.Security.Cryptography.Encoding (>= 4.3) - restriction: || (&& (== net45) (>= net46)) (&& (== net45) (>= net461)) (&& (== net45) (>= netstandard1.3)) (&& (== net45) (>= netstandard1.4)) (&& (== net45) (>= netstandard1.6)) (&& (== net452) (>= net46)) (&& (== net452) (>= net461)) (&& (== net452) (>= netstandard1.3)) (&& (== net452) (>= netstandard1.4)) (&& (== net452) (>= netstandard1.6)) (== net46) (== net462) (== netcoreapp2.2) (== netcoreapp3.1) (== netstandard1.6) (== netstandard2.0)
      System.Security.Cryptography.OpenSsl (>= 4.3) - restriction: || (&& (== net45) (>= netstandard1.6)) (&& (== net452) (>= netstandard1.6)) (&& (== net462) (< net46) (>= netstandard1.6)) (== netcoreapp2.2) (== netcoreapp3.1) (== netstandard1.6) (== netstandard2.0)
      System.Security.Cryptography.Primitives (>= 4.3) - restriction: || (&& (== net45) (>= netstandard1.6)) (&& (== net452) (>= netstandard1.6)) (&& (== net462) (< net46) (>= netstandard1.6)) (== netcoreapp2.2) (== netcoreapp3.1) (== netstandard1.6) (== netstandard2.0)
      System.Text.Encoding (>= 4.3) - restriction: || (&& (== net45) (>= netstandard1.6)) (&& (== net452) (>= netstandard1.6)) (&& (== net462) (< net46) (>= netstandard1.6)) (== netcoreapp2.2) (== netcoreapp3.1) (== netstandard1.6) (== netstandard2.0)
      System.Threading (>= 4.3) - restriction: || (&& (== net45) (>= netstandard1.6)) (&& (== net452) (>= netstandard1.6)) (&& (== net462) (< net46) (>= netstandard1.6)) (== netcoreapp2.2) (== netcoreapp3.1) (== netstandard1.6) (== netstandard2.0)
    System.Security.Principal.Windows (4.5.1) - restriction: || (&& (== net45) (>= netcoreapp2.0)) (&& (== net45) (>= netstandard2.0)) (&& (== net45) (>= xamarinios)) (&& (== net45) (>= xamarinmac)) (&& (== net452) (>= netcoreapp2.0)) (&& (== net452) (>= netstandard2.0)) (&& (== net452) (>= xamarinios)) (&& (== net452) (>= xamarinmac)) (&& (== net46) (>= monoandroid) (>= netstandard2.0)) (&& (== net46) (>= monotouch) (>= netstandard2.0)) (&& (== net46) (>= net461) (>= netstandard2.0)) (&& (== net46) (>= netcoreapp2.0)) (&& (== net46) (>= netstandard2.0) (>= xamarintvos)) (&& (== net46) (>= netstandard2.0) (>= xamarinwatchos)) (&& (== net46) (>= xamarinios)) (&& (== net46) (>= xamarinmac)) (&& (== net462) (>= netcoreapp2.0)) (&& (== net462) (>= netstandard2.0)) (&& (== net462) (>= xamarinios)) (&& (== net462) (>= xamarinmac)) (== netcoreapp2.2) (== netcoreapp3.1) (&& (== netstandard1.6) (>= netcoreapp2.0)) (&& (== netstandard1.6) (>= netstandard2.0)) (&& (== netstandard1.6) (>= xamarinios)) (&& (== netstandard1.6) (>= xamarinmac)) (== netstandard2.0)
      Microsoft.NETCore.Platforms (>= 2.0) - restriction: || (&& (== net45) (>= netcoreapp2.0)) (&& (== net452) (>= netcoreapp2.0)) (&& (== net46) (>= netcoreapp2.0)) (&& (== net462) (>= netcoreapp2.0)) (== netcoreapp2.2) (== netcoreapp3.1) (&& (== netstandard1.6) (>= netcoreapp2.0)) (&& (== netstandard2.0) (>= netcoreapp2.0))
    System.Text.Encoding (4.3) - restriction: || (&& (== net45) (== net462) (>= netstandard1.6) (>= uap10.0)) (&& (== net45) (== netcoreapp2.2)) (&& (== net45) (== netcoreapp3.1)) (&& (== net452) (== netcoreapp2.2)) (&& (== net452) (== netcoreapp3.1)) (&& (== net452) (== netstandard2.0)) (&& (== net452) (< net45) (>= netstandard1.6)) (&& (== net452) (>= netstandard1.6) (< portable-net45+win8+wpa81)) (&& (== net452) (>= netstandard1.6) (>= uap10.0)) (&& (== net46) (== netcoreapp2.2)) (&& (== net46) (== netcoreapp3.1)) (&& (== net46) (== netstandard2.0)) (&& (== net46) (< net45) (>= netstandard1.6)) (&& (== net46) (>= netstandard1.6) (< portable-net45+win8+wpa81)) (&& (== net46) (>= netstandard1.6) (>= uap10.0)) (&& (== net462) (== netcoreapp2.2)) (&& (== net462) (== netcoreapp3.1)) (&& (== net462) (== netstandard2.0)) (&& (== net462) (< net45) (>= netstandard1.6)) (&& (== net462) (< netstandard1.5) (>= netstandard1.6) (>= uap10.0)) (&& (== net462) (>= netstandard1.6) (< portable-net45+win8+wpa81)) (&& (== netcoreapp2.2) (< netstandard1.2)) (&& (== netcoreapp2.2) (< netstandard1.3)) (&& (== netcoreapp2.2) (< netstandard1.4)) (&& (== netcoreapp2.2) (< netstandard1.5)) (&& (== netcoreapp2.2) (< netstandard1.6)) (&& (== netcoreapp2.2) (< netstandard2.0)) (&& (== netcoreapp2.2) (< portable-net45+win8+wpa81)) (&& (== netcoreapp3.1) (< netstandard1.2)) (&& (== netcoreapp3.1) (< netstandard1.3)) (&& (== netcoreapp3.1) (< netstandard1.4)) (&& (== netcoreapp3.1) (< netstandard1.5)) (&& (== netcoreapp3.1) (< netstandard1.6)) (&& (== netcoreapp3.1) (< netstandard2.0)) (&& (== netcoreapp3.1) (< portable-net45+win8+wpa81)) (== netstandard1.6)
      Microsoft.NETCore.Platforms (>= 1.1) - restriction: || (&& (== net452) (< net45)) (&& (== net46) (< net45)) (&& (== net462) (< net45)) (== netcoreapp2.2) (== netcoreapp3.1) (== netstandard1.6) (== netstandard2.0)
      Microsoft.NETCore.Targets (>= 1.1) - restriction: || (&& (== net452) (< net45)) (&& (== net46) (< net45)) (&& (== net462) (< net45)) (== netcoreapp2.2) (== netcoreapp3.1) (== netstandard1.6) (== netstandard2.0)
      System.Runtime (>= 4.3) - restriction: || (&& (== net452) (< net45)) (&& (== net46) (< net45)) (&& (== net462) (< net45)) (== netcoreapp2.2) (== netcoreapp3.1) (== netstandard1.6) (== netstandard2.0)
    System.Text.Encoding.CodePages (4.5.1) - restriction: || (&& (== net45) (>= netstandard2.0)) (&& (== net452) (>= netstandard2.0)) (&& (== net46) (>= netstandard2.0)) (&& (== net462) (>= netstandard2.0)) (== netcoreapp2.2) (== netcoreapp3.1) (&& (== netstandard1.6) (>= netstandard2.0)) (== netstandard2.0)
      Microsoft.NETCore.Platforms (>= 2.1.2) - restriction: || (&& (== net45) (>= netcoreapp2.0)) (&& (== net452) (>= netcoreapp2.0)) (&& (== net46) (>= netcoreapp2.0)) (&& (== net462) (>= netcoreapp2.0)) (== netcoreapp2.2) (== netcoreapp3.1) (&& (== netstandard1.6) (>= netcoreapp2.0)) (&& (== netstandard2.0) (>= netcoreapp2.0))
      System.Runtime.CompilerServices.Unsafe (>= 4.5.2) - restriction: || (&& (== net45) (>= net461)) (&& (== net45) (>= netcoreapp2.0)) (&& (== net45) (>= netstandard2.0)) (&& (== net452) (>= net461)) (&& (== net452) (>= netcoreapp2.0)) (&& (== net452) (>= netstandard2.0)) (&& (== net46) (>= net461)) (&& (== net46) (>= netcoreapp2.0)) (== net462) (== netcoreapp2.2) (== netcoreapp3.1) (&& (== netstandard1.6) (>= net461)) (&& (== netstandard1.6) (>= netcoreapp2.0)) (&& (== netstandard1.6) (>= netstandard2.0)) (== netstandard2.0)
    System.Text.Encoding.Extensions (4.3) - restriction: || (&& (== net45) (== net462) (>= netstandard1.6) (>= uap10.0)) (&& (== net45) (== netcoreapp2.2)) (&& (== net45) (== netcoreapp3.1)) (&& (== net452) (== netcoreapp2.2)) (&& (== net452) (== netcoreapp3.1)) (&& (== net452) (== netstandard2.0)) (&& (== net452) (< net45) (>= netstandard1.6)) (&& (== net452) (>= netstandard1.6) (< portable-net45+win8+wpa81)) (&& (== net452) (>= netstandard1.6) (>= uap10.0)) (&& (== net46) (== netcoreapp2.2)) (&& (== net46) (== netcoreapp3.1)) (&& (== net46) (== netstandard2.0)) (&& (== net46) (< net45) (>= netstandard1.6)) (&& (== net46) (>= netstandard1.6) (< portable-net45+win8+wpa81)) (&& (== net46) (>= netstandard1.6) (>= uap10.0)) (&& (== net462) (== netcoreapp2.2)) (&& (== net462) (== netcoreapp3.1)) (&& (== net462) (== netstandard2.0)) (&& (== net462) (< net45) (>= netstandard1.6)) (&& (== net462) (< netstandard1.5) (>= netstandard1.6) (>= uap10.0)) (&& (== net462) (>= netstandard1.6) (< portable-net45+win8+wpa81)) (&& (== netcoreapp2.2) (< netstandard1.2)) (&& (== netcoreapp2.2) (< netstandard1.3)) (&& (== netcoreapp2.2) (< netstandard1.4)) (&& (== netcoreapp2.2) (< netstandard1.5)) (&& (== netcoreapp2.2) (< netstandard1.6)) (&& (== netcoreapp2.2) (< netstandard2.0)) (&& (== netcoreapp2.2) (< portable-net45+win8+wpa81)) (&& (== netcoreapp3.1) (< netstandard1.2)) (&& (== netcoreapp3.1) (< netstandard1.3)) (&& (== netcoreapp3.1) (< netstandard1.4)) (&& (== netcoreapp3.1) (< netstandard1.5)) (&& (== netcoreapp3.1) (< netstandard1.6)) (&& (== netcoreapp3.1) (< netstandard2.0)) (&& (== netcoreapp3.1) (< portable-net45+win8+wpa81)) (== netstandard1.6)
      Microsoft.NETCore.Platforms (>= 1.1) - restriction: || (&& (== net452) (< net45)) (&& (== net46) (< net45)) (&& (== net462) (< net45)) (== netcoreapp2.2) (== netcoreapp3.1) (== netstandard1.6) (== netstandard2.0)
      Microsoft.NETCore.Targets (>= 1.1) - restriction: || (&& (== net452) (< net45)) (&& (== net46) (< net45)) (&& (== net462) (< net45)) (== netcoreapp2.2) (== netcoreapp3.1) (== netstandard1.6) (== netstandard2.0)
      System.Runtime (>= 4.3) - restriction: || (&& (== net452) (< net45)) (&& (== net46) (< net45)) (&& (== net462) (< net45)) (== netcoreapp2.2) (== netcoreapp3.1) (== netstandard1.6) (== netstandard2.0)
      System.Text.Encoding (>= 4.3) - restriction: || (&& (== net452) (< net45)) (&& (== net46) (< net45)) (&& (== net462) (< net45)) (== netcoreapp2.2) (== netcoreapp3.1) (== netstandard1.6) (== netstandard2.0)
    System.Text.RegularExpressions (4.3.1) - restriction: || (&& (== net45) (== net462) (>= netstandard1.6) (>= uap10.0)) (&& (== net45) (== netcoreapp2.2)) (&& (== net45) (== netcoreapp3.1)) (&& (== net452) (== netcoreapp2.2)) (&& (== net452) (== netcoreapp3.1)) (&& (== net452) (== netstandard2.0)) (&& (== net452) (< net45) (>= netstandard1.6)) (&& (== net452) (>= netstandard1.6) (< portable-net45+win8+wpa81)) (&& (== net452) (>= netstandard1.6) (>= uap10.0)) (&& (== net46) (== netcoreapp2.2)) (&& (== net46) (== netcoreapp3.1)) (&& (== net46) (== netstandard2.0)) (&& (== net46) (< net45) (>= netstandard1.6)) (&& (== net46) (>= netstandard1.6) (< portable-net45+win8+wpa81)) (&& (== net46) (>= netstandard1.6) (>= uap10.0)) (&& (== net462) (== netcoreapp2.2)) (&& (== net462) (== netcoreapp3.1)) (&& (== net462) (== netstandard2.0)) (&& (== net462) (< net45) (>= netstandard1.6)) (&& (== net462) (< netstandard1.5) (>= netstandard1.6) (>= uap10.0)) (&& (== net462) (>= netstandard1.6) (< portable-net45+win8+wpa81)) (&& (== netcoreapp2.2) (< netstandard1.2)) (&& (== netcoreapp2.2) (< netstandard1.3)) (&& (== netcoreapp2.2) (< netstandard1.4)) (&& (== netcoreapp2.2) (< netstandard1.5)) (&& (== netcoreapp2.2) (< netstandard1.6)) (&& (== netcoreapp2.2) (< netstandard2.0)) (&& (== netcoreapp2.2) (< portable-net45+win8+wpa81)) (&& (== netcoreapp3.1) (< netstandard1.2)) (&& (== netcoreapp3.1) (< netstandard1.3)) (&& (== netcoreapp3.1) (< netstandard1.4)) (&& (== netcoreapp3.1) (< netstandard1.5)) (&& (== netcoreapp3.1) (< netstandard1.6)) (&& (== netcoreapp3.1) (< netstandard2.0)) (&& (== netcoreapp3.1) (< portable-net45+win8+wpa81)) (== netstandard1.6)
      System.Collections (>= 4.3) - restriction: || (&& (== net452) (< net45) (>= netstandard1.6)) (&& (== net46) (< net45) (>= netstandard1.6)) (&& (== net462) (< net45) (>= netstandard1.6)) (&& (== netcoreapp2.2) (< netcoreapp1.1)) (&& (== netcoreapp3.1) (< netcoreapp1.1)) (== netstandard1.6) (== netstandard2.0)
      System.Globalization (>= 4.3) - restriction: || (&& (== net452) (< net45) (>= netstandard1.6)) (&& (== net46) (< net45) (>= netstandard1.6)) (&& (== net462) (< net45) (>= netstandard1.6)) (&& (== netcoreapp2.2) (< netcoreapp1.1)) (&& (== netcoreapp3.1) (< netcoreapp1.1)) (== netstandard1.6) (== netstandard2.0)
      System.Resources.ResourceManager (>= 4.3) - restriction: || (&& (== net452) (< net45) (>= netstandard1.6)) (&& (== net46) (< net45) (>= netstandard1.6)) (&& (== net462) (< net45) (>= netstandard1.6)) (&& (== netcoreapp2.2) (< netcoreapp1.1)) (&& (== netcoreapp3.1) (< netcoreapp1.1)) (== netstandard1.6) (== netstandard2.0)
      System.Runtime (>= 4.3.1) - restriction: || (&& (== net45) (>= netcoreapp1.1)) (&& (== net452) (< net45)) (&& (== net452) (>= netcoreapp1.1)) (&& (== net46) (< net45)) (&& (== net46) (>= netcoreapp1.1)) (&& (== net462) (< net45)) (&& (== net462) (>= netcoreapp1.1)) (== netcoreapp2.2) (== netcoreapp3.1) (== netstandard1.6) (== netstandard2.0)
      System.Runtime.Extensions (>= 4.3.1) - restriction: || (&& (== net452) (< net45) (>= netstandard1.6)) (&& (== net46) (< net45) (>= netstandard1.6)) (&& (== net462) (< net45) (>= netstandard1.6)) (&& (== netcoreapp2.2) (< netcoreapp1.1)) (&& (== netcoreapp3.1) (< netcoreapp1.1)) (== netstandard1.6) (== netstandard2.0)
      System.Threading (>= 4.3) - restriction: || (&& (== net452) (< net45) (>= netstandard1.6)) (&& (== net46) (< net45) (>= netstandard1.6)) (&& (== net462) (< net45) (>= netstandard1.6)) (&& (== netcoreapp2.2) (< netcoreapp1.1)) (&& (== netcoreapp3.1) (< netcoreapp1.1)) (== netstandard1.6) (== netstandard2.0)
    System.Threading (4.3) - restriction: || (&& (== net45) (== netcoreapp2.2)) (&& (== net45) (== netcoreapp3.1)) (&& (== net452) (== netcoreapp2.2)) (&& (== net452) (== netcoreapp3.1)) (&& (== net452) (== netstandard2.0)) (&& (== net452) (< net45)) (&& (== net46) (== netcoreapp2.2)) (&& (== net46) (== netcoreapp3.1)) (&& (== net46) (== netstandard2.0)) (&& (== net46) (< net45)) (&& (== net462) (== netcoreapp2.2)) (&& (== net462) (== netcoreapp3.1)) (&& (== net462) (== netstandard2.0)) (&& (== net462) (< net45)) (&& (== netcoreapp2.2) (>= monotouch)) (&& (== netcoreapp2.2) (< netstandard1.1)) (&& (== netcoreapp2.2) (< netstandard2.0)) (&& (== netcoreapp2.2) (>= xamarintvos)) (&& (== netcoreapp2.2) (>= xamarinwatchos)) (&& (== netcoreapp3.1) (>= monotouch)) (&& (== netcoreapp3.1) (< netstandard1.1)) (&& (== netcoreapp3.1) (< netstandard2.0)) (&& (== netcoreapp3.1) (>= xamarintvos)) (&& (== netcoreapp3.1) (>= xamarinwatchos)) (== netstandard1.6)
      System.Runtime (>= 4.3) - restriction: || (&& (== net452) (< net45)) (&& (== net46) (< net45)) (&& (== net462) (< net45)) (== netcoreapp2.2) (== netcoreapp3.1) (== netstandard1.6) (== netstandard2.0)
      System.Threading.Tasks (>= 4.3) - restriction: || (&& (== net452) (< net45)) (&& (== net46) (< net45)) (&& (== net462) (< net45)) (== netcoreapp2.2) (== netcoreapp3.1) (== netstandard1.6) (== netstandard2.0)
    System.Threading.Tasks (4.3) - restriction: || (&& (== net45) (== net462) (>= netstandard1.6) (>= uap10.0)) (&& (== net45) (== netcoreapp2.2)) (&& (== net45) (== netcoreapp3.1)) (&& (== net452) (== netcoreapp2.2)) (&& (== net452) (== netcoreapp3.1)) (&& (== net452) (== netstandard2.0)) (&& (== net452) (< net45) (>= netstandard1.6)) (&& (== net452) (>= netstandard1.6) (< portable-net45+win8+wpa81)) (&& (== net452) (>= netstandard1.6) (>= uap10.0)) (&& (== net46) (== netcoreapp2.2)) (&& (== net46) (== netcoreapp3.1)) (&& (== net46) (== netstandard2.0)) (&& (== net46) (< net45) (>= netstandard1.6)) (&& (== net46) (>= netstandard1.6) (< portable-net45+win8+wpa81)) (&& (== net46) (>= netstandard1.6) (>= uap10.0)) (&& (== net462) (== netcoreapp2.2)) (&& (== net462) (== netcoreapp3.1)) (&& (== net462) (== netstandard2.0)) (&& (== net462) (< net45) (>= netstandard1.6)) (&& (== net462) (< netstandard1.5) (>= netstandard1.6) (>= uap10.0)) (&& (== net462) (>= netstandard1.6) (< portable-net45+win8+wpa81)) (&& (== netcoreapp2.2) (< netstandard1.2)) (&& (== netcoreapp2.2) (< netstandard1.3)) (&& (== netcoreapp2.2) (< netstandard1.4)) (&& (== netcoreapp2.2) (< netstandard1.5)) (&& (== netcoreapp2.2) (< netstandard1.6)) (&& (== netcoreapp2.2) (< netstandard2.0)) (&& (== netcoreapp2.2) (< portable-net45+win8+wpa81)) (&& (== netcoreapp3.1) (< netstandard1.2)) (&& (== netcoreapp3.1) (< netstandard1.3)) (&& (== netcoreapp3.1) (< netstandard1.4)) (&& (== netcoreapp3.1) (< netstandard1.5)) (&& (== netcoreapp3.1) (< netstandard1.6)) (&& (== netcoreapp3.1) (< netstandard2.0)) (&& (== netcoreapp3.1) (< portable-net45+win8+wpa81)) (== netstandard1.6)
      Microsoft.NETCore.Platforms (>= 1.1) - restriction: || (&& (== net452) (< net45)) (&& (== net46) (< net45)) (&& (== net462) (< net45)) (== netcoreapp2.2) (== netcoreapp3.1) (== netstandard1.6) (== netstandard2.0)
      Microsoft.NETCore.Targets (>= 1.1) - restriction: || (&& (== net452) (< net45)) (&& (== net46) (< net45)) (&& (== net462) (< net45)) (== netcoreapp2.2) (== netcoreapp3.1) (== netstandard1.6) (== netstandard2.0)
      System.Runtime (>= 4.3) - restriction: || (&& (== net452) (< net45)) (&& (== net46) (< net45)) (&& (== net462) (< net45)) (== netcoreapp2.2) (== netcoreapp3.1) (== netstandard1.6) (== netstandard2.0)
    System.Threading.Tasks.Extensions (4.5.2) - restriction: || (&& (== net45) (== net462) (>= netstandard1.6) (>= uap10.0)) (&& (== net45) (>= netstandard2.0)) (&& (== net452) (< net45) (>= netstandard1.6)) (&& (== net452) (>= netstandard1.6) (< portable-net45+win8+wpa81)) (&& (== net452) (>= netstandard1.6) (>= uap10.0)) (&& (== net452) (>= netstandard2.0)) (&& (== net46) (< net45) (>= netstandard1.6)) (&& (== net46) (>= netstandard1.6) (< portable-net45+win8+wpa81)) (&& (== net46) (>= netstandard1.6) (>= uap10.0)) (&& (== net46) (>= netstandard2.0)) (&& (== net462) (< net45) (>= netstandard1.6)) (&& (== net462) (< netstandard1.5) (>= netstandard1.6) (>= uap10.0)) (&& (== net462) (>= netstandard1.6) (< portable-net45+win8+wpa81)) (&& (== net462) (>= netstandard2.0)) (== netcoreapp2.2) (== netcoreapp3.1) (== netstandard1.6) (== netstandard2.0)
      System.Runtime.CompilerServices.Unsafe (>= 4.5.2) - restriction: || (== net45) (== net452) (== net46) (== net462) (&& (== netcoreapp2.2) (>= net45)) (&& (== netcoreapp2.2) (< netcoreapp2.1)) (&& (== netcoreapp2.2) (< netstandard1.0)) (&& (== netcoreapp2.2) (< netstandard2.0)) (&& (== netcoreapp2.2) (>= wp8)) (&& (== netcoreapp3.1) (>= net45)) (&& (== netcoreapp3.1) (< netcoreapp2.1)) (&& (== netcoreapp3.1) (< netstandard1.0)) (&& (== netcoreapp3.1) (< netstandard2.0)) (&& (== netcoreapp3.1) (>= wp8)) (== netstandard1.6) (== netstandard2.0)
    System.Threading.Timer (4.3) - restriction: || (&& (== net45) (== net462) (>= netstandard1.6) (>= uap10.0)) (&& (== net45) (== netcoreapp2.2)) (&& (== net45) (== netcoreapp3.1)) (&& (== net452) (== netcoreapp2.2)) (&& (== net452) (== netcoreapp3.1)) (&& (== net452) (== netstandard2.0)) (&& (== net452) (< net45) (>= netstandard1.6)) (&& (== net452) (>= netstandard1.6) (>= uap10.0)) (&& (== net46) (== netcoreapp2.2)) (&& (== net46) (== netcoreapp3.1)) (&& (== net46) (== netstandard2.0)) (&& (== net46) (< net45) (>= netstandard1.6)) (&& (== net46) (>= netstandard1.6) (>= uap10.0)) (&& (== net462) (== netcoreapp2.2)) (&& (== net462) (== netcoreapp3.1)) (&& (== net462) (== netstandard2.0)) (&& (== net462) (< net45) (>= netstandard1.6)) (&& (== net462) (< netstandard1.5) (>= netstandard1.6) (>= uap10.0)) (&& (== netcoreapp2.2) (< netstandard1.3)) (&& (== netcoreapp2.2) (< netstandard1.4)) (&& (== netcoreapp2.2) (< netstandard1.5)) (&& (== netcoreapp2.2) (< netstandard1.6)) (&& (== netcoreapp2.2) (< netstandard2.0)) (&& (== netcoreapp3.1) (< netstandard1.3)) (&& (== netcoreapp3.1) (< netstandard1.4)) (&& (== netcoreapp3.1) (< netstandard1.5)) (&& (== netcoreapp3.1) (< netstandard1.6)) (&& (== netcoreapp3.1) (< netstandard2.0)) (== netstandard1.6)
      Microsoft.NETCore.Platforms (>= 1.1) - restriction: || (&& (== net45) (>= netstandard1.2)) (&& (== net452) (< net451)) (&& (== net46) (< net451)) (&& (== net462) (< net451)) (== netcoreapp2.2) (== netcoreapp3.1) (== netstandard1.6) (== netstandard2.0)
      Microsoft.NETCore.Targets (>= 1.1) - restriction: || (&& (== net45) (>= netstandard1.2)) (&& (== net452) (< net451)) (&& (== net46) (< net451)) (&& (== net462) (< net451)) (== netcoreapp2.2) (== netcoreapp3.1) (== netstandard1.6) (== netstandard2.0)
      System.Runtime (>= 4.3) - restriction: || (&& (== net45) (>= netstandard1.2)) (&& (== net452) (< net451)) (&& (== net46) (< net451)) (&& (== net462) (< net451)) (== netcoreapp2.2) (== netcoreapp3.1) (== netstandard1.6) (== netstandard2.0)
    System.ValueTuple (4.5) - restriction: || (&& (== net45) (>= netstandard2.0)) (&& (== net452) (>= netstandard2.0)) (&& (== net46) (>= netstandard2.0)) (&& (== net462) (>= netstandard2.0)) (== netcoreapp2.2) (== netcoreapp3.1) (&& (== netstandard1.6) (>= netstandard2.0)) (== netstandard2.0)
    System.Xml.ReaderWriter (4.3.1) - restriction: || (&& (== net45) (== net462) (>= netstandard1.6) (>= uap10.0)) (&& (== net45) (== netcoreapp2.2)) (&& (== net45) (== netcoreapp3.1)) (&& (== net452) (== netcoreapp2.2)) (&& (== net452) (== netcoreapp3.1)) (&& (== net452) (== netstandard2.0)) (&& (== net452) (< net45) (>= netstandard1.6)) (&& (== net452) (>= netstandard1.6) (< portable-net45+win8+wpa81)) (&& (== net452) (>= netstandard1.6) (>= uap10.0)) (&& (== net46) (== netcoreapp2.2)) (&& (== net46) (== netcoreapp3.1)) (&& (== net46) (== netstandard2.0)) (&& (== net46) (< net45) (>= netstandard1.6)) (&& (== net46) (>= netstandard1.6) (< portable-net45+win8+wpa81)) (&& (== net46) (>= netstandard1.6) (>= uap10.0)) (&& (== net462) (== netcoreapp2.2)) (&& (== net462) (== netcoreapp3.1)) (&& (== net462) (== netstandard2.0)) (&& (== net462) (< net45) (>= netstandard1.6)) (&& (== net462) (< netstandard1.5) (>= netstandard1.6) (>= uap10.0)) (&& (== net462) (>= netstandard1.6) (< portable-net45+win8+wpa81)) (&& (== netcoreapp2.2) (< netstandard1.2)) (&& (== netcoreapp2.2) (< netstandard1.3)) (&& (== netcoreapp2.2) (< netstandard1.4)) (&& (== netcoreapp2.2) (< netstandard1.5)) (&& (== netcoreapp2.2) (< netstandard1.6)) (&& (== netcoreapp2.2) (< netstandard2.0)) (&& (== netcoreapp2.2) (< portable-net45+win8+wpa81)) (&& (== netcoreapp3.1) (< netstandard1.2)) (&& (== netcoreapp3.1) (< netstandard1.3)) (&& (== netcoreapp3.1) (< netstandard1.4)) (&& (== netcoreapp3.1) (< netstandard1.5)) (&& (== netcoreapp3.1) (< netstandard1.6)) (&& (== netcoreapp3.1) (< netstandard2.0)) (&& (== netcoreapp3.1) (< portable-net45+win8+wpa81)) (== netstandard1.6)
      System.Collections (>= 4.3) - restriction: || (&& (== net452) (< net45) (>= netstandard1.3)) (&& (== net46) (< net45)) (&& (== net462) (< net45)) (== netcoreapp2.2) (== netcoreapp3.1) (== netstandard1.6) (== netstandard2.0)
      System.Diagnostics.Debug (>= 4.3) - restriction: || (&& (== net452) (< net45) (>= netstandard1.3)) (&& (== net46) (< net45)) (&& (== net462) (< net45)) (== netcoreapp2.2) (== netcoreapp3.1) (== netstandard1.6) (== netstandard2.0)
      System.Globalization (>= 4.3) - restriction: || (&& (== net452) (< net45) (>= netstandard1.3)) (&& (== net46) (< net45)) (&& (== net462) (< net45)) (== netcoreapp2.2) (== netcoreapp3.1) (== netstandard1.6) (== netstandard2.0)
      System.IO (>= 4.3) - restriction: || (&& (== net452) (< net45)) (&& (== net46) (< net45)) (&& (== net462) (< net45)) (== netcoreapp2.2) (== netcoreapp3.1) (== netstandard1.6) (== netstandard2.0)
      System.IO.FileSystem (>= 4.3) - restriction: || (&& (== net452) (< net45) (>= netstandard1.3)) (&& (== net46) (< net45)) (&& (== net462) (< net45)) (== netcoreapp2.2) (== netcoreapp3.1) (== netstandard1.6) (== netstandard2.0)
      System.IO.FileSystem.Primitives (>= 4.3) - restriction: || (&& (== net452) (< net45) (>= netstandard1.3)) (&& (== net46) (< net45)) (&& (== net462) (< net45)) (== netcoreapp2.2) (== netcoreapp3.1) (== netstandard1.6) (== netstandard2.0)
      System.Resources.ResourceManager (>= 4.3) - restriction: || (&& (== net452) (< net45) (>= netstandard1.3)) (&& (== net46) (< net45)) (&& (== net462) (< net45)) (== netcoreapp2.2) (== netcoreapp3.1) (== netstandard1.6) (== netstandard2.0)
      System.Runtime (>= 4.3) - restriction: || (&& (== net452) (< net45)) (&& (== net46) (< net45)) (&& (== net462) (< net45)) (== netcoreapp2.2) (== netcoreapp3.1) (== netstandard1.6) (== netstandard2.0)
      System.Runtime.Extensions (>= 4.3) - restriction: || (&& (== net452) (< net45) (>= netstandard1.3)) (&& (== net46) (< net45)) (&& (== net462) (< net45)) (== netcoreapp2.2) (== netcoreapp3.1) (== netstandard1.6) (== netstandard2.0)
      System.Runtime.InteropServices (>= 4.3) - restriction: || (&& (== net452) (< net45) (>= netstandard1.3)) (&& (== net46) (< net45)) (&& (== net462) (< net45)) (== netcoreapp2.2) (== netcoreapp3.1) (== netstandard1.6) (== netstandard2.0)
      System.Text.Encoding (>= 4.3) - restriction: || (&& (== net452) (< net45)) (&& (== net46) (< net45)) (&& (== net462) (< net45)) (== netcoreapp2.2) (== netcoreapp3.1) (== netstandard1.6) (== netstandard2.0)
      System.Text.Encoding.Extensions (>= 4.3) - restriction: || (&& (== net452) (< net45) (>= netstandard1.3)) (&& (== net46) (< net45)) (&& (== net462) (< net45)) (== netcoreapp2.2) (== netcoreapp3.1) (== netstandard1.6) (== netstandard2.0)
      System.Text.RegularExpressions (>= 4.3) - restriction: || (&& (== net452) (< net45) (>= netstandard1.3)) (&& (== net46) (< net45)) (&& (== net462) (< net45)) (== netcoreapp2.2) (== netcoreapp3.1) (== netstandard1.6) (== netstandard2.0)
      System.Threading.Tasks (>= 4.3) - restriction: || (&& (== net452) (< net45)) (&& (== net46) (< net45)) (&& (== net462) (< net45)) (== netcoreapp2.2) (== netcoreapp3.1) (== netstandard1.6) (== netstandard2.0)
      System.Threading.Tasks.Extensions (>= 4.3) - restriction: || (&& (== net452) (< net45) (>= netstandard1.3)) (&& (== net46) (< net45)) (&& (== net462) (< net45)) (== netcoreapp2.2) (== netcoreapp3.1) (== netstandard1.6) (== netstandard2.0)
    System.Xml.XDocument (4.3) - restriction: || (&& (== net45) (== net462) (>= netstandard1.6) (>= uap10.0)) (&& (== net45) (== netcoreapp2.2)) (&& (== net45) (== netcoreapp3.1)) (&& (== net452) (== netcoreapp2.2)) (&& (== net452) (== netcoreapp3.1)) (&& (== net452) (== netstandard2.0)) (&& (== net452) (< net45) (>= netstandard1.6)) (&& (== net452) (>= netstandard1.6) (< portable-net45+win8+wpa81)) (&& (== net452) (>= netstandard1.6) (>= uap10.0)) (&& (== net46) (== netcoreapp2.2)) (&& (== net46) (== netcoreapp3.1)) (&& (== net46) (== netstandard2.0)) (&& (== net46) (< net45) (>= netstandard1.6)) (&& (== net46) (>= netstandard1.6) (< portable-net45+win8+wpa81)) (&& (== net46) (>= netstandard1.6) (>= uap10.0)) (&& (== net462) (== netcoreapp2.2)) (&& (== net462) (== netcoreapp3.1)) (&& (== net462) (== netstandard2.0)) (&& (== net462) (< net45) (>= netstandard1.6)) (&& (== net462) (< netstandard1.5) (>= netstandard1.6) (>= uap10.0)) (&& (== net462) (>= netstandard1.6) (< portable-net45+win8+wpa81)) (&& (== netcoreapp2.2) (< netstandard1.2)) (&& (== netcoreapp2.2) (< netstandard1.3)) (&& (== netcoreapp2.2) (< netstandard1.4)) (&& (== netcoreapp2.2) (< netstandard1.5)) (&& (== netcoreapp2.2) (< netstandard1.6)) (&& (== netcoreapp2.2) (< netstandard2.0)) (&& (== netcoreapp2.2) (< portable-net45+win8+wpa81)) (&& (== netcoreapp3.1) (< netstandard1.2)) (&& (== netcoreapp3.1) (< netstandard1.3)) (&& (== netcoreapp3.1) (< netstandard1.4)) (&& (== netcoreapp3.1) (< netstandard1.5)) (&& (== netcoreapp3.1) (< netstandard1.6)) (&& (== netcoreapp3.1) (< netstandard2.0)) (&& (== netcoreapp3.1) (< portable-net45+win8+wpa81)) (== netstandard1.6)
      System.Collections (>= 4.3) - restriction: || (&& (== net452) (< net45) (>= netstandard1.3)) (&& (== net46) (< net45)) (&& (== net462) (< net45)) (== netcoreapp2.2) (== netcoreapp3.1) (== netstandard1.6) (== netstandard2.0)
      System.Diagnostics.Debug (>= 4.3) - restriction: || (&& (== net452) (< net45) (>= netstandard1.3)) (&& (== net46) (< net45)) (&& (== net462) (< net45)) (== netcoreapp2.2) (== netcoreapp3.1) (== netstandard1.6) (== netstandard2.0)
      System.Diagnostics.Tools (>= 4.3) - restriction: || (&& (== net452) (< net45) (>= netstandard1.3)) (&& (== net46) (< net45)) (&& (== net462) (< net45)) (== netcoreapp2.2) (== netcoreapp3.1) (== netstandard1.6) (== netstandard2.0)
      System.Globalization (>= 4.3) - restriction: || (&& (== net452) (< net45) (>= netstandard1.3)) (&& (== net46) (< net45)) (&& (== net462) (< net45)) (== netcoreapp2.2) (== netcoreapp3.1) (== netstandard1.6) (== netstandard2.0)
      System.IO (>= 4.3) - restriction: || (&& (== net452) (< net45)) (&& (== net46) (< net45)) (&& (== net462) (< net45)) (== netcoreapp2.2) (== netcoreapp3.1) (== netstandard1.6) (== netstandard2.0)
      System.Reflection (>= 4.3) - restriction: || (&& (== net452) (< net45) (>= netstandard1.3)) (&& (== net46) (< net45)) (&& (== net462) (< net45)) (== netcoreapp2.2) (== netcoreapp3.1) (== netstandard1.6) (== netstandard2.0)
      System.Resources.ResourceManager (>= 4.3) - restriction: || (&& (== net452) (< net45) (>= netstandard1.3)) (&& (== net46) (< net45)) (&& (== net462) (< net45)) (== netcoreapp2.2) (== netcoreapp3.1) (== netstandard1.6) (== netstandard2.0)
      System.Runtime (>= 4.3) - restriction: || (&& (== net452) (< net45)) (&& (== net46) (< net45)) (&& (== net462) (< net45)) (== netcoreapp2.2) (== netcoreapp3.1) (== netstandard1.6) (== netstandard2.0)
      System.Runtime.Extensions (>= 4.3) - restriction: || (&& (== net452) (< net45) (>= netstandard1.3)) (&& (== net46) (< net45)) (&& (== net462) (< net45)) (== netcoreapp2.2) (== netcoreapp3.1) (== netstandard1.6) (== netstandard2.0)
      System.Text.Encoding (>= 4.3) - restriction: || (&& (== net452) (< net45) (>= netstandard1.3)) (&& (== net46) (< net45)) (&& (== net462) (< net45)) (== netcoreapp2.2) (== netcoreapp3.1) (== netstandard1.6) (== netstandard2.0)
      System.Threading (>= 4.3) - restriction: || (&& (== net452) (< net45) (>= netstandard1.3)) (&& (== net46) (< net45)) (&& (== net462) (< net45)) (== netcoreapp2.2) (== netcoreapp3.1) (== netstandard1.6) (== netstandard2.0)
      System.Xml.ReaderWriter (>= 4.3) - restriction: || (&& (== net452) (< net45)) (&& (== net46) (< net45)) (&& (== net462) (< net45)) (== netcoreapp2.2) (== netcoreapp3.1) (== netstandard1.6) (== netstandard2.0)
    xunit (2.4.1)
      xunit.analyzers (>= 0.10)
      xunit.assert (2.4.1)
      xunit.core (2.4.1)
    xunit.abstractions (2.0.3)
      NETStandard.Library (>= 1.6) - restriction: || (&& (== net45) (< net35)) (&& (== net452) (< net35)) (&& (== net46) (< net35)) (&& (== net462) (< net35)) (&& (== netcoreapp2.2) (< netstandard2.0)) (&& (== netcoreapp3.1) (< netstandard2.0)) (== netstandard1.6)
    xunit.analyzers (0.10)
    xunit.assert (2.4.1)
      NETStandard.Library (>= 1.6.1) - restriction: || (== net45) (&& (== net46) (< net452)) (&& (== net462) (< net452)) (== netcoreapp2.2) (== netcoreapp3.1) (== netstandard1.6) (== netstandard2.0)
    xunit.core (2.4.1)
      xunit.extensibility.core (2.4.1)
      xunit.extensibility.execution (2.4.1)
    xunit.extensibility.core (2.4.1)
      NETStandard.Library (>= 1.6.1) - restriction: || (== net45) (&& (== net46) (< net452)) (&& (== net462) (< net452)) (== netcoreapp2.2) (== netcoreapp3.1) (== netstandard1.6) (== netstandard2.0)
      xunit.abstractions (>= 2.0.3)
    xunit.extensibility.execution (2.4.1)
      NETStandard.Library (>= 1.6.1) - restriction: || (== net45) (&& (== net46) (< net452)) (&& (== net462) (< net452)) (== netcoreapp2.2) (== netcoreapp3.1) (== netstandard1.6) (== netstandard2.0)
      xunit.extensibility.core (2.4.1)
    xunit.runner.visualstudio (2.4.3)
